{
  "aor": 0.0007089240506329113,
  "aqi": 0.02802231898734177,
  "bids_meta": {
    "EchoTime": 0.03,
    "EffectiveEchoSpacing": 0.000370002,
    "FlipAngle": 90,
    "ImageType": [
      "ORIGINAL",
      "PRIMARY",
      "M",
      "ND",
      "NORM",
      "MOS"
    ],
    "MagneticFieldStrength": 3,
    "Manufacturer": "Siemens",
    "ManufacturersModelName": "TrioTim",
    "PhaseEncodingDirection": "j-",
    "PulseSequenceType": "Gradient Echo EPI",
    "RepetitionTime": 2.5,
    "SliceTiming": [
      0,
      1.285,
      0.0625,
      1.35,
      0.1275,
      1.415,
      0.1925,
      1.48,
      0.255,
      1.5425,
      0.32,
      1.6075,
      0.385,
      1.6725,
      0.45,
      1.735,
      0.5125,
      1.8,
      0.5775,
      1.865,
      0.6425,
      1.93,
      0.7075,
      1.9925,
      0.77,
      2.0575,
      0.835,
      2.1225,
      0.9,
      2.1875,
      0.965,
      2.25,
      1.0275,
      2.315,
      1.0925,
      2.38,
      1.1575,
      2.445,
      1.2225
    ],
    "TaskName": "Localizer",
    "modality": "bold",
    "subject_id": "06",
    "task_id": "localizer"
  },
  "dummy_trs": 0,
  "dvars_nstd": 46.213449072825405,
  "dvars_std": 1.0680970990476186,
  "dvars_vstd": 0.9823572608888894,
  "efc": 0.5902936778607397,
  "fber": 600.2228393554688,
  "fd_mean": 0.10941470842312755,
  "fd_num": 17,
  "fd_perc": 5.379746835443038,
  "fwhm_avg": 2.533131666666667,
  "fwhm_x": 2.516755,
  "fwhm_y": 2.99342,
  "fwhm_z": 2.08922,
  "gcor": 0.0148902,
  "gsr_x": -0.0036867447197437286,
  "gsr_y": 0.03173201531171799,
  "provenance": {
    "md5sum": "37f0876ad148d5f31b7d1e6f0608c2c0",
    "settings": {
      "fd_thres": 0.2,
      "hmc_fsl": false
    },
    "software": "mriqc",
    "version": "0.10.0"
  },
  "size_t": 316,
  "size_x": 96,
  "size_y": 96,
  "size_z": 39,
  "snr": 5.383904645205321,
  "spacing_tr": 2.5,
  "spacing_x": 2.0,
  "spacing_y": 2.0,
  "spacing_z": 3.0,
  "summary_bg_k": 72.8889272470291,
  "summary_bg_mad": 9.37886905670166,
  "summary_bg_mean": 27.56641387939453,
  "summary_bg_median": 18.531646728515625,
  "summary_bg_n": 192346.0,
  "summary_bg_p05": 9.531645774841309,
  "summary_bg_p95": 67.60443115234375,
  "summary_bg_stdv": 35.743141174316406,
  "summary_fg_k": 2.9347122102614973,
  "summary_fg_mad": 72.94314575195312,
  "summary_fg_mean": 468.7253723144531,
  "summary_fg_median": 468.81329345703125,
  "summary_fg_n": 103953.0,
  "summary_fg_p05": 335.2993835449219,
  "summary_fg_p95": 599.5038085937499,
  "summary_fg_stdv": 87.07640075683594,
  "tsnr": 29.276016235351562
}