{
  "aor": 0.0007056012658227847,
  "aqi": 0.023058104430379745,
  "bids_meta": {
    "EchoTime": 0.03,
    "EffectiveEchoSpacing": 0.000370002,
    "FlipAngle": 90,
    "ImageType": [
      "ORIGINAL",
      "PRIMARY",
      "M",
      "ND",
      "NORM",
      "MOS"
    ],
    "MagneticFieldStrength": 3,
    "Manufacturer": "Siemens",
    "ManufacturersModelName": "TrioTim",
    "PhaseEncodingDirection": "j-",
    "PulseSequenceType": "Gradient Echo EPI",
    "RepetitionTime": 2.5,
    "SliceTiming": [
      0,
      1.2875,
      0.065,
      1.3525,
      0.13,
      1.4175,
      0.195,
      1.48,
      0.2575,
      1.545,
      0.3225,
      1.61,
      0.3875,
      1.675,
      0.45,
      1.7375,
      0.515,
      1.8025,
      0.58,
      1.8675,
      0.645,
      1.93,
      0.7075,
      1.995,
      0.7725,
      2.06,
      0.8375,
      2.125,
      0.9025,
      2.1875,
      0.965,
      2.2525,
      1.03,
      2.3175,
      1.095,
      2.3825,
      1.16,
      2.445,
      1.2225
    ],
    "TaskName": "Localizer",
    "modality": "bold",
    "subject_id": "13",
    "task_id": "localizer"
  },
  "dummy_trs": 0,
  "dvars_nstd": 54.12530518780955,
  "dvars_std": 1.1182079349841272,
  "dvars_vstd": 1.006806855746032,
  "efc": 0.5854520660640278,
  "fber": 459.8947448730469,
  "fd_mean": 0.14921687781459375,
  "fd_num": 75,
  "fd_perc": 23.734177215189874,
  "fwhm_avg": 2.6269639454226184,
  "fwhm_x": 2.706115,
  "fwhm_y": 3.0407,
  "fwhm_z": 2.1340768362678557,
  "gcor": 0.0139686,
  "gsr_x": 0.0023421861696988344,
  "gsr_y": 0.010122253559529781,
  "provenance": {
    "md5sum": "1466d5bd6423d7b8994f9e2c589019c8",
    "settings": {
      "fd_thres": 0.2,
      "hmc_fsl": false
    },
    "software": "mriqc",
    "version": "0.10.0"
  },
  "size_t": 316,
  "size_x": 96,
  "size_y": 96,
  "size_z": 39,
  "snr": 4.973535175154462,
  "spacing_tr": 2.5,
  "spacing_x": 2.0,
  "spacing_y": 2.0,
  "spacing_z": 2.999999761581421,
  "summary_bg_k": 32.826023313479695,
  "summary_bg_mad": 8.520271301269531,
  "summary_bg_mean": 24.95638656616211,
  "summary_bg_median": 17.84493637084961,
  "summary_bg_n": 195789.0,
  "summary_bg_p05": 9.537975311279297,
  "summary_bg_p95": 57.9208869934082,
  "summary_bg_stdv": 26.960655212402344,
  "summary_fg_k": 2.37563279710181,
  "summary_fg_mad": 71.00537109375,
  "summary_fg_mean": 403.8659362792969,
  "summary_fg_median": 406.35443115234375,
  "summary_fg_n": 99033.0,
  "summary_fg_p05": 272.5063415527344,
  "summary_fg_p95": 520.6861083984375,
  "summary_fg_stdv": 81.70292663574219,
  "tsnr": 27.287364959716797
}