{
  "aor": 0.0006248846153846154,
  "aqi": 0.02434297576923077,
  "bids_meta": {
    "EchoTime": 0.03,
    "EffectiveEchoSpacing": 0.000390006,
    "FlipAngle": 90,
    "ImageType": [
      "ORIGINAL",
      "PRIMARY",
      "M",
      "ND",
      "NORM",
      "MOS"
    ],
    "MagneticFieldStrength": 3,
    "Manufacturer": "Siemens",
    "ManufacturersModelName": "TrioTim",
    "PhaseEncodingDirection": "j-",
    "PulseSequenceType": "Gradient Echo EPI",
    "RepetitionTime": 2.5,
    "SliceTiming": [
      0,
      1.2875,
      0.065,
      1.35,
      0.1275,
      1.415,
      0.1925,
      1.48,
      0.2575,
      1.545,
      0.32,
      1.6075,
      0.385,
      1.6725,
      0.45,
      1.7375,
      0.515,
      1.8,
      0.5775,
      1.865,
      0.6425,
      1.93,
      0.7075,
      1.995,
      0.7725,
      2.0575,
      0.835,
      2.1225,
      0.9,
      2.1875,
      0.965,
      2.2525,
      1.03,
      2.315,
      1.0925,
      2.38,
      1.1575,
      2.445,
      1.2225
    ],
    "TaskName": "Experimental Run 2",
    "modality": "bold",
    "subject_id": "18",
    "task_id": "run2"
  },
  "dummy_trs": 0,
  "dvars_nstd": 38.49889582934367,
  "dvars_std": 1.0198694270270277,
  "dvars_vstd": 0.9645200907335912,
  "efc": 0.5462930436377923,
  "fber": 1021.32177734375,
  "fd_mean": 0.13180123113420147,
  "fd_num": 42,
  "fd_perc": 16.153846153846153,
  "fwhm_avg": 2.6448928396849536,
  "fwhm_x": 2.627935,
  "fwhm_y": 3.1158901857215273,
  "fwhm_z": 2.1908533333333335,
  "gcor": 0.010825,
  "gsr_x": -0.0001767143257893622,
  "gsr_y": 0.027384115383028984,
  "provenance": {
    "md5sum": "6d9a6e438828e5b86ae7db5de52e7cbd",
    "settings": {
      "fd_thres": 0.2,
      "hmc_fsl": false
    },
    "software": "mriqc",
    "version": "0.10.0"
  },
  "size_t": 260,
  "size_x": 96,
  "size_y": 96,
  "size_z": 39,
  "snr": 4.976528704984141,
  "spacing_tr": 2.5,
  "spacing_x": 2.0,
  "spacing_y": 1.9999998807907104,
  "spacing_z": 3.0,
  "summary_bg_k": 70.00538476064042,
  "summary_bg_mad": 7.5384626388549805,
  "summary_bg_mean": 26.88542938232422,
  "summary_bg_median": 16.061538696289062,
  "summary_bg_n": 208347.0,
  "summary_bg_p05": 9.076923370361328,
  "summary_bg_p95": 67.51692428588854,
  "summary_bg_stdv": 42.0529670715332,
  "summary_fg_k": 3.0477749397542135,
  "summary_fg_mad": 89.07015228271484,
  "summary_fg_mean": 535.227783203125,
  "summary_fg_median": 534.7922973632812,
  "summary_fg_n": 89579.0,
  "summary_fg_p05": 369.04921875,
  "summary_fg_p95": 689.999615478515,
  "summary_fg_stdv": 107.46231842041016,
  "tsnr": 31.835906982421875
}