{
  "aor": 0.0004674230769230769,
  "aqi": 0.024975095,
  "bids_meta": {
    "EchoTime": 0.03,
    "EffectiveEchoSpacing": 0.000370002,
    "FlipAngle": 90,
    "ImageType": [
      "ORIGINAL",
      "PRIMARY",
      "M",
      "ND",
      "NORM",
      "MOS"
    ],
    "MagneticFieldStrength": 3,
    "Manufacturer": "Siemens",
    "ManufacturersModelName": "TrioTim",
    "PhaseEncodingDirection": "j-",
    "PulseSequenceType": "Gradient Echo EPI",
    "RepetitionTime": 2.5,
    "SliceTiming": [
      0,
      1.285,
      0.0625,
      1.35,
      0.1275,
      1.415,
      0.1925,
      1.48,
      0.2575,
      1.5425,
      0.32,
      1.6075,
      0.385,
      1.6725,
      0.45,
      1.7375,
      0.515,
      1.8,
      0.5775,
      1.865,
      0.6425,
      1.93,
      0.7075,
      1.995,
      0.7725,
      2.0575,
      0.835,
      2.1225,
      0.9,
      2.1875,
      0.965,
      2.2525,
      1.0275,
      2.315,
      1.0925,
      2.38,
      1.1575,
      2.445,
      1.2225
    ],
    "TaskName": "Experimental Run 4",
    "modality": "bold",
    "subject_id": "06",
    "task_id": "run4"
  },
  "dummy_trs": 0,
  "dvars_nstd": 46.97989508718148,
  "dvars_std": 1.0694518730115827,
  "dvars_vstd": 0.9942408976447867,
  "efc": 0.5904965868856081,
  "fber": 581.0654907226562,
  "fd_mean": 0.1126708515907416,
  "fd_num": 10,
  "fd_perc": 3.8461538461538463,
  "fwhm_avg": 2.525678888888889,
  "fwhm_x": 2.52902,
  "fwhm_y": 2.98605,
  "fwhm_z": 2.0619666666666667,
  "gcor": 0.00880001,
  "gsr_x": -0.0013306813780218363,
  "gsr_y": 0.031600289046764374,
  "provenance": {
    "md5sum": "112214f1eaeaaf7eb718d97f92e6cce0",
    "settings": {
      "fd_thres": 0.2,
      "hmc_fsl": false
    },
    "software": "mriqc",
    "version": "0.10.0"
  },
  "size_t": 260,
  "size_x": 96,
  "size_y": 96,
  "size_z": 39,
  "snr": 5.345562824990672,
  "spacing_tr": 2.5,
  "spacing_x": 2.0,
  "spacing_y": 2.0,
  "spacing_z": 3.0,
  "summary_bg_k": 64.99975313050754,
  "summary_bg_mad": 9.551379203796387,
  "summary_bg_mean": 27.56816864013672,
  "summary_bg_median": 18.75,
  "summary_bg_n": 192155.0,
  "summary_bg_p05": 9.70769214630127,
  "summary_bg_p95": 68.48577270507808,
  "summary_bg_stdv": 34.47397232055664,
  "summary_fg_k": 2.78567615328544,
  "summary_fg_mad": 72.96115112304688,
  "summary_fg_mean": 469.9012145996094,
  "summary_fg_median": 469.51153564453125,
  "summary_fg_n": 103875.0,
  "summary_fg_p05": 334.04268188476567,
  "summary_fg_p95": 602.3230590820312,
  "summary_fg_stdv": 87.83158874511719,
  "tsnr": 30.28129768371582
}