{
  "aor": 0.0019629746835443038,
  "aqi": 0.030381881329113923,
  "bids_meta": {
    "EchoTime": 0.03,
    "EffectiveEchoSpacing": 0.000390006,
    "FlipAngle": 90,
    "ImageType": [
      "ORIGINAL",
      "PRIMARY",
      "M",
      "ND",
      "NORM",
      "MOS"
    ],
    "MagneticFieldStrength": 3,
    "Manufacturer": "Siemens",
    "ManufacturersModelName": "TrioTim",
    "PhaseEncodingDirection": "j-",
    "PulseSequenceType": "Gradient Echo EPI",
    "RepetitionTime": 2.5,
    "SliceTiming": [
      0,
      1.2875,
      0.065,
      1.3525,
      0.13,
      1.4175,
      0.195,
      1.48,
      0.2575,
      1.545,
      0.3225,
      1.61,
      0.3875,
      1.675,
      0.4525,
      1.7375,
      0.515,
      1.8025,
      0.58,
      1.8675,
      0.645,
      1.9325,
      0.71,
      1.995,
      0.7725,
      2.06,
      0.8375,
      2.125,
      0.9025,
      2.19,
      0.9675,
      2.2525,
      1.03,
      2.3175,
      1.095,
      2.3825,
      1.16,
      2.4475,
      1.225
    ],
    "TaskName": "Localizer",
    "modality": "bold",
    "subject_id": "20",
    "task_id": "localizer"
  },
  "dummy_trs": 0,
  "dvars_nstd": 50.5355673168571,
  "dvars_std": 1.0596415946666669,
  "dvars_vstd": 0.9840471112698413,
  "efc": 0.5455618835368857,
  "fber": 874.0963745117188,
  "fd_mean": 0.3452456664876038,
  "fd_num": 174,
  "fd_perc": 55.063291139240505,
  "fwhm_avg": 2.6383743892356244,
  "fwhm_x": 2.722465,
  "fwhm_y": 3.108595,
  "fwhm_z": 2.0840631677068733,
  "gcor": 0.0113811,
  "gsr_x": -0.0040270015597343445,
  "gsr_y": 0.01647290401160717,
  "provenance": {
    "md5sum": "41cd47532dadaa68e5976540084cde69",
    "settings": {
      "fd_thres": 0.2,
      "hmc_fsl": false
    },
    "software": "mriqc",
    "version": "0.10.0"
  },
  "size_t": 316,
  "size_x": 96,
  "size_y": 96,
  "size_z": 39,
  "snr": 4.8193025521820845,
  "spacing_tr": 2.5,
  "spacing_x": 2.0,
  "spacing_y": 2.0,
  "spacing_z": 3.000000238418579,
  "summary_bg_k": 93.51706692837311,
  "summary_bg_mad": 5.2454094886779785,
  "summary_bg_mean": 17.117286682128906,
  "summary_bg_median": 11.075949668884277,
  "summary_bg_n": 208312.0,
  "summary_bg_p05": 6.012658596038818,
  "summary_bg_p95": 40.02990531921381,
  "summary_bg_stdv": 24.91714859008789,
  "summary_fg_k": 3.0301713197142943,
  "summary_fg_mad": 52.522117614746094,
  "summary_fg_mean": 338.80059814453125,
  "summary_fg_median": 340.14874267578125,
  "summary_fg_n": 88650.0,
  "summary_fg_p05": 220.25411682128905,
  "summary_fg_p95": 442.46045989990245,
  "summary_fg_stdv": 70.58009338378906,
  "tsnr": 27.919071197509766
}