{
  "aor": 0.0005726538461538461,
  "aqi": 0.03746957230769231,
  "bids_meta": {
    "EchoTime": 0.03,
    "EffectiveEchoSpacing": 0.000370002,
    "FlipAngle": 90,
    "ImageType": [
      "ORIGINAL",
      "PRIMARY",
      "M",
      "ND",
      "NORM",
      "MOS"
    ],
    "MagneticFieldStrength": 3,
    "Manufacturer": "Siemens",
    "ManufacturersModelName": "TrioTim",
    "PhaseEncodingDirection": "j-",
    "PulseSequenceType": "Gradient Echo EPI",
    "RepetitionTime": 2.5,
    "SliceTiming": [
      0,
      1.2875,
      0.065,
      1.3525,
      0.13,
      1.415,
      0.1925,
      1.48,
      0.2575,
      1.545,
      0.3225,
      1.61,
      0.385,
      1.6725,
      0.45,
      1.7375,
      0.515,
      1.8025,
      0.58,
      1.865,
      0.6425,
      1.93,
      0.7075,
      1.995,
      0.7725,
      2.06,
      0.8375,
      2.1225,
      0.9,
      2.1875,
      0.965,
      2.2525,
      1.03,
      2.3175,
      1.095,
      2.38,
      1.1575,
      2.445,
      1.2225
    ],
    "TaskName": "Experimental Run 2",
    "modality": "bold",
    "subject_id": "08",
    "task_id": "run2"
  },
  "dummy_trs": 0,
  "dvars_nstd": 47.618516031003864,
  "dvars_std": 1.0630542588416985,
  "dvars_vstd": 0.976348438416988,
  "efc": 0.5479070840172839,
  "fber": 657.3146362304688,
  "fd_mean": 0.07892247247055735,
  "fd_num": 16,
  "fd_perc": 6.153846153846154,
  "fwhm_avg": 2.6242694444444443,
  "fwhm_x": 2.64944,
  "fwhm_y": 3.061575,
  "fwhm_z": 2.1617933333333332,
  "gcor": 0.0135236,
  "gsr_x": 0.00970661360770464,
  "gsr_y": 0.017972199246287346,
  "provenance": {
    "md5sum": "55e28502e2519fe43759820c636bb2ac",
    "settings": {
      "fd_thres": 0.2,
      "hmc_fsl": false
    },
    "software": "mriqc",
    "version": "0.10.0"
  },
  "size_t": 260,
  "size_x": 96,
  "size_y": 96,
  "size_z": 39,
  "snr": 5.533205028302076,
  "spacing_tr": 2.5,
  "spacing_x": 2.0,
  "spacing_y": 2.0,
  "spacing_z": 3.0,
  "summary_bg_k": 34.39238643045909,
  "summary_bg_mad": 11.552892684936523,
  "summary_bg_mean": 35.39748764038086,
  "summary_bg_median": 21.919231414794922,
  "summary_bg_n": 216409.0,
  "summary_bg_p05": 11.034615516662598,
  "summary_bg_p95": 99.45461578369122,
  "summary_bg_stdv": 47.92702102661133,
  "summary_fg_k": 4.698402969757716,
  "summary_fg_mad": 74.2384262084961,
  "summary_fg_mean": 571.1409912109375,
  "summary_fg_median": 580.142333984375,
  "summary_fg_n": 82278.0,
  "summary_fg_p05": 391.41672058105473,
  "summary_fg_p95": 710.9769287109375,
  "summary_fg_stdv": 104.84679412841797,
  "tsnr": 27.329742431640625
}