{
  "aor": 0.0004888846153846154,
  "aqi": 0.03338063230769231,
  "bids_meta": {
    "EchoTime": 0.03,
    "EffectiveEchoSpacing": 0.000370002,
    "FlipAngle": 90,
    "ImageType": [
      "ORIGINAL",
      "PRIMARY",
      "M",
      "ND",
      "NORM",
      "MOS"
    ],
    "MagneticFieldStrength": 3,
    "Manufacturer": "Siemens",
    "ManufacturersModelName": "TrioTim",
    "PhaseEncodingDirection": "j-",
    "PulseSequenceType": "Gradient Echo EPI",
    "RepetitionTime": 2.5,
    "SliceTiming": [
      0,
      1.2875,
      0.065,
      1.3525,
      0.13,
      1.415,
      0.1925,
      1.48,
      0.2575,
      1.545,
      0.3225,
      1.61,
      0.3875,
      1.6725,
      0.45,
      1.7375,
      0.515,
      1.8025,
      0.58,
      1.8675,
      0.645,
      1.93,
      0.7075,
      1.995,
      0.7725,
      2.06,
      0.8375,
      2.125,
      0.9025,
      2.1875,
      0.965,
      2.2525,
      1.03,
      2.3175,
      1.095,
      2.3825,
      1.16,
      2.445,
      1.2225
    ],
    "TaskName": "Experimental Run 4",
    "modality": "bold",
    "subject_id": "14",
    "task_id": "run4"
  },
  "dummy_trs": 0,
  "dvars_nstd": 65.30837476571432,
  "dvars_std": 1.0440479173745176,
  "dvars_vstd": 0.9943287665250965,
  "efc": 0.6135937714838825,
  "fber": 244.2344512939453,
  "fd_mean": 0.10738255476389152,
  "fd_num": 17,
  "fd_perc": 6.538461538461538,
  "fwhm_avg": 2.7281483897736383,
  "fwhm_x": 2.75701,
  "fwhm_y": 3.296885,
  "fwhm_z": 2.1305501693209146,
  "gcor": 0.0158026,
  "gsr_x": -0.008873309008777142,
  "gsr_y": 0.05750926211476326,
  "provenance": {
    "md5sum": "05c6ee837eb981a8cdd79af192ae60d2",
    "settings": {
      "fd_thres": 0.2,
      "hmc_fsl": false
    },
    "software": "mriqc",
    "version": "0.10.0"
  },
  "size_t": 260,
  "size_x": 96,
  "size_y": 96,
  "size_z": 39,
  "snr": 4.2987527957581,
  "spacing_tr": 2.5,
  "spacing_x": 2.0,
  "spacing_y": 2.0,
  "spacing_z": 2.999999761581421,
  "summary_bg_k": 13.818839971484365,
  "summary_bg_mad": 12.106016159057617,
  "summary_bg_mean": 25.486129760742188,
  "summary_bg_median": 17.78461456298828,
  "summary_bg_n": 195298.0,
  "summary_bg_p05": 7.496153831481934,
  "summary_bg_p95": 64.31153869628906,
  "summary_bg_stdv": 22.779329299926758,
  "summary_fg_k": 1.8073863894668438,
  "summary_fg_mad": 55.4036865234375,
  "summary_fg_mean": 290.25201416015625,
  "summary_fg_median": 290.02691650390625,
  "summary_fg_n": 100659.0,
  "summary_fg_p05": 181.02576293945313,
  "summary_fg_p95": 397.6346130371094,
  "summary_fg_stdv": 67.46735382080078,
  "tsnr": 19.812149047851562
}