{
  "aor": 0.0004284615384615385,
  "aqi": 0.023551248076923076,
  "bids_meta": {
    "EchoTime": 0.03,
    "EffectiveEchoSpacing": 0.000370002,
    "FlipAngle": 90,
    "ImageType": [
      "ORIGINAL",
      "PRIMARY",
      "M",
      "ND",
      "NORM",
      "MOS"
    ],
    "MagneticFieldStrength": 3,
    "Manufacturer": "Siemens",
    "ManufacturersModelName": "TrioTim",
    "PhaseEncodingDirection": "j-",
    "PulseSequenceType": "Gradient Echo EPI",
    "RepetitionTime": 2.5,
    "SliceTiming": [
      0,
      1.285,
      0.0625,
      1.35,
      0.1275,
      1.415,
      0.1925,
      1.48,
      0.2575,
      1.5425,
      0.32,
      1.6075,
      0.385,
      1.6725,
      0.45,
      1.7375,
      0.515,
      1.8,
      0.5775,
      1.865,
      0.6425,
      1.93,
      0.7075,
      1.995,
      0.77,
      2.0575,
      0.835,
      2.1225,
      0.9,
      2.1875,
      0.965,
      2.25,
      1.0275,
      2.315,
      1.0925,
      2.38,
      1.1575,
      2.445,
      1.2225
    ],
    "TaskName": "Localizer",
    "modality": "bold",
    "subject_id": "01",
    "task_id": "localizer"
  },
  "dummy_trs": 0,
  "dvars_nstd": 50.25994519559844,
  "dvars_std": 1.0673440523552125,
  "dvars_vstd": 0.9969986215444021,
  "efc": 0.6075896507806525,
  "fber": 480.715576171875,
  "fd_mean": 0.07616713210613003,
  "fd_num": 11,
  "fd_perc": 4.230769230769231,
  "fwhm_avg": 2.497435,
  "fwhm_x": 2.482785,
  "fwhm_y": 3.00856,
  "fwhm_z": 2.00096,
  "gcor": 0.0034605,
  "gsr_x": -0.0035388986580073833,
  "gsr_y": 0.027764327824115753,
  "provenance": {
    "md5sum": "1b664571f39ec1d08393a61ea3342c92",
    "settings": {
      "fd_thres": 0.2,
      "hmc_fsl": false
    },
    "software": "mriqc",
    "version": "0.10.0"
  },
  "size_t": 260,
  "size_x": 96,
  "size_y": 96,
  "size_z": 39,
  "snr": 4.664846537462766,
  "spacing_tr": 2.5,
  "spacing_x": 2.0,
  "spacing_y": 2.0,
  "spacing_z": 3.0,
  "summary_bg_k": 59.798314634295295,
  "summary_bg_mad": 9.830794334411621,
  "summary_bg_mean": 28.021953582763672,
  "summary_bg_median": 20.46538543701172,
  "summary_bg_n": 182205.0,
  "summary_bg_p05": 10.55384635925293,
  "summary_bg_p95": 58.38461685180664,
  "summary_bg_stdv": 31.237668991088867,
  "summary_fg_k": 2.8234815528080848,
  "summary_fg_mad": 73.77941131591797,
  "summary_fg_mean": 470.08123779296875,
  "summary_fg_median": 467.87884521484375,
  "summary_fg_n": 111912.0,
  "summary_fg_p05": 309.80711822509767,
  "summary_fg_p95": 631.8149841308593,
  "summary_fg_stdv": 100.29842376708984,
  "tsnr": 29.252111434936523
}