{
  "aor": 0.0011742721518987341,
  "aqi": 0.0265599664556962,
  "bids_meta": {
    "EchoTime": 0.03,
    "EffectiveEchoSpacing": 0.000390006,
    "FlipAngle": 90,
    "ImageType": [
      "ORIGINAL",
      "PRIMARY",
      "M",
      "ND",
      "NORM",
      "MOS"
    ],
    "MagneticFieldStrength": 3,
    "Manufacturer": "Siemens",
    "ManufacturersModelName": "TrioTim",
    "PhaseEncodingDirection": "j-",
    "PulseSequenceType": "Gradient Echo EPI",
    "RepetitionTime": 2.5,
    "SliceTiming": [
      0,
      1.285,
      0.0625,
      1.35,
      0.1275,
      1.415,
      0.1925,
      1.48,
      0.2575,
      1.5425,
      0.32,
      1.6075,
      0.385,
      1.6725,
      0.45,
      1.7375,
      0.515,
      1.8,
      0.5775,
      1.865,
      0.6425,
      1.93,
      0.7075,
      1.995,
      0.77,
      2.0575,
      0.835,
      2.1225,
      0.9,
      2.1875,
      0.965,
      2.25,
      1.0275,
      2.315,
      1.0925,
      2.38,
      1.1575,
      2.445,
      1.2225
    ],
    "TaskName": "Localizer",
    "modality": "bold",
    "subject_id": "18",
    "task_id": "localizer"
  },
  "dummy_trs": 0,
  "dvars_nstd": 37.59869033571428,
  "dvars_std": 1.006842589746032,
  "dvars_vstd": 0.9617788316507937,
  "efc": 0.546115601701078,
  "fber": 1027.544677734375,
  "fd_mean": 0.13098859008109867,
  "fd_num": 43,
  "fd_perc": 13.60759493670886,
  "fwhm_avg": 2.6562256178498633,
  "fwhm_x": 2.647285,
  "fwhm_y": 3.135375186882924,
  "fwhm_z": 2.1860166666666667,
  "gcor": 0.0091085,
  "gsr_x": -0.0014458262594416738,
  "gsr_y": 0.029572170227766037,
  "provenance": {
    "md5sum": "de68a873beec63722bd576b8624bdfc0",
    "settings": {
      "fd_thres": 0.2,
      "hmc_fsl": false
    },
    "software": "mriqc",
    "version": "0.10.0"
  },
  "size_t": 316,
  "size_x": 96,
  "size_y": 96,
  "size_z": 39,
  "snr": 4.9717437768193635,
  "spacing_tr": 2.5,
  "spacing_x": 2.0,
  "spacing_y": 1.9999998807907104,
  "spacing_z": 3.0,
  "summary_bg_k": 68.79727042165185,
  "summary_bg_mad": 7.9384918212890625,
  "summary_bg_mean": 27.226764678955078,
  "summary_bg_median": 16.215190887451172,
  "summary_bg_n": 208723.0,
  "summary_bg_p05": 8.911392211914062,
  "summary_bg_p95": 68.78734588623044,
  "summary_bg_stdv": 42.80009841918945,
  "summary_fg_k": 3.051501683513944,
  "summary_fg_mad": 89.7865219116211,
  "summary_fg_mean": 536.1488037109375,
  "summary_fg_median": 535.0791015625,
  "summary_fg_n": 89435.0,
  "summary_fg_p05": 372.26930847167966,
  "summary_fg_p95": 693.5661499023438,
  "summary_fg_stdv": 107.62342834472656,
  "tsnr": 31.028356552124023
}