{
  "aor": 0.001769076923076923,
  "aqi": 0.031420621153846154,
  "bids_meta": {
    "EchoTime": 0.03,
    "EffectiveEchoSpacing": 0.000370002,
    "FlipAngle": 90,
    "ImageType": [
      "ORIGINAL",
      "PRIMARY",
      "M",
      "ND",
      "NORM",
      "MOS"
    ],
    "MagneticFieldStrength": 3,
    "Manufacturer": "Siemens",
    "ManufacturersModelName": "TrioTim",
    "PhaseEncodingDirection": "j-",
    "PulseSequenceType": "Gradient Echo EPI",
    "RepetitionTime": 2.5,
    "SliceTiming": [
      0,
      1.2875,
      0.065,
      1.3525,
      0.1275,
      1.415,
      0.1925,
      1.48,
      0.2575,
      1.545,
      0.3225,
      1.6075,
      0.385,
      1.6725,
      0.45,
      1.7375,
      0.515,
      1.8025,
      0.58,
      1.865,
      0.6425,
      1.93,
      0.7075,
      1.995,
      0.7725,
      2.06,
      0.8375,
      2.1225,
      0.9,
      2.1875,
      0.965,
      2.2525,
      1.03,
      2.3175,
      1.095,
      2.38,
      1.1575,
      2.445,
      1.2225
    ],
    "TaskName": "Experimental Run 3",
    "modality": "bold",
    "subject_id": "12",
    "task_id": "run3"
  },
  "dummy_trs": 0,
  "dvars_nstd": 47.853241835752904,
  "dvars_std": 1.1050196257528955,
  "dvars_vstd": 1.0183586786872585,
  "efc": 0.6015049904111349,
  "fber": 666.1168212890625,
  "fd_mean": 0.1268672363156522,
  "fd_num": 37,
  "fd_perc": 14.23076923076923,
  "fwhm_avg": 2.59285,
  "fwhm_x": 2.557485,
  "fwhm_y": 3.078975,
  "fwhm_z": 2.14209,
  "gcor": 0.0042485,
  "gsr_x": 0.004052609205245972,
  "gsr_y": 0.03186323493719101,
  "provenance": {
    "md5sum": "66fcf842aebe3b5455dcdf2cf9c7f1f4",
    "settings": {
      "fd_thres": 0.2,
      "hmc_fsl": false
    },
    "software": "mriqc",
    "version": "0.10.0"
  },
  "size_t": 260,
  "size_x": 96,
  "size_y": 96,
  "size_z": 39,
  "snr": 5.776991590600383,
  "spacing_tr": 2.5,
  "spacing_x": 2.0,
  "spacing_y": 2.0,
  "spacing_z": 3.0,
  "summary_bg_k": 42.12143728171273,
  "summary_bg_mad": 11.016876220703125,
  "summary_bg_mean": 34.0433235168457,
  "summary_bg_median": 20.350000381469727,
  "summary_bg_n": 188378.0,
  "summary_bg_p05": 10.44615364074707,
  "summary_bg_p95": 96.3549983978271,
  "summary_bg_stdv": 47.360870361328125,
  "summary_fg_k": 4.128308662035949,
  "summary_fg_mad": 72.58480072021484,
  "summary_fg_mean": 541.1408081054688,
  "summary_fg_median": 543.1923217773438,
  "summary_fg_n": 107572.0,
  "summary_fg_p05": 399.62692565917973,
  "summary_fg_p95": 678.7436553955079,
  "summary_fg_stdv": 94.02641296386719,
  "tsnr": 30.416173934936523
}