{
  "aor": 0.0016335769230769231,
  "aqi": 0.026559074230769232,
  "bids_meta": {
    "EchoTime": 0.03,
    "EffectiveEchoSpacing": 0.000370002,
    "FlipAngle": 90,
    "ImageType": [
      "ORIGINAL",
      "PRIMARY",
      "M",
      "ND",
      "NORM",
      "MOS"
    ],
    "MagneticFieldStrength": 3,
    "Manufacturer": "Siemens",
    "ManufacturersModelName": "TrioTim",
    "PhaseEncodingDirection": "j-",
    "PulseSequenceType": "Gradient Echo EPI",
    "RepetitionTime": 2.5,
    "SliceTiming": [
      0,
      1.2875,
      0.065,
      1.3525,
      0.13,
      1.415,
      0.1925,
      1.48,
      0.2575,
      1.545,
      0.3225,
      1.61,
      0.3875,
      1.6725,
      0.45,
      1.7375,
      0.515,
      1.8025,
      0.58,
      1.8675,
      0.645,
      1.93,
      0.7075,
      1.995,
      0.7725,
      2.06,
      0.8375,
      2.125,
      0.9,
      2.1875,
      0.965,
      2.2525,
      1.03,
      2.3175,
      1.095,
      2.38,
      1.1575,
      2.445,
      1.2225
    ],
    "TaskName": "Experimental Run 3",
    "modality": "bold",
    "subject_id": "07",
    "task_id": "run3"
  },
  "dummy_trs": 0,
  "dvars_nstd": 47.17862383277993,
  "dvars_std": 1.0590536176061778,
  "dvars_vstd": 0.9988571455984561,
  "efc": 0.5822392655579369,
  "fber": 540.3836059570312,
  "fd_mean": 0.08314011833625581,
  "fd_num": 13,
  "fd_perc": 5.0,
  "fwhm_avg": 2.4912144444444446,
  "fwhm_x": 2.46357,
  "fwhm_y": 2.97077,
  "fwhm_z": 2.0393033333333332,
  "gcor": 0.00382844,
  "gsr_x": -0.003308756509795785,
  "gsr_y": 0.03034156933426857,
  "provenance": {
    "md5sum": "b89a92a248bec1f762d2c7442c67aa61",
    "settings": {
      "fd_thres": 0.2,
      "hmc_fsl": false
    },
    "software": "mriqc",
    "version": "0.10.0"
  },
  "size_t": 260,
  "size_x": 96,
  "size_y": 96,
  "size_z": 39,
  "snr": 4.731783284951032,
  "spacing_tr": 2.5,
  "spacing_x": 2.0,
  "spacing_y": 2.0,
  "spacing_z": 3.0,
  "summary_bg_k": 59.50794717820663,
  "summary_bg_mad": 11.735366821289062,
  "summary_bg_mean": 33.61876678466797,
  "summary_bg_median": 23.673076629638672,
  "summary_bg_n": 196380.0,
  "summary_bg_p05": 12.230769157409668,
  "summary_bg_p95": 83.29249725341793,
  "summary_bg_stdv": 37.854373931884766,
  "summary_fg_k": 2.2850579809467773,
  "summary_fg_mad": 102.4363784790039,
  "summary_fg_mean": 570.7825317382812,
  "summary_fg_median": 571.3692016601562,
  "summary_fg_n": 99603.0,
  "summary_fg_p05": 382.9546264648438,
  "summary_fg_p95": 753.6153564453123,
  "summary_fg_stdv": 120.75074005126953,
  "tsnr": 25.922969818115234
}