{
  "aor": 0.0004396923076923077,
  "aqi": 0.01695723769230769,
  "bids_meta": {
    "EchoTime": 0.03,
    "EffectiveEchoSpacing": 0.000390006,
    "FlipAngle": 90,
    "ImageType": [
      "ORIGINAL",
      "PRIMARY",
      "M",
      "ND",
      "NORM",
      "MOS"
    ],
    "MagneticFieldStrength": 3,
    "Manufacturer": "Siemens",
    "ManufacturersModelName": "TrioTim",
    "PhaseEncodingDirection": "j-",
    "PulseSequenceType": "Gradient Echo EPI",
    "RepetitionTime": 2.5,
    "SliceTiming": [
      0,
      1.2875,
      0.065,
      1.35,
      0.1275,
      1.415,
      0.1925,
      1.48,
      0.2575,
      1.545,
      0.3225,
      1.6075,
      0.385,
      1.6725,
      0.45,
      1.7375,
      0.515,
      1.8025,
      0.58,
      1.865,
      0.6425,
      1.93,
      0.7075,
      1.995,
      0.7725,
      2.06,
      0.835,
      2.1225,
      0.9,
      2.1875,
      0.965,
      2.2525,
      1.03,
      2.315,
      1.0925,
      2.38,
      1.1575,
      2.445,
      1.2225
    ],
    "TaskName": "Experimental Run 2",
    "modality": "bold",
    "subject_id": "19",
    "task_id": "run2"
  },
  "dummy_trs": 0,
  "dvars_nstd": 43.44535209073359,
  "dvars_std": 1.065775355212356,
  "dvars_vstd": 0.996694087683398,
  "efc": 0.5925906182090858,
  "fber": 680.1915893554688,
  "fd_mean": 0.0973730095921094,
  "fd_num": 14,
  "fd_perc": 5.384615384615385,
  "fwhm_avg": 2.579543888888889,
  "fwhm_x": 2.63991,
  "fwhm_y": 2.989985,
  "fwhm_z": 2.1087366666666667,
  "gcor": 0.0119517,
  "gsr_x": 0.018367378041148186,
  "gsr_y": 0.01304425485432148,
  "provenance": {
    "md5sum": "c0de675e5f00ff8b97d6a45c73c4a004",
    "settings": {
      "fd_thres": 0.2,
      "hmc_fsl": false
    },
    "software": "mriqc",
    "version": "0.10.0"
  },
  "size_t": 260,
  "size_x": 96,
  "size_y": 96,
  "size_z": 39,
  "snr": 4.992277242622136,
  "spacing_tr": 2.5,
  "spacing_x": 2.0,
  "spacing_y": 2.0,
  "spacing_z": 3.0,
  "summary_bg_k": 24.22998841937084,
  "summary_bg_mad": 6.785757064819336,
  "summary_bg_mean": 19.8724365234375,
  "summary_bg_median": 12.134614944458008,
  "summary_bg_n": 190398.0,
  "summary_bg_p05": 5.753846168518066,
  "summary_bg_p95": 58.15500030517573,
  "summary_bg_stdv": 26.566831588745117,
  "summary_fg_k": 2.1693289027264973,
  "summary_fg_mad": 55.92262649536133,
  "summary_fg_mean": 330.14678955078125,
  "summary_fg_median": 329.2576904296875,
  "summary_fg_n": 105683.0,
  "summary_fg_p05": 224.31192321777345,
  "summary_fg_p95": 431.3530822753906,
  "summary_fg_stdv": 65.95309448242188,
  "tsnr": 32.736244201660156
}