{
  "aor": 0.0005227848101265823,
  "aqi": 0.02804931898734177,
  "bids_meta": {
    "EchoTime": 0.03,
    "EffectiveEchoSpacing": 0.000370002,
    "FlipAngle": 90,
    "ImageType": [
      "ORIGINAL",
      "PRIMARY",
      "M",
      "ND",
      "NORM",
      "MOS"
    ],
    "MagneticFieldStrength": 3,
    "Manufacturer": "Siemens",
    "ManufacturersModelName": "TrioTim",
    "PhaseEncodingDirection": "j-",
    "PulseSequenceType": "Gradient Echo EPI",
    "RepetitionTime": 2.5,
    "SliceTiming": [
      0,
      1.2875,
      0.065,
      1.3525,
      0.13,
      1.4175,
      0.195,
      1.48,
      0.2575,
      1.545,
      0.3225,
      1.61,
      0.3875,
      1.675,
      0.4525,
      1.7375,
      0.515,
      1.8025,
      0.58,
      1.8675,
      0.645,
      1.9325,
      0.71,
      1.995,
      0.7725,
      2.06,
      0.8375,
      2.125,
      0.9025,
      2.19,
      0.9675,
      2.2525,
      1.03,
      2.3175,
      1.095,
      2.3825,
      1.16,
      2.4475,
      1.2225
    ],
    "TaskName": "Localizer",
    "modality": "bold",
    "subject_id": "12",
    "task_id": "localizer"
  },
  "dummy_trs": 0,
  "dvars_nstd": 45.85009508920637,
  "dvars_std": 1.0807980728571425,
  "dvars_vstd": 0.9998491365079359,
  "efc": 0.598603525057729,
  "fber": 681.41259765625,
  "fd_mean": 0.09932122701332831,
  "fd_num": 36,
  "fd_perc": 11.39240506329114,
  "fwhm_avg": 2.5512116666666667,
  "fwhm_x": 2.529455,
  "fwhm_y": 3.02991,
  "fwhm_z": 2.09427,
  "gcor": 0.00818748,
  "gsr_x": 0.006764443591237068,
  "gsr_y": 0.03011668100953102,
  "provenance": {
    "md5sum": "2fb6949cc55523a3da8a041a9ff1a0d4",
    "settings": {
      "fd_thres": 0.2,
      "hmc_fsl": false
    },
    "software": "mriqc",
    "version": "0.10.0"
  },
  "size_t": 316,
  "size_x": 96,
  "size_y": 96,
  "size_z": 39,
  "snr": 5.872146539352579,
  "spacing_tr": 2.5,
  "spacing_x": 2.0,
  "spacing_y": 2.0,
  "spacing_z": 3.0,
  "summary_bg_k": 44.437964045402985,
  "summary_bg_mad": 10.27968978881836,
  "summary_bg_mean": 33.13092041015625,
  "summary_bg_median": 19.920886993408203,
  "summary_bg_n": 189301.0,
  "summary_bg_p05": 10.51265811920166,
  "summary_bg_p95": 91.94303894042969,
  "summary_bg_stdv": 46.633365631103516,
  "summary_fg_k": 3.9847073290000505,
  "summary_fg_mad": 72.47386169433594,
  "summary_fg_mean": 540.7708740234375,
  "summary_fg_median": 542.5569458007812,
  "summary_fg_n": 106817.0,
  "summary_fg_p05": 402.1708984375,
  "summary_fg_p95": 676.1203002929688,
  "summary_fg_stdv": 92.39456176757812,
  "tsnr": 30.937482833862305
}