{
  "aor": 0.0016739556962025314,
  "aqi": 0.02120311329113924,
  "bids_meta": {
    "EchoTime": 0.03,
    "EffectiveEchoSpacing": 0.000390006,
    "FlipAngle": 90,
    "ImageType": [
      "ORIGINAL",
      "PRIMARY",
      "M",
      "ND",
      "NORM",
      "MOS"
    ],
    "MagneticFieldStrength": 3,
    "Manufacturer": "Siemens",
    "ManufacturersModelName": "TrioTim",
    "PhaseEncodingDirection": "j-",
    "PulseSequenceType": "Gradient Echo EPI",
    "RepetitionTime": 2.5,
    "SliceTiming": [
      0,
      1.2875,
      0.065,
      1.3525,
      0.13,
      1.4175,
      0.195,
      1.48,
      0.2575,
      1.545,
      0.3225,
      1.61,
      0.3875,
      1.675,
      0.4525,
      1.7375,
      0.515,
      1.8025,
      0.58,
      1.8675,
      0.645,
      1.9325,
      0.71,
      1.995,
      0.7725,
      2.06,
      0.8375,
      2.125,
      0.9025,
      2.19,
      0.965,
      2.2525,
      1.03,
      2.3175,
      1.095,
      2.3825,
      1.16,
      2.445,
      1.2225
    ],
    "TaskName": "Localizer",
    "modality": "bold",
    "subject_id": "15",
    "task_id": "localizer"
  },
  "dummy_trs": 0,
  "dvars_nstd": 46.82885090666668,
  "dvars_std": 1.099533302698411,
  "dvars_vstd": 1.0083890109841276,
  "efc": 0.6071973939553577,
  "fber": 696.57958984375,
  "fd_mean": 0.20309373663822622,
  "fd_num": 109,
  "fd_perc": 34.49367088607595,
  "fwhm_avg": 2.6422994444444448,
  "fwhm_x": 2.619925,
  "fwhm_y": 3.21186,
  "fwhm_z": 2.0951133333333334,
  "gcor": 0.0109591,
  "gsr_x": -0.00220214924775064,
  "gsr_y": 0.02908652275800705,
  "provenance": {
    "md5sum": "39a623801d7d6f1157655459a92652db",
    "settings": {
      "fd_thres": 0.2,
      "hmc_fsl": false
    },
    "software": "mriqc",
    "version": "0.10.0"
  },
  "size_t": 316,
  "size_x": 96,
  "size_y": 96,
  "size_z": 39,
  "snr": 4.943823205381045,
  "spacing_tr": 2.5,
  "spacing_x": 2.0,
  "spacing_y": 2.0,
  "spacing_z": 3.0,
  "summary_bg_k": 41.139676231630695,
  "summary_bg_mad": 9.069211959838867,
  "summary_bg_mean": 29.182077407836914,
  "summary_bg_median": 17.389240264892578,
  "summary_bg_n": 180251.0,
  "summary_bg_p05": 8.322785377502441,
  "summary_bg_p95": 85.10601425170898,
  "summary_bg_stdv": 41.28898620605469,
  "summary_fg_k": 2.344819661286955,
  "summary_fg_mad": 83.02572631835938,
  "summary_fg_mean": 480.0909118652344,
  "summary_fg_median": 480.4082336425781,
  "summary_fg_n": 113384.0,
  "summary_fg_p05": 325.73419189453125,
  "summary_fg_p95": 622.1324584960937,
  "summary_fg_stdv": 97.1729965209961,
  "tsnr": 30.966997146606445
}