{
  "aor": 0.0027893461538461535,
  "aqi": 0.03830177076923077,
  "bids_meta": {
    "EchoTime": 0.03,
    "EffectiveEchoSpacing": 0.000370002,
    "FlipAngle": 90,
    "ImageType": [
      "ORIGINAL",
      "PRIMARY",
      "M",
      "ND",
      "NORM",
      "MOS"
    ],
    "MagneticFieldStrength": 3,
    "Manufacturer": "Siemens",
    "ManufacturersModelName": "TrioTim",
    "PhaseEncodingDirection": "j-",
    "PulseSequenceType": "Gradient Echo EPI",
    "RepetitionTime": 2.5,
    "SliceTiming": [
      0,
      1.285,
      0.0625,
      1.35,
      0.1275,
      1.415,
      0.1925,
      1.48,
      0.255,
      1.5425,
      0.32,
      1.6075,
      0.385,
      1.6725,
      0.45,
      1.735,
      0.5125,
      1.8,
      0.5775,
      1.865,
      0.6425,
      1.93,
      0.7075,
      1.9925,
      0.77,
      2.0575,
      0.835,
      2.1225,
      0.9,
      2.1875,
      0.965,
      2.25,
      1.0275,
      2.315,
      1.0925,
      2.38,
      1.1575,
      2.445,
      1.2225
    ],
    "TaskName": "Experimental Run 1",
    "modality": "bold",
    "subject_id": "11",
    "task_id": "run1"
  },
  "dummy_trs": 0,
  "dvars_nstd": 52.62657231803086,
  "dvars_std": 1.0880434370270267,
  "dvars_vstd": 1.0180571693050195,
  "efc": 0.6341131774191905,
  "fber": 491.5009460449219,
  "fd_mean": 0.1424333468302862,
  "fd_num": 49,
  "fd_perc": 18.846153846153847,
  "fwhm_avg": 2.6198866666666665,
  "fwhm_x": 2.585315,
  "fwhm_y": 3.136265,
  "fwhm_z": 2.13808,
  "gcor": 0.00406717,
  "gsr_x": 0.0013979747891426086,
  "gsr_y": 0.040314432233572006,
  "provenance": {
    "md5sum": "22b56ad2325d2b3532453ba973b348d9",
    "settings": {
      "fd_thres": 0.2,
      "hmc_fsl": false
    },
    "software": "mriqc",
    "version": "0.10.0"
  },
  "size_t": 260,
  "size_x": 96,
  "size_y": 96,
  "size_z": 39,
  "snr": 5.152571209677221,
  "spacing_tr": 2.5,
  "spacing_x": 2.0,
  "spacing_y": 2.0,
  "spacing_z": 3.0,
  "summary_bg_k": 36.38764051107985,
  "summary_bg_mad": 12.26283073425293,
  "summary_bg_mean": 35.04509353637695,
  "summary_bg_median": 23.455768585205078,
  "summary_bg_n": 171960.0,
  "summary_bg_p05": 11.699999809265137,
  "summary_bg_p95": 88.31980628967271,
  "summary_bg_stdv": 42.67531204223633,
  "summary_fg_k": 2.8289658202169807,
  "summary_fg_mad": 79.00557708740234,
  "summary_fg_mean": 538.7493286132812,
  "summary_fg_median": 540.0730590820312,
  "summary_fg_n": 122365.0,
  "summary_fg_p05": 365.57539672851567,
  "summary_fg_p95": 696.9492431640622,
  "summary_fg_stdv": 104.8157958984375,
  "tsnr": 24.85711669921875
}