{
  "aor": 0.0005271923076923077,
  "aqi": 0.024212421538461537,
  "bids_meta": {
    "EchoTime": 0.03,
    "EffectiveEchoSpacing": 0.000370002,
    "FlipAngle": 90,
    "ImageType": [
      "ORIGINAL",
      "PRIMARY",
      "M",
      "ND",
      "NORM",
      "MOS"
    ],
    "MagneticFieldStrength": 3,
    "Manufacturer": "Siemens",
    "ManufacturersModelName": "TrioTim",
    "PhaseEncodingDirection": "j-",
    "PulseSequenceType": "Gradient Echo EPI",
    "RepetitionTime": 2.5,
    "SliceTiming": [
      0,
      1.2875,
      0.065,
      1.3525,
      0.13,
      1.4175,
      0.195,
      1.48,
      0.2575,
      1.545,
      0.3225,
      1.61,
      0.3875,
      1.675,
      0.45,
      1.7375,
      0.515,
      1.8025,
      0.58,
      1.8675,
      0.645,
      1.93,
      0.7075,
      1.995,
      0.7725,
      2.06,
      0.8375,
      2.125,
      0.9025,
      2.1875,
      0.965,
      2.2525,
      1.03,
      2.3175,
      1.095,
      2.3825,
      1.16,
      2.445,
      1.2225
    ],
    "TaskName": "Experimental Run 2",
    "modality": "bold",
    "subject_id": "09",
    "task_id": "run2"
  },
  "dummy_trs": 0,
  "dvars_nstd": 46.626961137181446,
  "dvars_std": 1.0657573471814674,
  "dvars_vstd": 0.9948073705019306,
  "efc": 0.5818982612475524,
  "fber": 592.1544189453125,
  "fd_mean": 0.10206215701714003,
  "fd_num": 20,
  "fd_perc": 7.6923076923076925,
  "fwhm_avg": 2.509603333333333,
  "fwhm_x": 2.546485,
  "fwhm_y": 2.909895,
  "fwhm_z": 2.07243,
  "gcor": 0.00459512,
  "gsr_x": 0.002954361494630575,
  "gsr_y": 0.02834317460656166,
  "provenance": {
    "md5sum": "de36421b08ec2b417cd15ae4cd0e1c2b",
    "settings": {
      "fd_thres": 0.2,
      "hmc_fsl": false
    },
    "software": "mriqc",
    "version": "0.10.0"
  },
  "size_t": 260,
  "size_x": 96,
  "size_y": 96,
  "size_z": 39,
  "snr": 5.349474492850503,
  "spacing_tr": 2.5,
  "spacing_x": 2.0,
  "spacing_y": 2.0,
  "spacing_z": 3.0,
  "summary_bg_k": 38.75880031680824,
  "summary_bg_mad": 11.148027420043945,
  "summary_bg_mean": 31.585832595825195,
  "summary_bg_median": 20.596153259277344,
  "summary_bg_n": 197022.0,
  "summary_bg_p05": 10.5,
  "summary_bg_p95": 82.66153717041016,
  "summary_bg_stdv": 39.122474670410156,
  "summary_fg_k": 3.068417948493475,
  "summary_fg_mad": 79.5388412475586,
  "summary_fg_mean": 522.2322998046875,
  "summary_fg_median": 523.4019775390625,
  "summary_fg_n": 99214.0,
  "summary_fg_p05": 372.1242309570313,
  "summary_fg_p95": 668.6384887695312,
  "summary_fg_stdv": 97.84126281738281,
  "tsnr": 29.95146942138672
}