{
  "aor": 0.0006356443298969073,
  "aqi": 0.035167214175257734,
  "bids_meta": {
    "EchoTime": 0.03,
    "EffectiveEchoSpacing": 0.000370002,
    "FlipAngle": 90,
    "ImageType": [
      "ORIGINAL",
      "PRIMARY",
      "M",
      "ND",
      "NORM",
      "MOS"
    ],
    "MagneticFieldStrength": 3,
    "Manufacturer": "Siemens",
    "ManufacturersModelName": "TrioTim",
    "PhaseEncodingDirection": "j-",
    "PulseSequenceType": "Gradient Echo EPI",
    "RepetitionTime": 2.5,
    "SliceTiming": [
      0,
      1.285,
      0.0625,
      1.35,
      0.1275,
      1.415,
      0.1925,
      1.48,
      0.2575,
      1.5425,
      0.32,
      1.6075,
      0.385,
      1.6725,
      0.45,
      1.7375,
      0.515,
      1.8,
      0.5775,
      1.865,
      0.6425,
      1.93,
      0.7075,
      1.995,
      0.7725,
      2.0575,
      0.835,
      2.1225,
      0.9,
      2.1875,
      0.965,
      2.2525,
      1.03,
      2.315,
      1.0925,
      2.38,
      1.1575,
      2.445,
      1.2225
    ],
    "TaskName": "Localizer",
    "modality": "bold",
    "subject_id": "02",
    "task_id": "localizer"
  },
  "dummy_trs": 0,
  "dvars_nstd": 58.17358006147289,
  "dvars_std": 1.0448443180361762,
  "dvars_vstd": 0.9741079306976741,
  "efc": 0.5846316438191408,
  "fber": 490.5366516113281,
  "fd_mean": 0.22170190333163214,
  "fd_num": 133,
  "fd_perc": 34.27835051546392,
  "fwhm_avg": 2.6076089507209628,
  "fwhm_x": 2.59887,
  "fwhm_y": 3.112110185496222,
  "fwhm_z": 2.1118466666666666,
  "gcor": 0.00503951,
  "gsr_x": 0.006573633290827274,
  "gsr_y": 0.016971396282315254,
  "provenance": {
    "md5sum": "87fe462fb71b938186eb90e54fbf17bd",
    "settings": {
      "fd_thres": 0.2,
      "hmc_fsl": false
    },
    "software": "mriqc",
    "version": "0.10.0"
  },
  "size_t": 388,
  "size_x": 96,
  "size_y": 96,
  "size_z": 39,
  "snr": 4.7573628769752725,
  "spacing_tr": 2.5,
  "spacing_x": 2.0,
  "spacing_y": 1.9999998807907104,
  "spacing_z": 3.0,
  "summary_bg_k": 47.38953012490002,
  "summary_bg_mad": 8.849760055541992,
  "summary_bg_mean": 24.285633087158203,
  "summary_bg_median": 17.363401412963867,
  "summary_bg_n": 195784.0,
  "summary_bg_p05": 8.90244812965393,
  "summary_bg_p95": 54.99626140594487,
  "summary_bg_stdv": 26.235471725463867,
  "summary_fg_k": 2.2673334587246288,
  "summary_fg_mad": 71.77626037597656,
  "summary_fg_mean": 400.7679138183594,
  "summary_fg_median": 400.9845275878906,
  "summary_fg_n": 99573.0,
  "summary_fg_p05": 269.3742248535156,
  "summary_fg_p95": 528.7907104492188,
  "summary_fg_stdv": 84.2867202758789,
  "tsnr": 22.06245231628418
}