{
  "aor": 0.0006515384615384615,
  "aqi": 0.028344180000000004,
  "bids_meta": {
    "EchoTime": 0.03,
    "EffectiveEchoSpacing": 0.000370002,
    "FlipAngle": 90,
    "ImageType": [
      "ORIGINAL",
      "PRIMARY",
      "M",
      "ND",
      "NORM",
      "MOS"
    ],
    "MagneticFieldStrength": 3,
    "Manufacturer": "Siemens",
    "ManufacturersModelName": "TrioTim",
    "PhaseEncodingDirection": "j-",
    "PulseSequenceType": "Gradient Echo EPI",
    "RepetitionTime": 2.5,
    "SliceTiming": [
      0,
      1.285,
      0.0625,
      1.35,
      0.1275,
      1.415,
      0.1925,
      1.48,
      0.2575,
      1.5425,
      0.32,
      1.6075,
      0.385,
      1.6725,
      0.45,
      1.7375,
      0.515,
      1.8,
      0.5775,
      1.865,
      0.6425,
      1.93,
      0.7075,
      1.995,
      0.77,
      2.0575,
      0.835,
      2.1225,
      0.9,
      2.1875,
      0.965,
      2.25,
      1.0275,
      2.315,
      1.0925,
      2.38,
      1.1575,
      2.445,
      1.2225
    ],
    "TaskName": "Experimental Run 2",
    "modality": "bold",
    "subject_id": "03",
    "task_id": "run2"
  },
  "dummy_trs": 0,
  "dvars_nstd": 51.77885578420853,
  "dvars_std": 1.0342575441312742,
  "dvars_vstd": 0.9842620574131274,
  "efc": 0.6142177788113803,
  "fber": 483.49273681640625,
  "fd_mean": 0.20972465740132082,
  "fd_num": 112,
  "fd_perc": 43.07692307692308,
  "fwhm_avg": 2.5121617207084803,
  "fwhm_x": 2.466305,
  "fwhm_y": 3.03017,
  "fwhm_z": 2.040010162125441,
  "gcor": 0.00606488,
  "gsr_x": -0.005192420911043882,
  "gsr_y": 0.04907398298382759,
  "provenance": {
    "md5sum": "fb81a35e539593c718de01651a1c1dd5",
    "settings": {
      "fd_thres": 0.2,
      "hmc_fsl": false
    },
    "software": "mriqc",
    "version": "0.10.0"
  },
  "size_t": 260,
  "size_x": 96,
  "size_y": 96,
  "size_z": 39,
  "snr": 4.798322809050495,
  "spacing_tr": 2.5,
  "spacing_x": 2.0,
  "spacing_y": 2.0,
  "spacing_z": 2.999999761581421,
  "summary_bg_k": 32.53084653334348,
  "summary_bg_mad": 9.517165184020996,
  "summary_bg_mean": 26.639907836914062,
  "summary_bg_median": 17.423076629638672,
  "summary_bg_n": 181899.0,
  "summary_bg_p05": 8.876923561096191,
  "summary_bg_p95": 68.28115386962894,
  "summary_bg_stdv": 28.966440200805664,
  "summary_fg_k": 1.844654051841328,
  "summary_fg_mad": 69.51978302001953,
  "summary_fg_mean": 406.1738586425781,
  "summary_fg_median": 399.89422607421875,
  "summary_fg_n": 113318.0,
  "summary_fg_p05": 288.0696243286133,
  "summary_fg_p95": 548.9582794189453,
  "summary_fg_stdv": 83.34004974365234,
  "tsnr": 26.196380615234375
}