{
  "aor": 0.0007345569620253164,
  "aqi": 0.023434781962025315,
  "bids_meta": {
    "EchoTime": 0.03,
    "EffectiveEchoSpacing": 0.000370002,
    "FlipAngle": 90,
    "ImageType": [
      "ORIGINAL",
      "PRIMARY",
      "M",
      "ND",
      "NORM",
      "MOS"
    ],
    "MagneticFieldStrength": 3,
    "Manufacturer": "Siemens",
    "ManufacturersModelName": "TrioTim",
    "PhaseEncodingDirection": "j-",
    "PulseSequenceType": "Gradient Echo EPI",
    "RepetitionTime": 2.5,
    "SliceTiming": [
      0,
      1.285,
      0.0625,
      1.35,
      0.1275,
      1.415,
      0.1925,
      1.48,
      0.2575,
      1.5425,
      0.32,
      1.6075,
      0.385,
      1.6725,
      0.45,
      1.7375,
      0.515,
      1.8,
      0.5775,
      1.865,
      0.6425,
      1.93,
      0.7075,
      1.995,
      0.7725,
      2.0575,
      0.835,
      2.1225,
      0.9,
      2.1875,
      0.965,
      2.2525,
      1.03,
      2.315,
      1.0925,
      2.38,
      1.1575,
      2.445,
      1.2225
    ],
    "TaskName": "Localizer",
    "modality": "bold",
    "subject_id": "04",
    "task_id": "localizer"
  },
  "dummy_trs": 0,
  "dvars_nstd": 48.03295395901585,
  "dvars_std": 1.0921046608571425,
  "dvars_vstd": 0.9938072754603164,
  "efc": 0.5979402347467533,
  "fber": 542.8035888671875,
  "fd_mean": 0.06277263609385364,
  "fd_num": 11,
  "fd_perc": 3.481012658227848,
  "fwhm_avg": 2.485235164333735,
  "fwhm_x": 2.537735,
  "fwhm_y": 2.9060401732134924,
  "fwhm_z": 2.0119303197877123,
  "gcor": 0.016581,
  "gsr_x": 0.002672802424058318,
  "gsr_y": 0.031016308814287186,
  "provenance": {
    "md5sum": "e7761fba27f41d48b7457af7b1ad666c",
    "settings": {
      "fd_thres": 0.2,
      "hmc_fsl": false
    },
    "software": "mriqc",
    "version": "0.10.0"
  },
  "size_t": 316,
  "size_x": 96,
  "size_y": 96,
  "size_z": 39,
  "snr": 4.934900835779871,
  "spacing_tr": 2.5,
  "spacing_x": 2.0,
  "spacing_y": 1.9999998807907104,
  "spacing_z": 2.999999523162842,
  "summary_bg_k": 27.74049014878526,
  "summary_bg_mad": 11.194584846496582,
  "summary_bg_mean": 37.76024627685547,
  "summary_bg_median": 21.65506362915039,
  "summary_bg_n": 194392.0,
  "summary_bg_p05": 11.278481483459473,
  "summary_bg_p95": 128.1406646728515,
  "summary_bg_stdv": 48.49826431274414,
  "summary_fg_k": 3.283255425997565,
  "summary_fg_mad": 80.11214447021484,
  "summary_fg_mean": 523.7030639648438,
  "summary_fg_median": 523.17724609375,
  "summary_fg_n": 101792.0,
  "summary_fg_p05": 362.54921417236324,
  "summary_fg_p95": 686.2669525146484,
  "summary_fg_stdv": 106.0152359008789,
  "tsnr": 30.21265411376953
}