{
  "aor": 0.0008070569620253164,
  "aqi": 0.02759195791139241,
  "bids_meta": {
    "EchoTime": 0.03,
    "EffectiveEchoSpacing": 0.000370002,
    "FlipAngle": 90,
    "ImageType": [
      "ORIGINAL",
      "PRIMARY",
      "M",
      "ND",
      "NORM",
      "MOS"
    ],
    "MagneticFieldStrength": 3,
    "Manufacturer": "Siemens",
    "ManufacturersModelName": "TrioTim",
    "PhaseEncodingDirection": "j-",
    "PulseSequenceType": "Gradient Echo EPI",
    "RepetitionTime": 2.5,
    "SliceTiming": [
      0,
      1.2875,
      0.0625,
      1.35,
      0.1275,
      1.415,
      0.1925,
      1.48,
      0.2575,
      1.5425,
      0.32,
      1.6075,
      0.385,
      1.6725,
      0.45,
      1.7375,
      0.515,
      1.8,
      0.5775,
      1.865,
      0.6425,
      1.93,
      0.7075,
      1.995,
      0.7725,
      2.0575,
      0.835,
      2.1225,
      0.9,
      2.1875,
      0.965,
      2.2525,
      1.03,
      2.315,
      1.0925,
      2.38,
      1.1575,
      2.445,
      1.2225
    ],
    "TaskName": "Localizer",
    "modality": "bold",
    "subject_id": "07",
    "task_id": "localizer"
  },
  "dummy_trs": 0,
  "dvars_nstd": 48.06095535038096,
  "dvars_std": 1.054491111460317,
  "dvars_vstd": 0.9734574314920637,
  "efc": 0.5815294341433594,
  "fber": 558.126220703125,
  "fd_mean": 0.0754566642552615,
  "fd_num": 18,
  "fd_perc": 5.69620253164557,
  "fwhm_avg": 2.511645,
  "fwhm_x": 2.469185,
  "fwhm_y": 2.99964,
  "fwhm_z": 2.06611,
  "gcor": 0.00378021,
  "gsr_x": -0.004831815138459206,
  "gsr_y": 0.029874447733163834,
  "provenance": {
    "md5sum": "823f5817fd2386fec80c32e63f7b668a",
    "settings": {
      "fd_thres": 0.2,
      "hmc_fsl": false
    },
    "software": "mriqc",
    "version": "0.10.0"
  },
  "size_t": 316,
  "size_x": 96,
  "size_y": 96,
  "size_z": 39,
  "snr": 4.722501118364135,
  "spacing_tr": 2.5,
  "spacing_x": 2.0,
  "spacing_y": 2.0,
  "spacing_z": 3.0,
  "summary_bg_k": 62.245186867616,
  "summary_bg_mad": 11.396333694458008,
  "summary_bg_mean": 33.44184494018555,
  "summary_bg_median": 23.45569610595703,
  "summary_bg_n": 195945.0,
  "summary_bg_p05": 12.322785377502441,
  "summary_bg_p95": 81.06962585449219,
  "summary_bg_stdv": 38.86818313598633,
  "summary_fg_k": 2.287423958007156,
  "summary_fg_mad": 102.44967651367188,
  "summary_fg_mean": 572.2061767578125,
  "summary_fg_median": 573.3512573242188,
  "summary_fg_n": 100099.0,
  "summary_fg_p05": 380.6800811767578,
  "summary_fg_p95": 755.7838928222654,
  "summary_fg_stdv": 121.40778350830078,
  "tsnr": 25.650264739990234
}