{
  "aor": 0.0005857692307692307,
  "aqi": 0.023918944615384616,
  "bids_meta": {
    "EchoTime": 0.03,
    "EffectiveEchoSpacing": 0.000370002,
    "FlipAngle": 90,
    "ImageType": [
      "ORIGINAL",
      "PRIMARY",
      "M",
      "ND",
      "NORM",
      "MOS"
    ],
    "MagneticFieldStrength": 3,
    "Manufacturer": "Siemens",
    "ManufacturersModelName": "TrioTim",
    "PhaseEncodingDirection": "j-",
    "PulseSequenceType": "Gradient Echo EPI",
    "RepetitionTime": 2.5,
    "SliceTiming": [
      0,
      1.2875,
      0.0625,
      1.35,
      0.1275,
      1.415,
      0.1925,
      1.48,
      0.2575,
      1.5425,
      0.32,
      1.6075,
      0.385,
      1.6725,
      0.45,
      1.7375,
      0.515,
      1.8,
      0.5775,
      1.865,
      0.6425,
      1.93,
      0.7075,
      1.995,
      0.7725,
      2.0575,
      0.835,
      2.1225,
      0.9,
      2.1875,
      0.965,
      2.2525,
      1.03,
      2.315,
      1.0925,
      2.38,
      1.1575,
      2.445,
      1.2225
    ],
    "TaskName": "Experimental Run 3",
    "modality": "bold",
    "subject_id": "01",
    "task_id": "run3"
  },
  "dummy_trs": 0,
  "dvars_nstd": 51.735597264169854,
  "dvars_std": 1.074081292625483,
  "dvars_vstd": 1.0048507684942085,
  "efc": 0.6094805184083801,
  "fber": 453.9895324707031,
  "fd_mean": 0.06466852164697832,
  "fd_num": 1,
  "fd_perc": 0.38461538461538464,
  "fwhm_avg": 2.458011111111111,
  "fwhm_x": 2.447685,
  "fwhm_y": 2.961535,
  "fwhm_z": 1.9648133333333335,
  "gcor": 0.00609362,
  "gsr_x": -0.004736056551337242,
  "gsr_y": 0.02902824617922306,
  "provenance": {
    "md5sum": "80ad147f100fd186d5e30123201fad26",
    "settings": {
      "fd_thres": 0.2,
      "hmc_fsl": false
    },
    "software": "mriqc",
    "version": "0.10.0"
  },
  "size_t": 260,
  "size_x": 96,
  "size_y": 96,
  "size_z": 39,
  "snr": 4.717514496604703,
  "spacing_tr": 2.5,
  "spacing_x": 2.0,
  "spacing_y": 2.0,
  "spacing_z": 3.0,
  "summary_bg_k": 57.582818979235505,
  "summary_bg_mad": 10.110207557678223,
  "summary_bg_mean": 28.515111923217773,
  "summary_bg_median": 20.903846740722656,
  "summary_bg_n": 182726.0,
  "summary_bg_p05": 10.75,
  "summary_bg_p95": 60.11826992034912,
  "summary_bg_stdv": 30.941612243652344,
  "summary_fg_k": 2.766577115577176,
  "summary_fg_mad": 73.10942077636719,
  "summary_fg_mean": 467.35638427734375,
  "summary_fg_median": 464.3153991699219,
  "summary_fg_n": 111475.0,
  "summary_fg_p05": 314.0107666015625,
  "summary_fg_p95": 627.3049865722655,
  "summary_fg_stdv": 98.42329406738281,
  "tsnr": 28.87603187561035
}