{
  "aor": 0.0008728076923076923,
  "aqi": 0.03550606884615384,
  "bids_meta": {
    "EchoTime": 0.03,
    "EffectiveEchoSpacing": 0.000370002,
    "FlipAngle": 90,
    "ImageType": [
      "ORIGINAL",
      "PRIMARY",
      "M",
      "ND",
      "NORM",
      "MOS"
    ],
    "MagneticFieldStrength": 3,
    "Manufacturer": "Siemens",
    "ManufacturersModelName": "TrioTim",
    "PhaseEncodingDirection": "j-",
    "PulseSequenceType": "Gradient Echo EPI",
    "RepetitionTime": 2.5,
    "SliceTiming": [
      0,
      1.2875,
      0.065,
      1.3525,
      0.13,
      1.415,
      0.1925,
      1.48,
      0.2575,
      1.545,
      0.3225,
      1.61,
      0.3875,
      1.6725,
      0.45,
      1.7375,
      0.515,
      1.8025,
      0.58,
      1.8675,
      0.645,
      1.93,
      0.7075,
      1.995,
      0.7725,
      2.06,
      0.8375,
      2.125,
      0.9,
      2.1875,
      0.965,
      2.2525,
      1.03,
      2.3175,
      1.095,
      2.38,
      1.1575,
      2.445,
      1.2225
    ],
    "TaskName": "Experimental Run 2",
    "modality": "bold",
    "subject_id": "11",
    "task_id": "run2"
  },
  "dummy_trs": 0,
  "dvars_nstd": 53.855911180926626,
  "dvars_std": 1.066530865521235,
  "dvars_vstd": 0.9927581796525098,
  "efc": 0.6332583746052953,
  "fber": 496.3890686035156,
  "fd_mean": 0.1761321856716416,
  "fd_num": 77,
  "fd_perc": 29.615384615384617,
  "fwhm_avg": 2.6312294444444446,
  "fwhm_x": 2.58919,
  "fwhm_y": 3.152995,
  "fwhm_z": 2.1515033333333333,
  "gcor": 0.00476705,
  "gsr_x": 0.0034772332292050123,
  "gsr_y": 0.04104793071746826,
  "provenance": {
    "md5sum": "661afdc5caaa466d8a415fb7705ddcdb",
    "settings": {
      "fd_thres": 0.2,
      "hmc_fsl": false
    },
    "software": "mriqc",
    "version": "0.10.0"
  },
  "size_t": 260,
  "size_x": 96,
  "size_y": 96,
  "size_z": 39,
  "snr": 5.1215718489647175,
  "spacing_tr": 2.5,
  "spacing_x": 2.0,
  "spacing_y": 2.0,
  "spacing_z": 3.0,
  "summary_bg_k": 35.763644971118666,
  "summary_bg_mad": 12.037590026855469,
  "summary_bg_mean": 34.80706787109375,
  "summary_bg_median": 23.296154022216797,
  "summary_bg_n": 171937.0,
  "summary_bg_p05": 11.869231224060059,
  "summary_bg_p95": 87.65077056884759,
  "summary_bg_stdv": 42.20236587524414,
  "summary_fg_k": 2.8697412547960957,
  "summary_fg_mad": 79.25080871582031,
  "summary_fg_mean": 537.7625122070312,
  "summary_fg_median": 539.3653564453125,
  "summary_fg_n": 122325.0,
  "summary_fg_p05": 363.2123168945312,
  "summary_fg_p95": 695.4407836914062,
  "summary_fg_stdv": 105.3120346069336,
  "tsnr": 25.420394897460938
}