{
  "aor": 0.001096846153846154,
  "aqi": 0.027268507692307695,
  "bids_meta": {
    "EchoTime": 0.03,
    "EffectiveEchoSpacing": 0.000370002,
    "FlipAngle": 90,
    "ImageType": [
      "ORIGINAL",
      "PRIMARY",
      "M",
      "ND",
      "NORM",
      "MOS"
    ],
    "MagneticFieldStrength": 3,
    "Manufacturer": "Siemens",
    "ManufacturersModelName": "TrioTim",
    "PhaseEncodingDirection": "j-",
    "PulseSequenceType": "Gradient Echo EPI",
    "RepetitionTime": 2.5,
    "SliceTiming": [
      0,
      1.2875,
      0.065,
      1.3525,
      0.13,
      1.4175,
      0.1925,
      1.48,
      0.2575,
      1.545,
      0.3225,
      1.61,
      0.3875,
      1.6725,
      0.45,
      1.7375,
      0.515,
      1.8025,
      0.58,
      1.8675,
      0.645,
      1.93,
      0.7075,
      1.995,
      0.7725,
      2.06,
      0.8375,
      2.125,
      0.9025,
      2.1875,
      0.965,
      2.2525,
      1.03,
      2.3175,
      1.095,
      2.3825,
      1.16,
      2.445,
      1.2225
    ],
    "TaskName": "Experimental Run 1",
    "modality": "bold",
    "subject_id": "03",
    "task_id": "run1"
  },
  "dummy_trs": 0,
  "dvars_nstd": 53.36280650444012,
  "dvars_std": 1.0590173803088803,
  "dvars_vstd": 1.0006172174131271,
  "efc": 0.614711776653851,
  "fber": 465.0890808105469,
  "fd_mean": 0.21265748362518647,
  "fd_num": 96,
  "fd_perc": 36.92307692307692,
  "fwhm_avg": 2.51704783208353,
  "fwhm_x": 2.476845,
  "fwhm_y": 3.024325,
  "fwhm_z": 2.0499734962505896,
  "gcor": 0.00660288,
  "gsr_x": -0.0044944449327886105,
  "gsr_y": 0.04466096684336662,
  "provenance": {
    "md5sum": "81fe6369a80f4f340d25e5ff4bd86b25",
    "settings": {
      "fd_thres": 0.2,
      "hmc_fsl": false
    },
    "software": "mriqc",
    "version": "0.10.0"
  },
  "size_t": 260,
  "size_x": 96,
  "size_y": 96,
  "size_z": 39,
  "snr": 4.733057969445524,
  "spacing_tr": 2.5,
  "spacing_x": 2.0,
  "spacing_y": 2.0,
  "spacing_z": 2.999999761581421,
  "summary_bg_k": 31.717769676616477,
  "summary_bg_mad": 9.400269508361816,
  "summary_bg_mean": 26.28744125366211,
  "summary_bg_median": 17.644229888916016,
  "summary_bg_n": 181200.0,
  "summary_bg_p05": 8.984615325927734,
  "summary_bg_p95": 66.03845977783203,
  "summary_bg_stdv": 27.787023544311523,
  "summary_fg_k": 1.9919441466136423,
  "summary_fg_mad": 69.4884262084961,
  "summary_fg_mean": 404.1933288574219,
  "summary_fg_median": 398.26922607421875,
  "summary_fg_n": 114060.0,
  "summary_fg_p05": 284.5251861572266,
  "summary_fg_p95": 548.2667266845699,
  "summary_fg_stdv": 84.14591217041016,
  "tsnr": 26.20136833190918
}