{
  "aor": 0.0010869615384615386,
  "aqi": 0.03133434615384615,
  "bids_meta": {
    "EchoTime": 0.03,
    "EffectiveEchoSpacing": 0.000370002,
    "FlipAngle": 90,
    "ImageType": [
      "ORIGINAL",
      "PRIMARY",
      "M",
      "ND",
      "NORM",
      "MOS"
    ],
    "MagneticFieldStrength": 3,
    "Manufacturer": "Siemens",
    "ManufacturersModelName": "TrioTim",
    "PhaseEncodingDirection": "j-",
    "PulseSequenceType": "Gradient Echo EPI",
    "RepetitionTime": 2.5,
    "SliceTiming": [
      0,
      1.2875,
      0.065,
      1.3525,
      0.13,
      1.415,
      0.1925,
      1.48,
      0.2575,
      1.545,
      0.3225,
      1.61,
      0.3875,
      1.6725,
      0.45,
      1.7375,
      0.515,
      1.8025,
      0.58,
      1.8675,
      0.6425,
      1.93,
      0.7075,
      1.995,
      0.7725,
      2.06,
      0.8375,
      2.1225,
      0.9,
      2.1875,
      0.965,
      2.2525,
      1.03,
      2.3175,
      1.095,
      2.38,
      1.1575,
      2.445,
      1.2225
    ],
    "TaskName": "Experimental Run 4",
    "modality": "bold",
    "subject_id": "05",
    "task_id": "run4"
  },
  "dummy_trs": 0,
  "dvars_nstd": 54.06597105030895,
  "dvars_std": 1.050745028262548,
  "dvars_vstd": 1.013208792741313,
  "efc": 0.6195388085425947,
  "fber": 402.9324035644531,
  "fd_mean": 0.12339647531400423,
  "fd_num": 34,
  "fd_perc": 13.076923076923077,
  "fwhm_avg": 2.566352278375277,
  "fwhm_x": 2.489155,
  "fwhm_y": 3.090195,
  "fwhm_z": 2.1197068351258306,
  "gcor": 0.00687392,
  "gsr_x": -0.008690070360898972,
  "gsr_y": 0.0429585836827755,
  "provenance": {
    "md5sum": "d6c410feade226e0b89fda1b165a2f41",
    "settings": {
      "fd_thres": 0.2,
      "hmc_fsl": false
    },
    "software": "mriqc",
    "version": "0.10.0"
  },
  "size_t": 260,
  "size_x": 96,
  "size_y": 96,
  "size_z": 39,
  "snr": 5.208902185277091,
  "spacing_tr": 2.5,
  "spacing_x": 2.0,
  "spacing_y": 2.0,
  "spacing_z": 2.999999761581421,
  "summary_bg_k": 40.78519318821926,
  "summary_bg_mad": 9.554231643676758,
  "summary_bg_mean": 24.701505661010742,
  "summary_bg_median": 17.742307662963867,
  "summary_bg_n": 181538.0,
  "summary_bg_p05": 8.838461875915527,
  "summary_bg_p95": 55.69673233032224,
  "summary_bg_stdv": 25.30626678466797,
  "summary_fg_k": 3.149408533057942,
  "summary_fg_mad": 56.09370040893555,
  "summary_fg_mean": 368.9557800292969,
  "summary_fg_median": 369.0,
  "summary_fg_n": 113419.0,
  "summary_fg_p05": 261.81578063964844,
  "summary_fg_p95": 475.6384582519531,
  "summary_fg_stdv": 70.83995056152344,
  "tsnr": 25.86334228515625
}