{
  "aor": 0.0024413846153846152,
  "aqi": 0.02616158692307692,
  "bids_meta": {
    "EchoTime": 0.03,
    "EffectiveEchoSpacing": 0.000390006,
    "FlipAngle": 90,
    "ImageType": [
      "ORIGINAL",
      "PRIMARY",
      "M",
      "ND",
      "NORM",
      "MOS"
    ],
    "MagneticFieldStrength": 3,
    "Manufacturer": "Siemens",
    "ManufacturersModelName": "TrioTim",
    "PhaseEncodingDirection": "j-",
    "PulseSequenceType": "Gradient Echo EPI",
    "RepetitionTime": 2.5,
    "SliceTiming": [
      0,
      1.2875,
      0.065,
      1.3525,
      0.13,
      1.415,
      0.1925,
      1.48,
      0.2575,
      1.545,
      0.3225,
      1.6075,
      0.385,
      1.6725,
      0.45,
      1.7375,
      0.515,
      1.8025,
      0.58,
      1.865,
      0.6425,
      1.93,
      0.7075,
      1.995,
      0.7725,
      2.06,
      0.8375,
      2.1225,
      0.9,
      2.1875,
      0.965,
      2.2525,
      1.03,
      2.3175,
      1.095,
      2.38,
      1.1575,
      2.445,
      1.2225
    ],
    "TaskName": "Experimental Run 2",
    "modality": "bold",
    "subject_id": "20",
    "task_id": "run2"
  },
  "dummy_trs": 0,
  "dvars_nstd": 49.686722273011576,
  "dvars_std": 1.1351996208494204,
  "dvars_vstd": 1.0212002050579152,
  "efc": 0.5461740486683918,
  "fber": 851.6983642578125,
  "fd_mean": 0.29914188490912835,
  "fd_num": 138,
  "fd_perc": 53.07692307692308,
  "fwhm_avg": 2.59244772352846,
  "fwhm_x": 2.67762,
  "fwhm_y": 3.05188,
  "fwhm_z": 2.0478431705853803,
  "gcor": 0.00891573,
  "gsr_x": -0.005342083517462015,
  "gsr_y": 0.015712853521108627,
  "provenance": {
    "md5sum": "e5061222235eb8b12887a14e7aee9e56",
    "settings": {
      "fd_thres": 0.2,
      "hmc_fsl": false
    },
    "software": "mriqc",
    "version": "0.10.0"
  },
  "size_t": 260,
  "size_x": 96,
  "size_y": 96,
  "size_z": 39,
  "snr": 4.841743970986825,
  "spacing_tr": 2.5,
  "spacing_x": 2.0,
  "spacing_y": 2.0,
  "spacing_z": 3.000000238418579,
  "summary_bg_k": 81.1051520634711,
  "summary_bg_mad": 5.45711612701416,
  "summary_bg_mean": 17.392528533935547,
  "summary_bg_median": 11.2384614944458,
  "summary_bg_n": 208892.0,
  "summary_bg_p05": 5.984615325927734,
  "summary_bg_p95": 41.76326980590814,
  "summary_bg_stdv": 24.626081466674805,
  "summary_fg_k": 3.059929178538547,
  "summary_fg_mad": 52.46985626220703,
  "summary_fg_mean": 339.91253662109375,
  "summary_fg_median": 340.5884704589844,
  "summary_fg_n": 88136.0,
  "summary_fg_p05": 222.20384216308594,
  "summary_fg_p95": 443.890380859375,
  "summary_fg_stdv": 70.3437728881836,
  "tsnr": 29.97166633605957
}