{
  "aor": 0.001524,
  "aqi": 0.023949253461538464,
  "bids_meta": {
    "EchoTime": 0.03,
    "EffectiveEchoSpacing": 0.000370002,
    "FlipAngle": 90,
    "ImageType": [
      "ORIGINAL",
      "PRIMARY",
      "M",
      "ND",
      "NORM",
      "MOS"
    ],
    "MagneticFieldStrength": 3,
    "Manufacturer": "Siemens",
    "ManufacturersModelName": "TrioTim",
    "PhaseEncodingDirection": "j-",
    "PulseSequenceType": "Gradient Echo EPI",
    "RepetitionTime": 2.5,
    "SliceTiming": [
      0,
      1.285,
      0.0625,
      1.35,
      0.1275,
      1.415,
      0.1925,
      1.48,
      0.2575,
      1.5425,
      0.32,
      1.6075,
      0.385,
      1.6725,
      0.45,
      1.7375,
      0.5125,
      1.8,
      0.5775,
      1.865,
      0.6425,
      1.93,
      0.7075,
      1.9925,
      0.77,
      2.0575,
      0.835,
      2.1225,
      0.9,
      2.1875,
      0.965,
      2.25,
      1.0275,
      2.315,
      1.0925,
      2.38,
      1.1575,
      2.445,
      1.2225
    ],
    "TaskName": "Experimental Run 1",
    "modality": "bold",
    "subject_id": "01",
    "task_id": "run1"
  },
  "dummy_trs": 0,
  "dvars_nstd": 51.46970133239382,
  "dvars_std": 1.081860792548263,
  "dvars_vstd": 1.0269448897683395,
  "efc": 0.608666844941854,
  "fber": 464.17437744140625,
  "fd_mean": 0.08317720226297588,
  "fd_num": 9,
  "fd_perc": 3.4615384615384617,
  "fwhm_avg": 2.4934499999999997,
  "fwhm_x": 2.477815,
  "fwhm_y": 3.001595,
  "fwhm_z": 2.00094,
  "gcor": 0.0102019,
  "gsr_x": -0.0038087705615907907,
  "gsr_y": 0.028315110132098198,
  "provenance": {
    "md5sum": "39fb34fa468551a3e4ad4111d0a2f1a3",
    "settings": {
      "fd_thres": 0.2,
      "hmc_fsl": false
    },
    "software": "mriqc",
    "version": "0.10.0"
  },
  "size_t": 260,
  "size_x": 96,
  "size_y": 96,
  "size_z": 39,
  "snr": 4.647114131767531,
  "spacing_tr": 2.5,
  "spacing_x": 2.0,
  "spacing_y": 2.0,
  "spacing_z": 3.0,
  "summary_bg_k": 60.33767172776664,
  "summary_bg_mad": 10.070292472839355,
  "summary_bg_mean": 28.276432037353516,
  "summary_bg_median": 20.761537551879883,
  "summary_bg_n": 182224.0,
  "summary_bg_p05": 10.623077392578125,
  "summary_bg_p95": 58.626922607421875,
  "summary_bg_stdv": 31.01255226135254,
  "summary_fg_k": 2.8374730038042655,
  "summary_fg_mad": 73.58268737792969,
  "summary_fg_mean": 467.6926574707031,
  "summary_fg_median": 465.3423156738281,
  "summary_fg_n": 111941.0,
  "summary_fg_p05": 309.69232177734375,
  "summary_fg_p95": 628.8692016601562,
  "summary_fg_stdv": 100.13531494140625,
  "tsnr": 28.72037124633789
}