{
  "aor": 0.000559,
  "aqi": 0.023342686923076925,
  "bids_meta": {
    "EchoTime": 0.03,
    "EffectiveEchoSpacing": 0.000370002,
    "FlipAngle": 90,
    "ImageType": [
      "ORIGINAL",
      "PRIMARY",
      "M",
      "ND",
      "NORM",
      "MOS"
    ],
    "MagneticFieldStrength": 3,
    "Manufacturer": "Siemens",
    "ManufacturersModelName": "TrioTim",
    "PhaseEncodingDirection": "j-",
    "PulseSequenceType": "Gradient Echo EPI",
    "RepetitionTime": 2.5,
    "SliceTiming": [
      0,
      1.2875,
      0.065,
      1.3525,
      0.13,
      1.4175,
      0.1925,
      1.48,
      0.2575,
      1.545,
      0.3225,
      1.61,
      0.3875,
      1.6725,
      0.45,
      1.7375,
      0.515,
      1.8025,
      0.58,
      1.8675,
      0.645,
      1.93,
      0.7075,
      1.995,
      0.7725,
      2.06,
      0.8375,
      2.125,
      0.9025,
      2.1875,
      0.965,
      2.2525,
      1.03,
      2.3175,
      1.095,
      2.3825,
      1.16,
      2.445,
      1.2225
    ],
    "TaskName": "Experimental Run 4",
    "modality": "bold",
    "subject_id": "04",
    "task_id": "run4"
  },
  "dummy_trs": 0,
  "dvars_nstd": 50.19322558104247,
  "dvars_std": 1.0949845089189185,
  "dvars_vstd": 0.999815701969113,
  "efc": 0.6000587144748589,
  "fber": 506.57220458984375,
  "fd_mean": 0.061870910526886876,
  "fd_num": 11,
  "fd_perc": 4.230769230769231,
  "fwhm_avg": 2.4773107190198793,
  "fwhm_x": 2.531265,
  "fwhm_y": 2.9046101731282574,
  "fwhm_z": 1.99605698393138,
  "gcor": 0.0074866,
  "gsr_x": 0.002845006063580513,
  "gsr_y": 0.03167460858821869,
  "provenance": {
    "md5sum": "7ead9180bbcc0fbe3104ea1ade7e1ca6",
    "settings": {
      "fd_thres": 0.2,
      "hmc_fsl": false
    },
    "software": "mriqc",
    "version": "0.10.0"
  },
  "size_t": 260,
  "size_x": 96,
  "size_y": 96,
  "size_z": 39,
  "snr": 4.902786150174782,
  "spacing_tr": 2.5,
  "spacing_x": 2.0,
  "spacing_y": 1.9999998807907104,
  "spacing_z": 2.999999523162842,
  "summary_bg_k": 25.800881941274493,
  "summary_bg_mad": 11.684045791625977,
  "summary_bg_mean": 38.81804275512695,
  "summary_bg_median": 22.315383911132812,
  "summary_bg_n": 194627.0,
  "summary_bg_p05": 11.534615516662598,
  "summary_bg_p95": 132.04423522949185,
  "summary_bg_stdv": 49.067745208740234,
  "summary_fg_k": 3.237605706864189,
  "summary_fg_mad": 80.76191711425781,
  "summary_fg_mean": 522.4615478515625,
  "summary_fg_median": 521.8692016601562,
  "summary_fg_n": 101631.0,
  "summary_fg_p05": 362.0807800292969,
  "summary_fg_p95": 686.6788635253906,
  "summary_fg_stdv": 106.44287109375,
  "tsnr": 29.42557716369629
}