{
  "aor": 0.0003699230769230769,
  "aqi": 0.020517062692307693,
  "bids_meta": {
    "EchoTime": 0.03,
    "EffectiveEchoSpacing": 0.000370002,
    "FlipAngle": 90,
    "ImageType": [
      "ORIGINAL",
      "PRIMARY",
      "M",
      "ND",
      "NORM",
      "MOS"
    ],
    "MagneticFieldStrength": 3,
    "Manufacturer": "Siemens",
    "ManufacturersModelName": "TrioTim",
    "PhaseEncodingDirection": "j-",
    "PulseSequenceType": "Gradient Echo EPI",
    "RepetitionTime": 2.5,
    "SliceTiming": [
      0,
      1.285,
      0.0625,
      1.35,
      0.1275,
      1.415,
      0.1925,
      1.48,
      0.2575,
      1.5425,
      0.32,
      1.6075,
      0.385,
      1.6725,
      0.45,
      1.7375,
      0.515,
      1.8,
      0.5775,
      1.865,
      0.6425,
      1.93,
      0.7075,
      1.995,
      0.77,
      2.0575,
      0.835,
      2.1225,
      0.9,
      2.1875,
      0.965,
      2.25,
      1.0275,
      2.315,
      1.0925,
      2.38,
      1.1575,
      2.445,
      1.2225
    ],
    "TaskName": "Experimental Run 3",
    "modality": "bold",
    "subject_id": "10",
    "task_id": "run3"
  },
  "dummy_trs": 0,
  "dvars_nstd": 45.55619951938225,
  "dvars_std": 1.0593230156756759,
  "dvars_vstd": 1.0005041330501934,
  "efc": 0.5884946190858079,
  "fber": 604.4010620117188,
  "fd_mean": 0.10180567767458272,
  "fd_num": 27,
  "fd_perc": 10.384615384615385,
  "fwhm_avg": 2.6651200521820813,
  "fwhm_x": 2.6264101565462443,
  "fwhm_y": 3.19972,
  "fwhm_z": 2.16923,
  "gcor": 0.00812174,
  "gsr_x": 0.0020174188539385796,
  "gsr_y": 0.03153740614652634,
  "provenance": {
    "md5sum": "b566b4fc449b674f47ae8a54e07e5715",
    "settings": {
      "fd_thres": 0.2,
      "hmc_fsl": false
    },
    "software": "mriqc",
    "version": "0.10.0"
  },
  "size_t": 260,
  "size_x": 96,
  "size_y": 96,
  "size_z": 39,
  "snr": 5.291807591972494,
  "spacing_tr": 2.5,
  "spacing_x": 1.9999998807907104,
  "spacing_y": 2.0,
  "spacing_z": 3.0,
  "summary_bg_k": 38.65073380349996,
  "summary_bg_mad": 9.363202095031738,
  "summary_bg_mean": 30.411998748779297,
  "summary_bg_median": 19.649999618530273,
  "summary_bg_n": 194896.0,
  "summary_bg_p05": 11.050000190734863,
  "summary_bg_p95": 77.54422950744629,
  "summary_bg_stdv": 37.377567291259766,
  "summary_fg_k": 3.27046646075088,
  "summary_fg_mad": 77.4089126586914,
  "summary_fg_mean": 499.75958251953125,
  "summary_fg_median": 504.04998779296875,
  "summary_fg_n": 101275.0,
  "summary_fg_p05": 348.7526916503906,
  "summary_fg_p95": 636.453857421875,
  "summary_fg_stdv": 95.25053405761719,
  "tsnr": 31.819616317749023
}