{
  "aor": 0.0003518461538461538,
  "aqi": 0.02080235807692308,
  "bids_meta": {
    "EchoTime": 0.03,
    "EffectiveEchoSpacing": 0.000370002,
    "FlipAngle": 90,
    "ImageType": [
      "ORIGINAL",
      "PRIMARY",
      "M",
      "ND",
      "NORM",
      "MOS"
    ],
    "MagneticFieldStrength": 3,
    "Manufacturer": "Siemens",
    "ManufacturersModelName": "TrioTim",
    "PhaseEncodingDirection": "j-",
    "PulseSequenceType": "Gradient Echo EPI",
    "RepetitionTime": 2.5,
    "SliceTiming": [
      0,
      1.2875,
      0.065,
      1.3525,
      0.13,
      1.415,
      0.1925,
      1.48,
      0.2575,
      1.545,
      0.3225,
      1.61,
      0.3875,
      1.6725,
      0.45,
      1.7375,
      0.515,
      1.8025,
      0.58,
      1.8675,
      0.645,
      1.93,
      0.7075,
      1.995,
      0.7725,
      2.06,
      0.8375,
      2.125,
      0.9,
      2.1875,
      0.965,
      2.2525,
      1.03,
      2.3175,
      1.095,
      2.38,
      1.1575,
      2.445,
      1.2225
    ],
    "TaskName": "Experimental Run 1",
    "modality": "bold",
    "subject_id": "04",
    "task_id": "run1"
  },
  "dummy_trs": 0,
  "dvars_nstd": 48.78043278532815,
  "dvars_std": 1.102270722509653,
  "dvars_vstd": 1.001110829266409,
  "efc": 0.5983835530837972,
  "fber": 531.499755859375,
  "fd_mean": 0.0469667768503594,
  "fd_num": 1,
  "fd_perc": 0.38461538461538464,
  "fwhm_avg": 2.4589429399735376,
  "fwhm_x": 2.515405,
  "fwhm_y": 2.8801301716691357,
  "fwhm_z": 1.9812936482514776,
  "gcor": 0.0091582,
  "gsr_x": 0.0025462082121521235,
  "gsr_y": 0.03156973421573639,
  "provenance": {
    "md5sum": "b3d5ab4a6455971214e1adc91cdcd010",
    "settings": {
      "fd_thres": 0.2,
      "hmc_fsl": false
    },
    "software": "mriqc",
    "version": "0.10.0"
  },
  "size_t": 260,
  "size_x": 96,
  "size_y": 96,
  "size_z": 39,
  "snr": 4.961958558574763,
  "spacing_tr": 2.5,
  "spacing_x": 2.0,
  "spacing_y": 1.9999998807907104,
  "spacing_z": 2.999999523162842,
  "summary_bg_k": 27.718555679364545,
  "summary_bg_mad": 11.30199146270752,
  "summary_bg_mean": 38.06974411010742,
  "summary_bg_median": 21.819231033325195,
  "summary_bg_n": 194612.0,
  "summary_bg_p05": 11.396153450012207,
  "summary_bg_p95": 129.49711608886685,
  "summary_bg_stdv": 48.72611999511719,
  "summary_fg_k": 3.209915291268114,
  "summary_fg_mad": 80.36276245117188,
  "summary_fg_mean": 523.986083984375,
  "summary_fg_median": 522.8961791992188,
  "summary_fg_n": 101451.0,
  "summary_fg_p05": 365.5288391113281,
  "summary_fg_p95": 687.6942443847656,
  "summary_fg_stdv": 105.38048553466797,
  "tsnr": 31.043516159057617
}