{
  "aor": 0.000620923076923077,
  "aqi": 0.03633316615384616,
  "bids_meta": {
    "EchoTime": 0.03,
    "EffectiveEchoSpacing": 0.000370002,
    "FlipAngle": 90,
    "ImageType": [
      "ORIGINAL",
      "PRIMARY",
      "M",
      "ND",
      "NORM",
      "MOS"
    ],
    "MagneticFieldStrength": 3,
    "Manufacturer": "Siemens",
    "ManufacturersModelName": "TrioTim",
    "PhaseEncodingDirection": "j-",
    "PulseSequenceType": "Gradient Echo EPI",
    "RepetitionTime": 2.5,
    "SliceTiming": [
      0,
      1.285,
      0.0625,
      1.35,
      0.1275,
      1.415,
      0.1925,
      1.48,
      0.255,
      1.5425,
      0.32,
      1.6075,
      0.385,
      1.6725,
      0.45,
      1.735,
      0.5125,
      1.8,
      0.5775,
      1.865,
      0.6425,
      1.93,
      0.7075,
      1.9925,
      0.77,
      2.0575,
      0.835,
      2.1225,
      0.9,
      2.1875,
      0.965,
      2.25,
      1.0275,
      2.315,
      1.0925,
      2.38,
      1.1575,
      2.445,
      1.2225
    ],
    "TaskName": "Experimental Run 1",
    "modality": "bold",
    "subject_id": "07",
    "task_id": "run1"
  },
  "dummy_trs": 0,
  "dvars_nstd": 47.22916194359072,
  "dvars_std": 1.0094085857915058,
  "dvars_vstd": 0.9544568408108105,
  "efc": 0.5817688884397292,
  "fber": 559.66357421875,
  "fd_mean": 0.08046889330623025,
  "fd_num": 10,
  "fd_perc": 3.8461538461538463,
  "fwhm_avg": 2.5466844444444443,
  "fwhm_x": 2.517585,
  "fwhm_y": 3.038725,
  "fwhm_z": 2.083743333333333,
  "gcor": 0.0039496,
  "gsr_x": -0.003455281024798751,
  "gsr_y": 0.030462967231869698,
  "provenance": {
    "md5sum": "4ee59b51a62857b627f3064c89a0a0aa",
    "settings": {
      "fd_thres": 0.2,
      "hmc_fsl": false
    },
    "software": "mriqc",
    "version": "0.10.0"
  },
  "size_t": 260,
  "size_x": 96,
  "size_y": 96,
  "size_z": 39,
  "snr": 4.721145061503451,
  "spacing_tr": 2.5,
  "spacing_x": 2.0,
  "spacing_y": 2.0,
  "spacing_z": 3.0,
  "summary_bg_k": 59.87270793485209,
  "summary_bg_mad": 11.666938781738281,
  "summary_bg_mean": 33.50727844238281,
  "summary_bg_median": 23.492307662963867,
  "summary_bg_n": 196079.0,
  "summary_bg_p05": 12.338461875915527,
  "summary_bg_p95": 81.77307891845703,
  "summary_bg_stdv": 38.06633758544922,
  "summary_fg_k": 2.24300521803041,
  "summary_fg_mad": 102.31670379638672,
  "summary_fg_mean": 570.013916015625,
  "summary_fg_median": 571.6654052734375,
  "summary_fg_n": 99999.0,
  "summary_fg_p05": 379.35308227539065,
  "summary_fg_p95": 753.8430541992187,
  "summary_fg_stdv": 121.0855712890625,
  "tsnr": 23.108251571655273
}