{
  "aor": 0.0017787692307692305,
  "aqi": 0.026562032692307693,
  "bids_meta": {
    "EchoTime": 0.03,
    "EffectiveEchoSpacing": 0.000370002,
    "FlipAngle": 90,
    "ImageType": [
      "ORIGINAL",
      "PRIMARY",
      "M",
      "ND",
      "NORM",
      "MOS"
    ],
    "MagneticFieldStrength": 3,
    "Manufacturer": "Siemens",
    "ManufacturersModelName": "TrioTim",
    "PhaseEncodingDirection": "j-",
    "PulseSequenceType": "Gradient Echo EPI",
    "RepetitionTime": 2.5,
    "SliceTiming": [
      0,
      1.2875,
      0.065,
      1.3525,
      0.13,
      1.4175,
      0.195,
      1.48,
      0.2575,
      1.545,
      0.3225,
      1.61,
      0.3875,
      1.675,
      0.45,
      1.7375,
      0.515,
      1.8025,
      0.58,
      1.8675,
      0.645,
      1.93,
      0.7075,
      1.995,
      0.7725,
      2.06,
      0.8375,
      2.125,
      0.9025,
      2.1875,
      0.965,
      2.2525,
      1.03,
      2.3175,
      1.095,
      2.3825,
      1.16,
      2.445,
      1.2225
    ],
    "TaskName": "Experimental Run 3",
    "modality": "bold",
    "subject_id": "04",
    "task_id": "run3"
  },
  "dummy_trs": 0,
  "dvars_nstd": 49.309492177490355,
  "dvars_std": 1.0862211915057913,
  "dvars_vstd": 1.0024068863320459,
  "efc": 0.5999217652083098,
  "fber": 511.5909729003906,
  "fd_mean": 0.05625514219444201,
  "fd_num": 7,
  "fd_perc": 2.6923076923076925,
  "fwhm_avg": 2.493032942576473,
  "fwhm_x": 2.542265,
  "fwhm_y": 2.9221801741755113,
  "fwhm_z": 2.014653653553908,
  "gcor": 0.00777255,
  "gsr_x": 0.002474685665220022,
  "gsr_y": 0.03218281269073486,
  "provenance": {
    "md5sum": "4a29fb08fdfe2e61c6bc2d2886437a46",
    "settings": {
      "fd_thres": 0.2,
      "hmc_fsl": false
    },
    "software": "mriqc",
    "version": "0.10.0"
  },
  "size_t": 260,
  "size_x": 96,
  "size_y": 96,
  "size_z": 39,
  "snr": 4.918567733498524,
  "spacing_tr": 2.5,
  "spacing_x": 2.0,
  "spacing_y": 1.9999998807907104,
  "spacing_z": 2.999999523162842,
  "summary_bg_k": 26.05935248192435,
  "summary_bg_mad": 11.72396183013916,
  "summary_bg_mean": 38.67612838745117,
  "summary_bg_median": 22.22307777404785,
  "summary_bg_n": 194678.0,
  "summary_bg_p05": 11.465384483337402,
  "summary_bg_p95": 131.17365722656248,
  "summary_bg_stdv": 48.998504638671875,
  "summary_fg_k": 3.2366977482483152,
  "summary_fg_mad": 80.53953552246094,
  "summary_fg_mean": 522.2174072265625,
  "summary_fg_median": 521.6211547851562,
  "summary_fg_n": 101638.0,
  "summary_fg_p05": 363.57135925292965,
  "summary_fg_p95": 686.484619140625,
  "summary_fg_stdv": 106.05091094970703,
  "tsnr": 28.397380828857422
}