{
  "aor": 0.0010693846153846155,
  "aqi": 0.034143401538461536,
  "bids_meta": {
    "EchoTime": 0.03,
    "EffectiveEchoSpacing": 0.000370002,
    "FlipAngle": 90,
    "ImageType": [
      "ORIGINAL",
      "PRIMARY",
      "M",
      "ND",
      "NORM",
      "MOS"
    ],
    "MagneticFieldStrength": 3,
    "Manufacturer": "Siemens",
    "ManufacturersModelName": "TrioTim",
    "PhaseEncodingDirection": "j-",
    "PulseSequenceType": "Gradient Echo EPI",
    "RepetitionTime": 2.5,
    "SliceTiming": [
      0,
      1.285,
      0.0625,
      1.35,
      0.1275,
      1.415,
      0.1925,
      1.48,
      0.2575,
      1.5425,
      0.32,
      1.6075,
      0.385,
      1.6725,
      0.45,
      1.7375,
      0.515,
      1.8,
      0.5775,
      1.865,
      0.6425,
      1.93,
      0.7075,
      1.995,
      0.77,
      2.0575,
      0.835,
      2.1225,
      0.9,
      2.1875,
      0.965,
      2.25,
      1.0275,
      2.315,
      1.0925,
      2.38,
      1.1575,
      2.445,
      1.2225
    ],
    "TaskName": "Experimental Run 4",
    "modality": "bold",
    "subject_id": "03",
    "task_id": "run4"
  },
  "dummy_trs": 0,
  "dvars_nstd": 53.63325269235518,
  "dvars_std": 1.0359534811969116,
  "dvars_vstd": 0.9918360420463315,
  "efc": 0.6149959893576518,
  "fber": 464.0465087890625,
  "fd_mean": 0.2640281645075878,
  "fd_num": 134,
  "fd_perc": 51.53846153846154,
  "fwhm_avg": 2.5343350545401084,
  "fwhm_x": 2.48763,
  "fwhm_y": 3.056555,
  "fwhm_z": 2.058820163620326,
  "gcor": 0.00466542,
  "gsr_x": -0.004625416360795498,
  "gsr_y": 0.0486992746591568,
  "provenance": {
    "md5sum": "39654cfdfecd3bab4d02a36848812a52",
    "settings": {
      "fd_thres": 0.2,
      "hmc_fsl": false
    },
    "software": "mriqc",
    "version": "0.10.0"
  },
  "size_t": 260,
  "size_x": 96,
  "size_y": 96,
  "size_z": 39,
  "snr": 4.766450819232774,
  "spacing_tr": 2.5,
  "spacing_x": 2.0,
  "spacing_y": 2.0,
  "spacing_z": 2.999999761581421,
  "summary_bg_k": 29.616092864628996,
  "summary_bg_mad": 9.539976119995117,
  "summary_bg_mean": 26.775842666625977,
  "summary_bg_median": 17.757692337036133,
  "summary_bg_n": 181732.0,
  "summary_bg_p05": 8.9884614944458,
  "summary_bg_p95": 68.57480468749993,
  "summary_bg_stdv": 28.276744842529297,
  "summary_fg_k": 1.901982254074193,
  "summary_fg_mad": 69.13488006591797,
  "summary_fg_mean": 404.2542419433594,
  "summary_fg_median": 398.26153564453125,
  "summary_fg_n": 113516.0,
  "summary_fg_p05": 285.2576904296875,
  "summary_fg_p95": 547.0913238525391,
  "summary_fg_stdv": 83.5547866821289,
  "tsnr": 24.38391876220703
}