{
  "aor": 0.0015595384615384616,
  "aqi": 0.03276626076923077,
  "bids_meta": {
    "EchoTime": 0.03,
    "EffectiveEchoSpacing": 0.000370002,
    "FlipAngle": 90,
    "ImageType": [
      "ORIGINAL",
      "PRIMARY",
      "M",
      "ND",
      "NORM",
      "MOS"
    ],
    "MagneticFieldStrength": 3,
    "Manufacturer": "Siemens",
    "ManufacturersModelName": "TrioTim",
    "PhaseEncodingDirection": "j-",
    "PulseSequenceType": "Gradient Echo EPI",
    "RepetitionTime": 2.5,
    "SliceTiming": [
      0,
      1.2875,
      0.065,
      1.35,
      0.1275,
      1.415,
      0.1925,
      1.48,
      0.2575,
      1.545,
      0.3225,
      1.6075,
      0.385,
      1.6725,
      0.45,
      1.7375,
      0.515,
      1.8025,
      0.58,
      1.865,
      0.6425,
      1.93,
      0.7075,
      1.995,
      0.7725,
      2.06,
      0.8375,
      2.1225,
      0.9,
      2.1875,
      0.965,
      2.2525,
      1.03,
      2.3175,
      1.095,
      2.38,
      1.1575,
      2.445,
      1.2225
    ],
    "TaskName": "Experimental Run 4",
    "modality": "bold",
    "subject_id": "11",
    "task_id": "run4"
  },
  "dummy_trs": 0,
  "dvars_nstd": 54.02011944980694,
  "dvars_std": 1.0672540379922784,
  "dvars_vstd": 1.0053356104633198,
  "efc": 0.6329877231259368,
  "fber": 501.6954040527344,
  "fd_mean": 0.16804410680722195,
  "fd_num": 61,
  "fd_perc": 23.46153846153846,
  "fwhm_avg": 2.6201644444444447,
  "fwhm_x": 2.58743,
  "fwhm_y": 3.14679,
  "fwhm_z": 2.1262733333333332,
  "gcor": 0.00675516,
  "gsr_x": 0.004067609552294016,
  "gsr_y": 0.04173289239406586,
  "provenance": {
    "md5sum": "d80deff00936c692b1494f48f23e6bf5",
    "settings": {
      "fd_thres": 0.2,
      "hmc_fsl": false
    },
    "software": "mriqc",
    "version": "0.10.0"
  },
  "size_t": 260,
  "size_x": 96,
  "size_y": 96,
  "size_z": 39,
  "snr": 5.110146558413746,
  "spacing_tr": 2.5,
  "spacing_x": 2.0,
  "spacing_y": 2.0,
  "spacing_z": 3.0,
  "summary_bg_k": 34.11666197005661,
  "summary_bg_mad": 11.76958179473877,
  "summary_bg_mean": 34.75302505493164,
  "summary_bg_median": 22.957693099975586,
  "summary_bg_n": 172158.0,
  "summary_bg_p05": 11.673076629638672,
  "summary_bg_p95": 89.16499900817858,
  "summary_bg_stdv": 42.322940826416016,
  "summary_fg_k": 2.8784875266315915,
  "summary_fg_mad": 79.1823959350586,
  "summary_fg_mean": 536.551025390625,
  "summary_fg_median": 538.6500244140625,
  "summary_fg_n": 122097.0,
  "summary_fg_p05": 359.8753845214844,
  "summary_fg_p95": 693.5622924804687,
  "summary_fg_stdv": 105.40750885009766,
  "tsnr": 25.948558807373047
}