{
  "aor": 0.0007402307692307693,
  "aqi": 0.03533927884615385,
  "bids_meta": {
    "EchoTime": 0.03,
    "EffectiveEchoSpacing": 0.000370002,
    "FlipAngle": 90,
    "ImageType": [
      "ORIGINAL",
      "PRIMARY",
      "M",
      "ND",
      "NORM",
      "MOS"
    ],
    "MagneticFieldStrength": 3,
    "Manufacturer": "Siemens",
    "ManufacturersModelName": "TrioTim",
    "PhaseEncodingDirection": "j-",
    "PulseSequenceType": "Gradient Echo EPI",
    "RepetitionTime": 2.5,
    "SliceTiming": [
      0,
      1.2875,
      0.0625,
      1.35,
      0.1275,
      1.415,
      0.1925,
      1.48,
      0.2575,
      1.5425,
      0.32,
      1.6075,
      0.385,
      1.6725,
      0.45,
      1.7375,
      0.515,
      1.8,
      0.5775,
      1.865,
      0.6425,
      1.93,
      0.7075,
      1.995,
      0.7725,
      2.0575,
      0.835,
      2.1225,
      0.9,
      2.1875,
      0.965,
      2.2525,
      1.03,
      2.315,
      1.0925,
      2.38,
      1.1575,
      2.445,
      1.2225
    ],
    "TaskName": "Experimental Run 2",
    "modality": "bold",
    "subject_id": "07",
    "task_id": "run2"
  },
  "dummy_trs": 0,
  "dvars_nstd": 47.06082287347487,
  "dvars_std": 1.020097334285714,
  "dvars_vstd": 0.96711299019305,
  "efc": 0.5812919535463217,
  "fber": 559.2727661132812,
  "fd_mean": 0.10192857099086222,
  "fd_num": 17,
  "fd_perc": 6.538461538461538,
  "fwhm_avg": 2.547391111111111,
  "fwhm_x": 2.527755,
  "fwhm_y": 3.046505,
  "fwhm_z": 2.0679133333333333,
  "gcor": 0.00971108,
  "gsr_x": -0.0032925144769251347,
  "gsr_y": 0.03093511052429676,
  "provenance": {
    "md5sum": "fbf384e94609bce18c0885b0df5ff09e",
    "settings": {
      "fd_thres": 0.2,
      "hmc_fsl": false
    },
    "software": "mriqc",
    "version": "0.10.0"
  },
  "size_t": 260,
  "size_x": 96,
  "size_y": 96,
  "size_z": 39,
  "snr": 4.7360232147400385,
  "spacing_tr": 2.5,
  "spacing_x": 2.0,
  "spacing_y": 2.0,
  "spacing_z": 3.0,
  "summary_bg_k": 60.06063128694719,
  "summary_bg_mad": 11.912138938903809,
  "summary_bg_mean": 33.308349609375,
  "summary_bg_median": 23.44615364074707,
  "summary_bg_n": 196179.0,
  "summary_bg_p05": 11.94615364074707,
  "summary_bg_p95": 81.6500015258789,
  "summary_bg_stdv": 37.33503341674805,
  "summary_fg_k": 2.3277636981396794,
  "summary_fg_mad": 102.04296875,
  "summary_fg_mean": 571.8971557617188,
  "summary_fg_median": 573.0,
  "summary_fg_n": 99825.0,
  "summary_fg_p05": 385.17460327148433,
  "summary_fg_p95": 755.8415161132813,
  "summary_fg_stdv": 120.98697662353516,
  "tsnr": 23.27166748046875
}