{
  "aor": 0.001090923076923077,
  "aqi": 0.03262891076923077,
  "bids_meta": {
    "EchoTime": 0.03,
    "EffectiveEchoSpacing": 0.000370002,
    "FlipAngle": 90,
    "ImageType": [
      "ORIGINAL",
      "PRIMARY",
      "M",
      "ND",
      "NORM",
      "MOS"
    ],
    "MagneticFieldStrength": 3,
    "Manufacturer": "Siemens",
    "ManufacturersModelName": "TrioTim",
    "PhaseEncodingDirection": "j-",
    "PulseSequenceType": "Gradient Echo EPI",
    "RepetitionTime": 2.5,
    "SliceTiming": [
      0,
      1.2875,
      0.065,
      1.3525,
      0.13,
      1.4175,
      0.195,
      1.48,
      0.2575,
      1.545,
      0.3225,
      1.61,
      0.3875,
      1.675,
      0.4525,
      1.7375,
      0.515,
      1.8025,
      0.58,
      1.8675,
      0.645,
      1.9325,
      0.71,
      1.995,
      0.7725,
      2.06,
      0.8375,
      2.125,
      0.9025,
      2.19,
      0.9675,
      2.2525,
      1.03,
      2.3175,
      1.095,
      2.3825,
      1.16,
      2.4475,
      1.225
    ],
    "TaskName": "Experimental Run 4",
    "modality": "bold",
    "subject_id": "08",
    "task_id": "run4"
  },
  "dummy_trs": 0,
  "dvars_nstd": 48.58347403027024,
  "dvars_std": 1.103722511081082,
  "dvars_vstd": 1.0018960842857147,
  "efc": 0.548150231041436,
  "fber": 651.9949951171875,
  "fd_mean": 0.08629780923362354,
  "fd_num": 24,
  "fd_perc": 9.23076923076923,
  "fwhm_avg": 2.6310772222222223,
  "fwhm_x": 2.680085,
  "fwhm_y": 3.05962,
  "fwhm_z": 2.1535266666666666,
  "gcor": 0.00899313,
  "gsr_x": 0.00924838799983263,
  "gsr_y": 0.017969384789466858,
  "provenance": {
    "md5sum": "e02c0d013ce779d529a985abacde461e",
    "settings": {
      "fd_thres": 0.2,
      "hmc_fsl": false
    },
    "software": "mriqc",
    "version": "0.10.0"
  },
  "size_t": 260,
  "size_x": 96,
  "size_y": 96,
  "size_z": 39,
  "snr": 5.4494274589583025,
  "spacing_tr": 2.5,
  "spacing_x": 2.0,
  "spacing_y": 2.0,
  "spacing_z": 3.0,
  "summary_bg_k": 34.115265046579054,
  "summary_bg_mad": 11.672643661499023,
  "summary_bg_mean": 35.38007354736328,
  "summary_bg_median": 22.003847122192383,
  "summary_bg_n": 216227.0,
  "summary_bg_p05": 11.103846549987793,
  "summary_bg_p95": 100.00269165039056,
  "summary_bg_stdv": 47.49656295776367,
  "summary_fg_k": 4.671448223485793,
  "summary_fg_mad": 74.75160217285156,
  "summary_fg_mean": 569.6525268554688,
  "summary_fg_median": 579.126953125,
  "summary_fg_n": 82497.0,
  "summary_fg_p05": 386.0538330078125,
  "summary_fg_p95": 710.126953125,
  "summary_fg_stdv": 106.27234649658203,
  "tsnr": 28.77427864074707
}