{
  "aor": 0.0010766923076923078,
  "aqi": 0.03277241769230769,
  "bids_meta": {
    "EchoTime": 0.03,
    "EffectiveEchoSpacing": 0.000370002,
    "FlipAngle": 90,
    "ImageType": [
      "ORIGINAL",
      "PRIMARY",
      "M",
      "ND",
      "NORM",
      "MOS"
    ],
    "MagneticFieldStrength": 3,
    "Manufacturer": "Siemens",
    "ManufacturersModelName": "TrioTim",
    "PhaseEncodingDirection": "j-",
    "PulseSequenceType": "Gradient Echo EPI",
    "RepetitionTime": 2.5,
    "SliceTiming": [
      0,
      1.2875,
      0.065,
      1.3525,
      0.13,
      1.415,
      0.1925,
      1.48,
      0.2575,
      1.545,
      0.3225,
      1.61,
      0.3875,
      1.6725,
      0.45,
      1.7375,
      0.515,
      1.8025,
      0.58,
      1.8675,
      0.645,
      1.93,
      0.7075,
      1.995,
      0.7725,
      2.06,
      0.8375,
      2.125,
      0.9025,
      2.1875,
      0.965,
      2.2525,
      1.03,
      2.3175,
      1.095,
      2.3825,
      1.16,
      2.445,
      1.2225
    ],
    "TaskName": "Experimental Run 3",
    "modality": "bold",
    "subject_id": "11",
    "task_id": "run3"
  },
  "dummy_trs": 0,
  "dvars_nstd": 53.384726623552154,
  "dvars_std": 1.063450529459459,
  "dvars_vstd": 0.9981905204247097,
  "efc": 0.6327131879156347,
  "fber": 503.5791931152344,
  "fd_mean": 0.17038503672285146,
  "fd_num": 65,
  "fd_perc": 25.0,
  "fwhm_avg": 2.5957416666666666,
  "fwhm_x": 2.557945,
  "fwhm_y": 3.11547,
  "fwhm_z": 2.11381,
  "gcor": 0.00402934,
  "gsr_x": 0.003203434869647026,
  "gsr_y": 0.04195515811443329,
  "provenance": {
    "md5sum": "aa9d800172353cb69e75caa549743b70",
    "settings": {
      "fd_thres": 0.2,
      "hmc_fsl": false
    },
    "software": "mriqc",
    "version": "0.10.0"
  },
  "size_t": 260,
  "size_x": 96,
  "size_y": 96,
  "size_z": 39,
  "snr": 5.162821195855447,
  "spacing_tr": 2.5,
  "spacing_x": 2.0,
  "spacing_y": 2.0,
  "spacing_z": 3.0,
  "summary_bg_k": 34.93184646551087,
  "summary_bg_mad": 11.860817909240723,
  "summary_bg_mean": 34.791412353515625,
  "summary_bg_median": 23.015384674072266,
  "summary_bg_n": 172604.0,
  "summary_bg_p05": 11.734615325927734,
  "summary_bg_p95": 88.87576904296878,
  "summary_bg_stdv": 42.515098571777344,
  "summary_fg_k": 2.9206356999139267,
  "summary_fg_mad": 79.0797348022461,
  "summary_fg_mean": 537.9249877929688,
  "summary_fg_median": 539.6231079101562,
  "summary_fg_n": 121656.0,
  "summary_fg_p05": 365.8826904296875,
  "summary_fg_p95": 694.5471038818359,
  "summary_fg_stdv": 104.52054595947266,
  "tsnr": 26.12375831604004
}