{
  "aor": 0.0016975769230769232,
  "aqi": 0.028105011153846154,
  "bids_meta": {
    "EchoTime": 0.03,
    "EffectiveEchoSpacing": 0.000370002,
    "FlipAngle": 90,
    "ImageType": [
      "ORIGINAL",
      "PRIMARY",
      "M",
      "ND",
      "NORM",
      "MOS"
    ],
    "MagneticFieldStrength": 3,
    "Manufacturer": "Siemens",
    "ManufacturersModelName": "TrioTim",
    "PhaseEncodingDirection": "j-",
    "PulseSequenceType": "Gradient Echo EPI",
    "RepetitionTime": 2.5,
    "SliceTiming": [
      0,
      1.285,
      0.0625,
      1.35,
      0.1275,
      1.415,
      0.1925,
      1.48,
      0.2575,
      1.5425,
      0.32,
      1.6075,
      0.385,
      1.6725,
      0.45,
      1.7375,
      0.515,
      1.8,
      0.5775,
      1.865,
      0.6425,
      1.93,
      0.7075,
      1.995,
      0.7725,
      2.0575,
      0.835,
      2.1225,
      0.9,
      2.1875,
      0.965,
      2.2525,
      1.03,
      2.315,
      1.0925,
      2.38,
      1.1575,
      2.445,
      1.2225
    ],
    "TaskName": "Experimental Run 1",
    "modality": "bold",
    "subject_id": "10",
    "task_id": "run1"
  },
  "dummy_trs": 0,
  "dvars_nstd": 46.65963384247106,
  "dvars_std": 1.0482280057915059,
  "dvars_vstd": 0.997255511158301,
  "efc": 0.5898258474513474,
  "fber": 576.51318359375,
  "fd_mean": 0.117009589004429,
  "fd_num": 35,
  "fd_perc": 13.461538461538462,
  "fwhm_avg": 2.6734822746290132,
  "fwhm_x": 2.637720157220373,
  "fwhm_y": 3.19792,
  "fwhm_z": 2.184806666666667,
  "gcor": 0.00787322,
  "gsr_x": -0.0005113670486025512,
  "gsr_y": 0.03130161389708519,
  "provenance": {
    "md5sum": "358e4937199c2f6a487a45ec6c01afc3",
    "settings": {
      "fd_thres": 0.2,
      "hmc_fsl": false
    },
    "software": "mriqc",
    "version": "0.10.0"
  },
  "size_t": 260,
  "size_x": 96,
  "size_y": 96,
  "size_z": 39,
  "snr": 5.314341306810809,
  "spacing_tr": 2.5,
  "spacing_x": 1.9999998807907104,
  "spacing_y": 2.0,
  "spacing_z": 3.0,
  "summary_bg_k": 38.848689540768206,
  "summary_bg_mad": 10.007563591003418,
  "summary_bg_mean": 30.97865104675293,
  "summary_bg_median": 20.323076248168945,
  "summary_bg_n": 194897.0,
  "summary_bg_p05": 11.2384614944458,
  "summary_bg_p95": 77.59461517333965,
  "summary_bg_stdv": 37.35388946533203,
  "summary_fg_k": 3.3298767280933737,
  "summary_fg_mad": 77.06681060791016,
  "summary_fg_mean": 502.04986572265625,
  "summary_fg_median": 506.52691650390625,
  "summary_fg_n": 101152.0,
  "summary_fg_p05": 350.9232742309571,
  "summary_fg_p95": 637.7534606933593,
  "summary_fg_stdv": 95.31273651123047,
  "tsnr": 27.59064483642578
}