{
  "aor": 0.00042980769230769233,
  "aqi": 0.025958470384615386,
  "bids_meta": {
    "EchoTime": 0.03,
    "EffectiveEchoSpacing": 0.000370002,
    "FlipAngle": 90,
    "ImageType": [
      "ORIGINAL",
      "PRIMARY",
      "M",
      "ND",
      "NORM",
      "MOS"
    ],
    "MagneticFieldStrength": 3,
    "Manufacturer": "Siemens",
    "ManufacturersModelName": "TrioTim",
    "PhaseEncodingDirection": "j-",
    "PulseSequenceType": "Gradient Echo EPI",
    "RepetitionTime": 2.5,
    "SliceTiming": [
      0,
      1.2875,
      0.065,
      1.3525,
      0.13,
      1.415,
      0.1925,
      1.48,
      0.2575,
      1.545,
      0.3225,
      1.61,
      0.3875,
      1.6725,
      0.45,
      1.7375,
      0.515,
      1.8025,
      0.58,
      1.8675,
      0.645,
      1.93,
      0.7075,
      1.995,
      0.7725,
      2.06,
      0.8375,
      2.125,
      0.9,
      2.1875,
      0.965,
      2.2525,
      1.03,
      2.3175,
      1.095,
      2.38,
      1.1575,
      2.445,
      1.2225
    ],
    "TaskName": "Experimental Run 3",
    "modality": "bold",
    "subject_id": "02",
    "task_id": "run3"
  },
  "dummy_trs": 0,
  "dvars_nstd": 57.29630089571425,
  "dvars_std": 1.0689281546332046,
  "dvars_vstd": 0.9948527010038615,
  "efc": 0.5825447432803463,
  "fber": 490.47283935546875,
  "fd_mean": 0.12463803796379094,
  "fd_num": 35,
  "fd_perc": 13.461538461538462,
  "fwhm_avg": 2.53248728203201,
  "fwhm_x": 2.51946,
  "fwhm_y": 3.010325179429363,
  "fwhm_z": 2.067676666666667,
  "gcor": 0.00574021,
  "gsr_x": 0.009636993519961834,
  "gsr_y": 0.021459059789776802,
  "provenance": {
    "md5sum": "a76cd9b7894b4a6a9226b9f8482f41af",
    "settings": {
      "fd_thres": 0.2,
      "hmc_fsl": false
    },
    "software": "mriqc",
    "version": "0.10.0"
  },
  "size_t": 260,
  "size_x": 96,
  "size_y": 96,
  "size_z": 39,
  "snr": 4.797975050293445,
  "spacing_tr": 2.5,
  "spacing_x": 2.0,
  "spacing_y": 1.9999998807907104,
  "spacing_z": 3.0,
  "summary_bg_k": 42.185322576972645,
  "summary_bg_mad": 8.496452331542969,
  "summary_bg_mean": 23.259998321533203,
  "summary_bg_median": 17.03461456298828,
  "summary_bg_n": 197009.0,
  "summary_bg_p05": 8.776923179626465,
  "summary_bg_p95": 52.31769104003897,
  "summary_bg_stdv": 23.4821834564209,
  "summary_fg_k": 2.246207343366705,
  "summary_fg_mad": 70.51482391357422,
  "summary_fg_mean": 397.8712158203125,
  "summary_fg_median": 397.5884704589844,
  "summary_fg_n": 98971.0,
  "summary_fg_p05": 267.0480651855469,
  "summary_fg_p95": 523.9134826660156,
  "summary_fg_stdv": 82.86547088623047,
  "tsnr": 25.65093231201172
}