{
  "aor": 0.0005557307692307693,
  "aqi": 0.026067221153846153,
  "bids_meta": {
    "EchoTime": 0.03,
    "EffectiveEchoSpacing": 0.000370002,
    "FlipAngle": 90,
    "ImageType": [
      "ORIGINAL",
      "PRIMARY",
      "M",
      "ND",
      "NORM",
      "MOS"
    ],
    "MagneticFieldStrength": 3,
    "Manufacturer": "Siemens",
    "ManufacturersModelName": "TrioTim",
    "PhaseEncodingDirection": "j-",
    "PulseSequenceType": "Gradient Echo EPI",
    "RepetitionTime": 2.5,
    "SliceTiming": [
      0,
      1.285,
      0.0625,
      1.35,
      0.1275,
      1.415,
      0.1925,
      1.48,
      0.255,
      1.5425,
      0.32,
      1.6075,
      0.385,
      1.6725,
      0.45,
      1.735,
      0.5125,
      1.8,
      0.5775,
      1.865,
      0.6425,
      1.93,
      0.7075,
      1.9925,
      0.77,
      2.0575,
      0.835,
      2.1225,
      0.9,
      2.1875,
      0.965,
      2.25,
      1.0275,
      2.315,
      1.0925,
      2.38,
      1.1575,
      2.445,
      1.2225
    ],
    "TaskName": "Experimental Run 4",
    "modality": "bold",
    "subject_id": "10",
    "task_id": "run4"
  },
  "dummy_trs": 0,
  "dvars_nstd": 46.06736762741312,
  "dvars_std": 1.0435119411969125,
  "dvars_vstd": 0.9892491900386093,
  "efc": 0.5892428421357777,
  "fber": 590.4519653320312,
  "fd_mean": 0.11195706879951889,
  "fd_num": 36,
  "fd_perc": 13.846153846153847,
  "fwhm_avg": 2.6932783858782083,
  "fwhm_x": 2.6446701576346254,
  "fwhm_y": 3.237045,
  "fwhm_z": 2.19812,
  "gcor": 0.00612521,
  "gsr_x": 0.0018061465816572309,
  "gsr_y": 0.03206782042980194,
  "provenance": {
    "md5sum": "6ba9b7713966f7be3adc35a1735e8842",
    "settings": {
      "fd_thres": 0.2,
      "hmc_fsl": false
    },
    "software": "mriqc",
    "version": "0.10.0"
  },
  "size_t": 260,
  "size_x": 96,
  "size_y": 96,
  "size_z": 39,
  "snr": 5.2348981678699955,
  "spacing_tr": 2.5,
  "spacing_x": 1.9999998807907104,
  "spacing_y": 2.0,
  "spacing_z": 3.0,
  "summary_bg_k": 39.71019951878459,
  "summary_bg_mad": 9.625510215759277,
  "summary_bg_mean": 30.6035213470459,
  "summary_bg_median": 19.830768585205078,
  "summary_bg_n": 194650.0,
  "summary_bg_p05": 10.923076629638672,
  "summary_bg_p95": 77.67904052734372,
  "summary_bg_stdv": 37.431095123291016,
  "summary_fg_k": 3.331353493628894,
  "summary_fg_mad": 76.69331359863281,
  "summary_fg_mean": 498.57830810546875,
  "summary_fg_median": 503.22308349609375,
  "summary_fg_n": 101394.0,
  "summary_fg_p05": 344.49846191406255,
  "summary_fg_p95": 635.4246337890623,
  "summary_fg_stdv": 96.12805938720703,
  "tsnr": 29.319393157958984
}