{
  "aor": 0.002638,
  "aqi": 0.024347849615384613,
  "bids_meta": {
    "EchoTime": 0.03,
    "EffectiveEchoSpacing": 0.000390006,
    "FlipAngle": 90,
    "ImageType": [
      "ORIGINAL",
      "PRIMARY",
      "M",
      "ND",
      "NORM",
      "MOS"
    ],
    "MagneticFieldStrength": 3,
    "Manufacturer": "Siemens",
    "ManufacturersModelName": "TrioTim",
    "PhaseEncodingDirection": "j-",
    "PulseSequenceType": "Gradient Echo EPI",
    "RepetitionTime": 2.5,
    "SliceTiming": [
      0,
      1.2875,
      0.065,
      1.35,
      0.1275,
      1.415,
      0.1925,
      1.48,
      0.2575,
      1.545,
      0.3225,
      1.6075,
      0.385,
      1.6725,
      0.45,
      1.7375,
      0.515,
      1.8025,
      0.5775,
      1.865,
      0.6425,
      1.93,
      0.7075,
      1.995,
      0.7725,
      2.0575,
      0.835,
      2.1225,
      0.9,
      2.1875,
      0.965,
      2.2525,
      1.03,
      2.315,
      1.0925,
      2.38,
      1.1575,
      2.445,
      1.2225
    ],
    "TaskName": "Experimental Run 1",
    "modality": "bold",
    "subject_id": "20",
    "task_id": "run1"
  },
  "dummy_trs": 0,
  "dvars_nstd": 52.68976070150581,
  "dvars_std": 1.1243199719691113,
  "dvars_vstd": 1.0183078733590738,
  "efc": 0.545943316849715,
  "fber": 859.4238891601562,
  "fd_mean": 0.3689430124679453,
  "fd_num": 161,
  "fd_perc": 61.92307692307692,
  "fwhm_avg": 2.589002168059707,
  "fwhm_x": 2.67208,
  "fwhm_y": 3.05036,
  "fwhm_z": 2.04456650417912,
  "gcor": 0.0126938,
  "gsr_x": -0.004644355271011591,
  "gsr_y": 0.016070054844021797,
  "provenance": {
    "md5sum": "7c23cf218074a719eb14501105909883",
    "settings": {
      "fd_thres": 0.2,
      "hmc_fsl": false
    },
    "software": "mriqc",
    "version": "0.10.0"
  },
  "size_t": 260,
  "size_x": 96,
  "size_y": 96,
  "size_z": 39,
  "snr": 4.793326579323104,
  "spacing_tr": 2.5,
  "spacing_x": 2.0,
  "spacing_y": 2.0,
  "spacing_z": 3.000000238418579,
  "summary_bg_k": 87.79027959402018,
  "summary_bg_mad": 5.320261478424072,
  "summary_bg_mean": 17.317602157592773,
  "summary_bg_median": 11.169230461120605,
  "summary_bg_n": 208723.0,
  "summary_bg_p05": 6.0730767250061035,
  "summary_bg_p95": 40.89230728149414,
  "summary_bg_stdv": 24.963024139404297,
  "summary_fg_k": 3.059330697341607,
  "summary_fg_mad": 52.8604621887207,
  "summary_fg_mean": 338.9530944824219,
  "summary_fg_median": 340.46923828125,
  "summary_fg_n": 88350.0,
  "summary_fg_p05": 218.86500244140626,
  "summary_fg_p95": 443.1021209716797,
  "summary_fg_stdv": 71.0294418334961,
  "tsnr": 30.39963150024414
}