{
  "aor": 0.0018881645569620252,
  "aqi": 0.045493194936708864,
  "bids_meta": {
    "EchoTime": 0.03,
    "EffectiveEchoSpacing": 0.000370002,
    "FlipAngle": 90,
    "ImageType": [
      "ORIGINAL",
      "PRIMARY",
      "M",
      "ND",
      "NORM",
      "MOS"
    ],
    "MagneticFieldStrength": 3,
    "Manufacturer": "Siemens",
    "ManufacturersModelName": "TrioTim",
    "PhaseEncodingDirection": "j-",
    "PulseSequenceType": "Gradient Echo EPI",
    "RepetitionTime": 2.5,
    "SliceTiming": [
      0,
      1.2875,
      0.065,
      1.3525,
      0.13,
      1.4175,
      0.195,
      1.48,
      0.2575,
      1.545,
      0.3225,
      1.61,
      0.3875,
      1.675,
      0.4525,
      1.7375,
      0.515,
      1.8025,
      0.58,
      1.8675,
      0.645,
      1.9325,
      0.71,
      1.995,
      0.7725,
      2.06,
      0.8375,
      2.125,
      0.9025,
      2.19,
      0.965,
      2.2525,
      1.03,
      2.3175,
      1.095,
      2.3825,
      1.16,
      2.445,
      1.2225
    ],
    "TaskName": "Localizer",
    "modality": "bold",
    "subject_id": "03",
    "task_id": "localizer"
  },
  "dummy_trs": 0,
  "dvars_nstd": 53.51115486504762,
  "dvars_std": 1.0000124177142848,
  "dvars_vstd": 0.969686612730158,
  "efc": 0.6159177069456719,
  "fber": 482.9272155761719,
  "fd_mean": 0.2881266387425621,
  "fd_num": 160,
  "fd_perc": 50.63291139240506,
  "fwhm_avg": 2.572024499759502,
  "fwhm_x": 2.5257,
  "fwhm_y": 3.1023,
  "fwhm_z": 2.0880734992785057,
  "gcor": 0.00792999,
  "gsr_x": -0.00587824359536171,
  "gsr_y": 0.04672100767493248,
  "provenance": {
    "md5sum": "2136ca975862aed72630da4a2b47f8af",
    "settings": {
      "fd_thres": 0.2,
      "hmc_fsl": false
    },
    "software": "mriqc",
    "version": "0.10.0"
  },
  "size_t": 316,
  "size_x": 96,
  "size_y": 96,
  "size_z": 39,
  "snr": 4.766420523588003,
  "spacing_tr": 2.5,
  "spacing_x": 2.0,
  "spacing_y": 2.0,
  "spacing_z": 2.999999761581421,
  "summary_bg_k": 33.197341176995415,
  "summary_bg_mad": 9.6462984085083,
  "summary_bg_mean": 26.695526123046875,
  "summary_bg_median": 17.541139602661133,
  "summary_bg_n": 180927.0,
  "summary_bg_p05": 8.952531814575195,
  "summary_bg_p95": 68.19842147827143,
  "summary_bg_stdv": 28.810134887695312,
  "summary_fg_k": 1.9614591419063974,
  "summary_fg_mad": 69.92393493652344,
  "summary_fg_mean": 406.51934814453125,
  "summary_fg_median": 400.9936828613281,
  "summary_fg_n": 114196.0,
  "summary_fg_p05": 286.71756744384766,
  "summary_fg_p95": 549.3861083984375,
  "summary_fg_stdv": 84.12852478027344,
  "tsnr": 22.07345962524414
}