{
  "aor": 0.0003681923076923077,
  "aqi": 0.013552957692307693,
  "bids_meta": {
    "EchoTime": 0.03,
    "EffectiveEchoSpacing": 0.000390006,
    "FlipAngle": 90,
    "ImageType": [
      "ORIGINAL",
      "PRIMARY",
      "M",
      "ND",
      "NORM",
      "MOS"
    ],
    "MagneticFieldStrength": 3,
    "Manufacturer": "Siemens",
    "ManufacturersModelName": "TrioTim",
    "PhaseEncodingDirection": "j-",
    "PulseSequenceType": "Gradient Echo EPI",
    "RepetitionTime": 2.5,
    "SliceTiming": [
      0,
      1.2875,
      0.065,
      1.3525,
      0.13,
      1.4175,
      0.195,
      1.48,
      0.2575,
      1.545,
      0.3225,
      1.61,
      0.3875,
      1.675,
      0.4525,
      1.7375,
      0.515,
      1.8025,
      0.58,
      1.8675,
      0.645,
      1.9325,
      0.71,
      1.995,
      0.7725,
      2.06,
      0.8375,
      2.125,
      0.9025,
      2.19,
      0.9675,
      2.2525,
      1.03,
      2.3175,
      1.095,
      2.3825,
      1.16,
      2.4475,
      1.225
    ],
    "TaskName": "Experimental Run 1",
    "modality": "bold",
    "subject_id": "18",
    "task_id": "run1"
  },
  "dummy_trs": 0,
  "dvars_nstd": 37.96186002347491,
  "dvars_std": 1.0587323095752912,
  "dvars_vstd": 1.0004569352123556,
  "efc": 0.5456500633296195,
  "fber": 1009.15185546875,
  "fd_mean": 0.12064371774746131,
  "fd_num": 35,
  "fd_perc": 13.461538461538462,
  "fwhm_avg": 2.5830722826270627,
  "fwhm_x": 2.583435,
  "fwhm_y": 3.040275181214522,
  "fwhm_z": 2.125506666666667,
  "gcor": 0.0117719,
  "gsr_x": -0.0012269067810848355,
  "gsr_y": 0.028311554342508316,
  "provenance": {
    "md5sum": "8f9ca00398ccb4e65fa258929543ba1f",
    "settings": {
      "fd_thres": 0.2,
      "hmc_fsl": false
    },
    "software": "mriqc",
    "version": "0.10.0"
  },
  "size_t": 260,
  "size_x": 96,
  "size_y": 96,
  "size_z": 39,
  "snr": 4.9827230608936075,
  "spacing_tr": 2.5,
  "spacing_x": 2.0,
  "spacing_y": 1.9999998807907104,
  "spacing_z": 3.0,
  "summary_bg_k": 72.80394643231335,
  "summary_bg_mad": 7.498546123504639,
  "summary_bg_mean": 26.636125564575195,
  "summary_bg_median": 16.03076934814453,
  "summary_bg_n": 208579.0,
  "summary_bg_p05": 8.992307662963867,
  "summary_bg_p95": 66.35384368896484,
  "summary_bg_stdv": 42.162391662597656,
  "summary_fg_k": 3.019229186141401,
  "summary_fg_mad": 89.41232299804688,
  "summary_fg_mean": 535.6478881835938,
  "summary_fg_median": 534.3846435546875,
  "summary_fg_n": 89320.0,
  "summary_fg_p05": 370.85365905761716,
  "summary_fg_p95": 691.9004089355468,
  "summary_fg_stdv": 107.24691009521484,
  "tsnr": 38.56798553466797
}