{
  "aor": 0.0008131538461538462,
  "aqi": 0.01925057076923077,
  "bids_meta": {
    "EchoTime": 0.03,
    "EffectiveEchoSpacing": 0.000390006,
    "FlipAngle": 90,
    "ImageType": [
      "ORIGINAL",
      "PRIMARY",
      "M",
      "ND",
      "NORM",
      "MOS"
    ],
    "MagneticFieldStrength": 3,
    "Manufacturer": "Siemens",
    "ManufacturersModelName": "TrioTim",
    "PhaseEncodingDirection": "j-",
    "PulseSequenceType": "Gradient Echo EPI",
    "RepetitionTime": 2.5,
    "SliceTiming": [
      0,
      1.285,
      0.0625,
      1.35,
      0.1275,
      1.415,
      0.1925,
      1.48,
      0.2575,
      1.5425,
      0.32,
      1.6075,
      0.385,
      1.6725,
      0.45,
      1.7375,
      0.5125,
      1.8,
      0.5775,
      1.865,
      0.6425,
      1.93,
      0.7075,
      1.9925,
      0.77,
      2.0575,
      0.835,
      2.1225,
      0.9,
      2.1875,
      0.965,
      2.25,
      1.0275,
      2.315,
      1.0925,
      2.38,
      1.1575,
      2.445,
      1.2225
    ],
    "TaskName": "Experimental Run 3",
    "modality": "bold",
    "subject_id": "19",
    "task_id": "run3"
  },
  "dummy_trs": 0,
  "dvars_nstd": 43.911303605212346,
  "dvars_std": 1.0599611431274132,
  "dvars_vstd": 0.9876930614671815,
  "efc": 0.5935260243569889,
  "fber": 685.8253784179688,
  "fd_mean": 0.08632569662474587,
  "fd_num": 17,
  "fd_perc": 6.538461538461538,
  "fwhm_avg": 2.622503888888889,
  "fwhm_x": 2.67757,
  "fwhm_y": 3.033795,
  "fwhm_z": 2.156146666666667,
  "gcor": 0.0115223,
  "gsr_x": 0.018165715038776398,
  "gsr_y": 0.012551944702863693,
  "provenance": {
    "md5sum": "ea360e1d56ada719f408bf5951e3f516",
    "settings": {
      "fd_thres": 0.2,
      "hmc_fsl": false
    },
    "software": "mriqc",
    "version": "0.10.0"
  },
  "size_t": 260,
  "size_x": 96,
  "size_y": 96,
  "size_z": 39,
  "snr": 4.929822809489364,
  "spacing_tr": 2.5,
  "spacing_x": 2.0,
  "spacing_y": 2.0,
  "spacing_z": 3.0,
  "summary_bg_k": 24.83421384123398,
  "summary_bg_mad": 6.854183673858643,
  "summary_bg_mean": 19.89046859741211,
  "summary_bg_median": 12.103846549987793,
  "summary_bg_n": 189738.0,
  "summary_bg_p05": 5.688461780548096,
  "summary_bg_p95": 58.08192272186275,
  "summary_bg_stdv": 26.688705444335938,
  "summary_fg_k": 2.27262722850723,
  "summary_fg_mad": 55.99103927612305,
  "summary_fg_mean": 329.55963134765625,
  "summary_fg_median": 328.8192443847656,
  "summary_fg_n": 106422.0,
  "summary_fg_p05": 221.57845840454104,
  "summary_fg_p95": 431.07289733886716,
  "summary_fg_stdv": 66.69969940185547,
  "tsnr": 31.721115112304688
}