{
  "aor": 0.001461076923076923,
  "aqi": 0.02234149576923077,
  "bids_meta": {
    "EchoTime": 0.03,
    "EffectiveEchoSpacing": 0.000390006,
    "FlipAngle": 90,
    "ImageType": [
      "ORIGINAL",
      "PRIMARY",
      "M",
      "ND",
      "NORM",
      "MOS"
    ],
    "MagneticFieldStrength": 3,
    "Manufacturer": "Siemens",
    "ManufacturersModelName": "TrioTim",
    "PhaseEncodingDirection": "j-",
    "PulseSequenceType": "Gradient Echo EPI",
    "RepetitionTime": 2.5,
    "SliceTiming": [
      0,
      1.285,
      0.0625,
      1.35,
      0.1275,
      1.415,
      0.1925,
      1.48,
      0.2575,
      1.5425,
      0.32,
      1.6075,
      0.385,
      1.6725,
      0.45,
      1.7375,
      0.5125,
      1.8,
      0.5775,
      1.865,
      0.6425,
      1.93,
      0.7075,
      1.9925,
      0.77,
      2.0575,
      0.835,
      2.1225,
      0.9,
      2.1875,
      0.965,
      2.25,
      1.0275,
      2.315,
      1.0925,
      2.38,
      1.1575,
      2.445,
      1.2225
    ],
    "TaskName": "Experimental Run 3",
    "modality": "bold",
    "subject_id": "20",
    "task_id": "run3"
  },
  "dummy_trs": 0,
  "dvars_nstd": 48.33197513378374,
  "dvars_std": 1.1182027599999993,
  "dvars_vstd": 0.9995925934749038,
  "efc": 0.5464220344392932,
  "fber": 847.861572265625,
  "fd_mean": 0.23995057029701194,
  "fd_num": 113,
  "fd_perc": 43.46153846153846,
  "fwhm_avg": 2.5675160572856486,
  "fwhm_x": 2.64935,
  "fwhm_y": 3.021355,
  "fwhm_z": 2.031843171856946,
  "gcor": 0.00960282,
  "gsr_x": -0.005316366441547871,
  "gsr_y": 0.015210790559649467,
  "provenance": {
    "md5sum": "251e2491cef51a43fdc0040eb16294d4",
    "settings": {
      "fd_thres": 0.2,
      "hmc_fsl": false
    },
    "software": "mriqc",
    "version": "0.10.0"
  },
  "size_t": 260,
  "size_x": 96,
  "size_y": 96,
  "size_z": 39,
  "snr": 4.831705361910063,
  "spacing_tr": 2.5,
  "spacing_x": 2.0,
  "spacing_y": 2.0,
  "spacing_z": 3.000000238418579,
  "summary_bg_k": 83.69901292838769,
  "summary_bg_mad": 5.30885648727417,
  "summary_bg_mean": 17.411699295043945,
  "summary_bg_median": 11.215384483337402,
  "summary_bg_n": 208801.0,
  "summary_bg_p05": 6.146153926849365,
  "summary_bg_p95": 41.68846130371094,
  "summary_bg_stdv": 24.753915786743164,
  "summary_fg_k": 3.062662430726192,
  "summary_fg_mad": 52.64378356933594,
  "summary_fg_mean": 340.0915222167969,
  "summary_fg_median": 340.76153564453125,
  "summary_fg_n": 88193.0,
  "summary_fg_p05": 221.72615966796877,
  "summary_fg_p95": 444.5330688476562,
  "summary_fg_stdv": 70.52574157714844,
  "tsnr": 32.206825256347656
}