{
  "aor": 0.0006950384615384616,
  "aqi": 0.024954531923076922,
  "bids_meta": {
    "EchoTime": 0.03,
    "EffectiveEchoSpacing": 0.000390006,
    "FlipAngle": 90,
    "ImageType": [
      "ORIGINAL",
      "PRIMARY",
      "M",
      "ND",
      "NORM",
      "MOS"
    ],
    "MagneticFieldStrength": 3,
    "Manufacturer": "Siemens",
    "ManufacturersModelName": "TrioTim",
    "PhaseEncodingDirection": "j-",
    "PulseSequenceType": "Gradient Echo EPI",
    "RepetitionTime": 2.5,
    "SliceTiming": [
      0,
      1.2875,
      0.065,
      1.3525,
      0.1275,
      1.415,
      0.1925,
      1.48,
      0.2575,
      1.545,
      0.3225,
      1.6075,
      0.385,
      1.6725,
      0.45,
      1.7375,
      0.515,
      1.8025,
      0.58,
      1.865,
      0.6425,
      1.93,
      0.7075,
      1.995,
      0.7725,
      2.06,
      0.8375,
      2.1225,
      0.9,
      2.1875,
      0.965,
      2.2525,
      1.03,
      2.3175,
      1.095,
      2.38,
      1.1575,
      2.445,
      1.2225
    ],
    "TaskName": "Experimental Run 2",
    "modality": "bold",
    "subject_id": "15",
    "task_id": "run2"
  },
  "dummy_trs": 0,
  "dvars_nstd": 44.63022173162162,
  "dvars_std": 1.0469048459845562,
  "dvars_vstd": 0.9622268147490346,
  "efc": 0.606488835895188,
  "fber": 725.7686157226562,
  "fd_mean": 0.15243329871140984,
  "fd_num": 54,
  "fd_perc": 20.76923076923077,
  "fwhm_avg": 2.6833150000000003,
  "fwhm_x": 2.65242,
  "fwhm_y": 3.269635,
  "fwhm_z": 2.1278900000000003,
  "gcor": 0.00870166,
  "gsr_x": -0.0004398047167342156,
  "gsr_y": 0.031051907688379288,
  "provenance": {
    "md5sum": "960ca0009e3e618f564436bae8229f60",
    "settings": {
      "fd_thres": 0.2,
      "hmc_fsl": false
    },
    "software": "mriqc",
    "version": "0.10.0"
  },
  "size_t": 260,
  "size_x": 96,
  "size_y": 96,
  "size_z": 39,
  "snr": 4.967092111642185,
  "spacing_tr": 2.5,
  "spacing_x": 2.0,
  "spacing_y": 2.0,
  "spacing_z": 3.0,
  "summary_bg_k": 39.4392522628756,
  "summary_bg_mad": 9.078088760375977,
  "summary_bg_mean": 28.9827823638916,
  "summary_bg_median": 17.073076248168945,
  "summary_bg_n": 180023.0,
  "summary_bg_p05": 8.280769348144531,
  "summary_bg_p95": 85.24192504882811,
  "summary_bg_stdv": 41.16898727416992,
  "summary_fg_k": 2.476193153263514,
  "summary_fg_mad": 82.3072738647461,
  "summary_fg_mean": 480.6757507324219,
  "summary_fg_median": 481.6076965332031,
  "summary_fg_n": 113275.0,
  "summary_fg_p05": 327.0811645507813,
  "summary_fg_p95": 620.9511657714843,
  "summary_fg_stdv": 96.95925903320312,
  "tsnr": 29.87592124938965
}