{
  "aor": 0.00035192307692307693,
  "aqi": 0.021020634615384615,
  "bids_meta": {
    "EchoTime": 0.03,
    "EffectiveEchoSpacing": 0.000370002,
    "FlipAngle": 90,
    "ImageType": [
      "ORIGINAL",
      "PRIMARY",
      "M",
      "ND",
      "NORM",
      "MOS"
    ],
    "MagneticFieldStrength": 3,
    "Manufacturer": "Siemens",
    "ManufacturersModelName": "TrioTim",
    "PhaseEncodingDirection": "j-",
    "PulseSequenceType": "Gradient Echo EPI",
    "RepetitionTime": 2.5,
    "SliceTiming": [
      0,
      1.2875,
      0.065,
      1.35,
      0.1275,
      1.415,
      0.1925,
      1.48,
      0.2575,
      1.545,
      0.32,
      1.6075,
      0.385,
      1.6725,
      0.45,
      1.7375,
      0.515,
      1.8,
      0.5775,
      1.865,
      0.6425,
      1.93,
      0.7075,
      1.995,
      0.7725,
      2.0575,
      0.835,
      2.1225,
      0.9,
      2.1875,
      0.965,
      2.2525,
      1.03,
      2.315,
      1.0925,
      2.38,
      1.1575,
      2.445,
      1.2225
    ],
    "TaskName": "Experimental Run 2",
    "modality": "bold",
    "subject_id": "04",
    "task_id": "run2"
  },
  "dummy_trs": 0,
  "dvars_nstd": 49.3041261211969,
  "dvars_std": 1.0968117945173748,
  "dvars_vstd": 1.0007495521235512,
  "efc": 0.5990437873441944,
  "fber": 519.8494873046875,
  "fd_mean": 0.04974018165877825,
  "fd_num": 2,
  "fd_perc": 0.7692307692307693,
  "fwhm_avg": 2.4785246080265426,
  "fwhm_x": 2.53369,
  "fwhm_y": 2.9030001730322943,
  "fwhm_z": 1.9988836510473331,
  "gcor": 0.0100349,
  "gsr_x": 0.003079464426264167,
  "gsr_y": 0.031926192343235016,
  "provenance": {
    "md5sum": "a777a26d2e3611741dc5c177885e3807",
    "settings": {
      "fd_thres": 0.2,
      "hmc_fsl": false
    },
    "software": "mriqc",
    "version": "0.10.0"
  },
  "size_t": 260,
  "size_x": 96,
  "size_y": 96,
  "size_z": 39,
  "snr": 4.889968601183318,
  "spacing_tr": 2.5,
  "spacing_x": 2.0,
  "spacing_y": 1.9999998807907104,
  "spacing_z": 2.999999523162842,
  "summary_bg_k": 26.530082994205983,
  "summary_bg_mad": 11.444548606872559,
  "summary_bg_mean": 38.2898063659668,
  "summary_bg_median": 22.03076934814453,
  "summary_bg_n": 194404.0,
  "summary_bg_p05": 11.492307662963867,
  "summary_bg_p95": 130.70153503417978,
  "summary_bg_stdv": 48.60454559326172,
  "summary_fg_k": 3.242017325901222,
  "summary_fg_mad": 80.99565124511719,
  "summary_fg_mean": 522.9962158203125,
  "summary_fg_median": 522.6038208007812,
  "summary_fg_n": 101829.0,
  "summary_fg_p05": 362.0392211914062,
  "summary_fg_p95": 688.1523315429688,
  "summary_fg_stdv": 106.87210845947266,
  "tsnr": 30.604461669921875
}