{
  "aor": 0.0011408076923076923,
  "aqi": 0.03583464307692308,
  "bids_meta": {
    "EchoTime": 0.03,
    "EffectiveEchoSpacing": 0.000370002,
    "FlipAngle": 90,
    "ImageType": [
      "ORIGINAL",
      "PRIMARY",
      "M",
      "ND",
      "NORM",
      "MOS"
    ],
    "MagneticFieldStrength": 3,
    "Manufacturer": "Siemens",
    "ManufacturersModelName": "TrioTim",
    "PhaseEncodingDirection": "j-",
    "PulseSequenceType": "Gradient Echo EPI",
    "RepetitionTime": 2.5,
    "SliceTiming": [
      0,
      1.2875,
      0.065,
      1.3525,
      0.13,
      1.4175,
      0.195,
      1.48,
      0.2575,
      1.545,
      0.3225,
      1.61,
      0.3875,
      1.675,
      0.4525,
      1.7375,
      0.515,
      1.8025,
      0.58,
      1.8675,
      0.645,
      1.9325,
      0.71,
      1.995,
      0.7725,
      2.06,
      0.8375,
      2.125,
      0.9025,
      2.19,
      0.965,
      2.2525,
      1.03,
      2.3175,
      1.095,
      2.3825,
      1.16,
      2.445,
      1.2225
    ],
    "TaskName": "Experimental Run 1",
    "modality": "bold",
    "subject_id": "02",
    "task_id": "run1"
  },
  "dummy_trs": 0,
  "dvars_nstd": 57.20441190791505,
  "dvars_std": 1.0478009776447876,
  "dvars_vstd": 1.001984540772201,
  "efc": 0.5836931179529388,
  "fber": 484.32952880859375,
  "fd_mean": 0.19316669112054083,
  "fd_num": 78,
  "fd_perc": 30.0,
  "fwhm_avg": 2.605340061740382,
  "fwhm_x": 2.585645,
  "fwhm_y": 3.107495185221147,
  "fwhm_z": 2.12288,
  "gcor": 0.00190568,
  "gsr_x": 0.008121967315673828,
  "gsr_y": 0.020165691152215004,
  "provenance": {
    "md5sum": "17de452e44c8eb7cd42f6bc86c1c633d",
    "settings": {
      "fd_thres": 0.2,
      "hmc_fsl": false
    },
    "software": "mriqc",
    "version": "0.10.0"
  },
  "size_t": 260,
  "size_x": 96,
  "size_y": 96,
  "size_z": 39,
  "snr": 4.777831089260601,
  "spacing_tr": 2.5,
  "spacing_x": 2.0,
  "spacing_y": 1.9999998807907104,
  "spacing_z": 3.0,
  "summary_bg_k": 41.18844785210469,
  "summary_bg_mad": 8.895613670349121,
  "summary_bg_mean": 23.87516212463379,
  "summary_bg_median": 17.480770111083984,
  "summary_bg_n": 196185.0,
  "summary_bg_p05": 8.807692527770996,
  "summary_bg_p95": 53.82615432739253,
  "summary_bg_stdv": 24.58120346069336,
  "summary_fg_k": 2.0189344308233848,
  "summary_fg_mad": 71.276123046875,
  "summary_fg_mean": 398.37835693359375,
  "summary_fg_median": 397.86346435546875,
  "summary_fg_n": 99306.0,
  "summary_fg_p05": 265.79998779296875,
  "summary_fg_p95": 526.4644317626953,
  "summary_fg_stdv": 83.27239990234375,
  "tsnr": 22.05205726623535
}