{
  "aor": 0.0006295,
  "aqi": 0.033899045384615384,
  "bids_meta": {
    "EchoTime": 0.03,
    "EffectiveEchoSpacing": 0.000370002,
    "FlipAngle": 90,
    "ImageType": [
      "ORIGINAL",
      "PRIMARY",
      "M",
      "ND",
      "NORM",
      "MOS"
    ],
    "MagneticFieldStrength": 3,
    "Manufacturer": "Siemens",
    "ManufacturersModelName": "TrioTim",
    "PhaseEncodingDirection": "j-",
    "PulseSequenceType": "Gradient Echo EPI",
    "RepetitionTime": 2.5,
    "SliceTiming": [
      0,
      1.2875,
      0.065,
      1.3525,
      0.13,
      1.415,
      0.1925,
      1.48,
      0.2575,
      1.545,
      0.3225,
      1.61,
      0.3875,
      1.6725,
      0.45,
      1.7375,
      0.515,
      1.8025,
      0.58,
      1.8675,
      0.645,
      1.93,
      0.7075,
      1.995,
      0.7725,
      2.06,
      0.8375,
      2.125,
      0.9025,
      2.1875,
      0.965,
      2.2525,
      1.03,
      2.3175,
      1.095,
      2.3825,
      1.16,
      2.445,
      1.2225
    ],
    "TaskName": "Experimental Run 4",
    "modality": "bold",
    "subject_id": "12",
    "task_id": "run4"
  },
  "dummy_trs": 0,
  "dvars_nstd": 47.86663805084941,
  "dvars_std": 1.0808332447876456,
  "dvars_vstd": 0.9773763552123552,
  "efc": 0.6017147118820846,
  "fber": 654.86181640625,
  "fd_mean": 0.11637901843218719,
  "fd_num": 31,
  "fd_perc": 11.923076923076923,
  "fwhm_avg": 2.5910783333333334,
  "fwhm_x": 2.56233,
  "fwhm_y": 3.077445,
  "fwhm_z": 2.13346,
  "gcor": 0.00321827,
  "gsr_x": 0.004950885195285082,
  "gsr_y": 0.03173036500811577,
  "provenance": {
    "md5sum": "e7832c503c62ca089cdc6b26e4f41fd5",
    "settings": {
      "fd_thres": 0.2,
      "hmc_fsl": false
    },
    "software": "mriqc",
    "version": "0.10.0"
  },
  "size_t": 260,
  "size_x": 96,
  "size_y": 96,
  "size_z": 39,
  "snr": 5.819162169852545,
  "spacing_tr": 2.5,
  "spacing_x": 2.0,
  "spacing_y": 2.0,
  "spacing_z": 3.0,
  "summary_bg_k": 41.491382290164466,
  "summary_bg_mad": 11.051090240478516,
  "summary_bg_mean": 34.13645935058594,
  "summary_bg_median": 20.41153907775879,
  "summary_bg_n": 188616.0,
  "summary_bg_p05": 10.384614944458008,
  "summary_bg_p95": 96.96634674072266,
  "summary_bg_stdv": 47.46078109741211,
  "summary_fg_k": 4.0876648168288705,
  "summary_fg_mad": 72.33956909179688,
  "summary_fg_mean": 540.442626953125,
  "summary_fg_median": 542.3307495117188,
  "summary_fg_n": 107481.0,
  "summary_fg_p05": 399.4230651855469,
  "summary_fg_p95": 676.4500122070312,
  "summary_fg_stdv": 93.19696044921875,
  "tsnr": 29.60352325439453
}