{
  "aor": 0.000492576923076923,
  "aqi": 0.016762436923076923,
  "bids_meta": {
    "EchoTime": 0.03,
    "EffectiveEchoSpacing": 0.000390006,
    "FlipAngle": 90,
    "ImageType": [
      "ORIGINAL",
      "PRIMARY",
      "M",
      "ND",
      "NORM",
      "MOS"
    ],
    "MagneticFieldStrength": 3,
    "Manufacturer": "Siemens",
    "ManufacturersModelName": "TrioTim",
    "PhaseEncodingDirection": "j-",
    "PulseSequenceType": "Gradient Echo EPI",
    "RepetitionTime": 2.5,
    "SliceTiming": [
      0,
      1.2875,
      0.065,
      1.3525,
      0.13,
      1.4175,
      0.195,
      1.48,
      0.2575,
      1.545,
      0.3225,
      1.61,
      0.3875,
      1.675,
      0.4525,
      1.7375,
      0.515,
      1.8025,
      0.58,
      1.8675,
      0.645,
      1.9325,
      0.71,
      1.995,
      0.7725,
      2.06,
      0.8375,
      2.125,
      0.9025,
      2.19,
      0.9675,
      2.2525,
      1.03,
      2.3175,
      1.095,
      2.3825,
      1.16,
      2.4475,
      1.225
    ],
    "TaskName": "Experimental Run 4",
    "modality": "bold",
    "subject_id": "19",
    "task_id": "run4"
  },
  "dummy_trs": 0,
  "dvars_nstd": 43.133527527567544,
  "dvars_std": 1.0631543835135144,
  "dvars_vstd": 0.9948629530115828,
  "efc": 0.5945974247556353,
  "fber": 664.2734985351562,
  "fd_mean": 0.08517436464050328,
  "fd_num": 17,
  "fd_perc": 6.538461538461538,
  "fwhm_avg": 2.5969233333333333,
  "fwhm_x": 2.662375,
  "fwhm_y": 2.993405,
  "fwhm_z": 2.1349899999999997,
  "gcor": 0.0108766,
  "gsr_x": 0.018046077340841293,
  "gsr_y": 0.012332252226769924,
  "provenance": {
    "md5sum": "172c3d0b662f52f8cbd83d823a8def77",
    "settings": {
      "fd_thres": 0.2,
      "hmc_fsl": false
    },
    "software": "mriqc",
    "version": "0.10.0"
  },
  "size_t": 260,
  "size_x": 96,
  "size_y": 96,
  "size_z": 39,
  "snr": 4.961728022110439,
  "spacing_tr": 2.5,
  "spacing_x": 2.0,
  "spacing_y": 2.0,
  "spacing_z": 3.0,
  "summary_bg_k": 23.957996244545114,
  "summary_bg_mad": 6.871291160583496,
  "summary_bg_mean": 20.219594955444336,
  "summary_bg_median": 12.230769157409668,
  "summary_bg_n": 189700.0,
  "summary_bg_p05": 5.830769062042236,
  "summary_bg_p95": 60.41942367553706,
  "summary_bg_stdv": 27.053945541381836,
  "summary_fg_k": 2.259466757155132,
  "summary_fg_mad": 55.90262985229492,
  "summary_fg_mean": 329.83892822265625,
  "summary_fg_median": 329.0326843261719,
  "summary_fg_n": 106418.0,
  "summary_fg_p05": 223.4109680175781,
  "summary_fg_p95": 430.90883789062497,
  "summary_fg_stdv": 66.3138198852539,
  "tsnr": 33.03937530517578
}