{
  "aor": 0.0009743846153846155,
  "aqi": 0.021669579615384616,
  "bids_meta": {
    "EchoTime": 0.03,
    "EffectiveEchoSpacing": 0.000370002,
    "FlipAngle": 90,
    "ImageType": [
      "ORIGINAL",
      "PRIMARY",
      "M",
      "ND",
      "NORM",
      "MOS"
    ],
    "MagneticFieldStrength": 3,
    "Manufacturer": "Siemens",
    "ManufacturersModelName": "TrioTim",
    "PhaseEncodingDirection": "j-",
    "PulseSequenceType": "Gradient Echo EPI",
    "RepetitionTime": 2.5,
    "SliceTiming": [
      0,
      1.285,
      0.0625,
      1.35,
      0.1275,
      1.415,
      0.1925,
      1.48,
      0.2575,
      1.5425,
      0.32,
      1.6075,
      0.385,
      1.6725,
      0.45,
      1.7375,
      0.515,
      1.8,
      0.5775,
      1.865,
      0.6425,
      1.93,
      0.7075,
      1.995,
      0.7725,
      2.0575,
      0.835,
      2.1225,
      0.9,
      2.1875,
      0.965,
      2.2525,
      1.03,
      2.315,
      1.0925,
      2.38,
      1.1575,
      2.445,
      1.2225
    ],
    "TaskName": "Experimental Run 4",
    "modality": "bold",
    "subject_id": "07",
    "task_id": "run4"
  },
  "dummy_trs": 0,
  "dvars_nstd": 47.508689158803115,
  "dvars_std": 1.0625635122393828,
  "dvars_vstd": 1.0022381051737448,
  "efc": 0.582380989903515,
  "fber": 540.5549926757812,
  "fd_mean": 0.06945218068213667,
  "fd_num": 6,
  "fd_perc": 2.3076923076923075,
  "fwhm_avg": 2.4761422222222222,
  "fwhm_x": 2.445415,
  "fwhm_y": 2.952635,
  "fwhm_z": 2.0303766666666667,
  "gcor": 0.00536332,
  "gsr_x": -0.0029444885440170765,
  "gsr_y": 0.02904874086380005,
  "provenance": {
    "md5sum": "9f661a8e5b56c686d2837b9128fcb988",
    "settings": {
      "fd_thres": 0.2,
      "hmc_fsl": false
    },
    "software": "mriqc",
    "version": "0.10.0"
  },
  "size_t": 260,
  "size_x": 96,
  "size_y": 96,
  "size_z": 39,
  "snr": 4.709927906915789,
  "spacing_tr": 2.5,
  "spacing_x": 2.0,
  "spacing_y": 2.0,
  "spacing_z": 3.0,
  "summary_bg_k": 59.47652537046799,
  "summary_bg_mad": 11.530083656311035,
  "summary_bg_mean": 33.38685989379883,
  "summary_bg_median": 23.515384674072266,
  "summary_bg_n": 195870.0,
  "summary_bg_p05": 12.215384483337402,
  "summary_bg_p95": 83.40596160888667,
  "summary_bg_stdv": 37.36052322387695,
  "summary_fg_k": 2.2436629860821213,
  "summary_fg_mad": 103.08646392822266,
  "summary_fg_mean": 569.5383911132812,
  "summary_fg_median": 569.984619140625,
  "summary_fg_n": 99981.0,
  "summary_fg_p05": 381.8807678222656,
  "summary_fg_p95": 753.9461669921875,
  "summary_fg_stdv": 121.01708984375,
  "tsnr": 27.72621726989746
}