{
  "aor": 0.0018533076923076923,
  "aqi": 0.017599978076923074,
  "bids_meta": {
    "EchoTime": 0.03,
    "EffectiveEchoSpacing": 0.000390006,
    "FlipAngle": 90,
    "ImageType": [
      "ORIGINAL",
      "PRIMARY",
      "M",
      "ND",
      "NORM",
      "MOS"
    ],
    "MagneticFieldStrength": 3,
    "Manufacturer": "Siemens",
    "ManufacturersModelName": "TrioTim",
    "PhaseEncodingDirection": "j-",
    "PulseSequenceType": "Gradient Echo EPI",
    "RepetitionTime": 2.5,
    "SliceTiming": [
      0,
      1.2875,
      0.065,
      1.3525,
      0.1275,
      1.415,
      0.1925,
      1.48,
      0.2575,
      1.545,
      0.3225,
      1.6075,
      0.385,
      1.6725,
      0.45,
      1.7375,
      0.515,
      1.8025,
      0.58,
      1.865,
      0.6425,
      1.93,
      0.7075,
      1.995,
      0.7725,
      2.06,
      0.8375,
      2.1225,
      0.9,
      2.1875,
      0.965,
      2.2525,
      1.03,
      2.3175,
      1.095,
      2.38,
      1.1575,
      2.445,
      1.2225
    ],
    "TaskName": "Experimental Run 4",
    "modality": "bold",
    "subject_id": "17",
    "task_id": "run4"
  },
  "dummy_trs": 0,
  "dvars_nstd": 42.94017464795369,
  "dvars_std": 1.0880639642471046,
  "dvars_vstd": 1.0214258106949803,
  "efc": 0.5843388996408084,
  "fber": 824.3682250976562,
  "fd_mean": 0.08450566127709482,
  "fd_num": 16,
  "fd_perc": 6.153846153846154,
  "fwhm_avg": 2.6256855555555556,
  "fwhm_x": 2.56506,
  "fwhm_y": 3.17649,
  "fwhm_z": 2.1355066666666667,
  "gcor": 0.00931669,
  "gsr_x": 0.0026524385903030634,
  "gsr_y": 0.04348073527216911,
  "provenance": {
    "md5sum": "54888c3ae54ec1c0a5877aec88e21106",
    "settings": {
      "fd_thres": 0.2,
      "hmc_fsl": false
    },
    "software": "mriqc",
    "version": "0.10.0"
  },
  "size_t": 260,
  "size_x": 96,
  "size_y": 96,
  "size_z": 39,
  "snr": 5.117336734572841,
  "spacing_tr": 2.5,
  "spacing_x": 2.0,
  "spacing_y": 2.0,
  "spacing_z": 3.0,
  "summary_bg_k": 35.438003350457265,
  "summary_bg_mad": 5.229024410247803,
  "summary_bg_mean": 16.601625442504883,
  "summary_bg_median": 10.300000190734863,
  "summary_bg_n": 193271.0,
  "summary_bg_p05": 5.559615612030029,
  "summary_bg_p95": 45.21154022216797,
  "summary_bg_stdv": 20.727121353149414,
  "summary_fg_k": 2.137304576810828,
  "summary_fg_mad": 48.45256042480469,
  "summary_fg_mean": 309.90838623046875,
  "summary_fg_median": 307.4307556152344,
  "summary_fg_n": 104095.0,
  "summary_fg_p05": 218.94615173339844,
  "summary_fg_p95": 411.9049926757812,
  "summary_fg_stdv": 60.07603073120117,
  "tsnr": 33.639713287353516
}