{
  "aor": 0.0006973846153846154,
  "aqi": 0.03117345615384616,
  "bids_meta": {
    "EchoTime": 0.03,
    "EffectiveEchoSpacing": 0.000370002,
    "FlipAngle": 90,
    "ImageType": [
      "ORIGINAL",
      "PRIMARY",
      "M",
      "ND",
      "NORM",
      "MOS"
    ],
    "MagneticFieldStrength": 3,
    "Manufacturer": "Siemens",
    "ManufacturersModelName": "TrioTim",
    "PhaseEncodingDirection": "j-",
    "PulseSequenceType": "Gradient Echo EPI",
    "RepetitionTime": 2.5,
    "SliceTiming": [
      0,
      1.2875,
      0.065,
      1.3525,
      0.13,
      1.415,
      0.1925,
      1.48,
      0.2575,
      1.545,
      0.3225,
      1.61,
      0.3875,
      1.6725,
      0.45,
      1.7375,
      0.515,
      1.8025,
      0.58,
      1.8675,
      0.645,
      1.93,
      0.7075,
      1.995,
      0.7725,
      2.06,
      0.8375,
      2.125,
      0.9025,
      2.1875,
      0.965,
      2.2525,
      1.03,
      2.3175,
      1.095,
      2.3825,
      1.16,
      2.445,
      1.2225
    ],
    "TaskName": "Experimental Run 3",
    "modality": "bold",
    "subject_id": "05",
    "task_id": "run3"
  },
  "dummy_trs": 0,
  "dvars_nstd": 54.790000694633214,
  "dvars_std": 1.0493503026254831,
  "dvars_vstd": 1.003789286718147,
  "efc": 0.6191375109010052,
  "fber": 399.658203125,
  "fd_mean": 0.1344577934633521,
  "fd_num": 42,
  "fd_perc": 16.153846153846153,
  "fwhm_avg": 2.5535272780195033,
  "fwhm_x": 2.486805,
  "fwhm_y": 3.0675,
  "fwhm_z": 2.10627683405851,
  "gcor": 0.00896467,
  "gsr_x": -0.00845368579030037,
  "gsr_y": 0.04292390123009682,
  "provenance": {
    "md5sum": "0900edba26100eada9466730c685a050",
    "settings": {
      "fd_thres": 0.2,
      "hmc_fsl": false
    },
    "software": "mriqc",
    "version": "0.10.0"
  },
  "size_t": 260,
  "size_x": 96,
  "size_y": 96,
  "size_z": 39,
  "snr": 5.215911180531018,
  "spacing_tr": 2.5,
  "spacing_x": 2.0,
  "spacing_y": 2.0,
  "spacing_z": 2.999999761581421,
  "summary_bg_k": 43.884320193388874,
  "summary_bg_mad": 9.175026893615723,
  "summary_bg_mean": 24.470552444458008,
  "summary_bg_median": 17.657691955566406,
  "summary_bg_n": 181715.0,
  "summary_bg_p05": 8.992307662963867,
  "summary_bg_p95": 54.73576889038082,
  "summary_bg_stdv": 25.241064071655273,
  "summary_fg_k": 3.1791796100425014,
  "summary_fg_mad": 55.94258117675781,
  "summary_fg_mean": 368.83099365234375,
  "summary_fg_median": 369.01922607421875,
  "summary_fg_n": 113330.0,
  "summary_fg_p05": 261.5594223022461,
  "summary_fg_p95": 474.51961059570306,
  "summary_fg_stdv": 70.74844360351562,
  "tsnr": 25.996875762939453
}