{
  "aor": 0.00045176923076923074,
  "aqi": 0.02854678807692308,
  "bids_meta": {
    "EchoTime": 0.03,
    "EffectiveEchoSpacing": 0.000370002,
    "FlipAngle": 90,
    "ImageType": [
      "ORIGINAL",
      "PRIMARY",
      "M",
      "ND",
      "NORM",
      "MOS"
    ],
    "MagneticFieldStrength": 3,
    "Manufacturer": "Siemens",
    "ManufacturersModelName": "TrioTim",
    "PhaseEncodingDirection": "j-",
    "PulseSequenceType": "Gradient Echo EPI",
    "RepetitionTime": 2.5,
    "SliceTiming": [
      0,
      1.285,
      0.0625,
      1.35,
      0.1275,
      1.415,
      0.1925,
      1.48,
      0.2575,
      1.5425,
      0.32,
      1.6075,
      0.385,
      1.6725,
      0.45,
      1.7375,
      0.515,
      1.8,
      0.5775,
      1.865,
      0.6425,
      1.93,
      0.7075,
      1.995,
      0.7725,
      2.0575,
      0.835,
      2.1225,
      0.9,
      2.1875,
      0.965,
      2.2525,
      1.0275,
      2.315,
      1.0925,
      2.38,
      1.1575,
      2.445,
      1.2225
    ],
    "TaskName": "Experimental Run 3",
    "modality": "bold",
    "subject_id": "13",
    "task_id": "run3"
  },
  "dummy_trs": 0,
  "dvars_nstd": 54.44168688772204,
  "dvars_std": 1.0827461801544398,
  "dvars_vstd": 0.987155362509652,
  "efc": 0.5876015519719611,
  "fber": 435.93133544921875,
  "fd_mean": 0.1693738431205774,
  "fd_num": 69,
  "fd_perc": 26.53846153846154,
  "fwhm_avg": 2.6346506122704834,
  "fwhm_x": 2.71125,
  "fwhm_y": 3.051785,
  "fwhm_z": 2.14091683681145,
  "gcor": 0.00712287,
  "gsr_x": 0.0013307308545336127,
  "gsr_y": 0.01023258175700903,
  "provenance": {
    "md5sum": "203b7d7a8914efe6b86140a6b0a65122",
    "settings": {
      "fd_thres": 0.2,
      "hmc_fsl": false
    },
    "software": "mriqc",
    "version": "0.10.0"
  },
  "size_t": 260,
  "size_x": 96,
  "size_y": 96,
  "size_z": 39,
  "snr": 4.996577826963018,
  "spacing_tr": 2.5,
  "spacing_x": 2.0,
  "spacing_y": 2.0,
  "spacing_z": 2.999999761581421,
  "summary_bg_k": 31.084399348825563,
  "summary_bg_mad": 8.81578254699707,
  "summary_bg_mean": 25.369365692138672,
  "summary_bg_median": 18.22307777404785,
  "summary_bg_n": 196238.0,
  "summary_bg_p05": 9.711538314819336,
  "summary_bg_p95": 59.32096004486077,
  "summary_bg_stdv": 26.718551635742188,
  "summary_fg_k": 2.3735120606491478,
  "summary_fg_mad": 69.99590301513672,
  "summary_fg_mean": 400.94207763671875,
  "summary_fg_median": 403.2884521484375,
  "summary_fg_n": 98734.0,
  "summary_fg_p05": 271.26788024902345,
  "summary_fg_p95": 517.4284790039061,
  "summary_fg_stdv": 80.7125244140625,
  "tsnr": 25.211936950683594
}