{
  "aor": 0.000561645569620253,
  "aqi": 0.02209031993670886,
  "bids_meta": {
    "EchoTime": 0.03,
    "EffectiveEchoSpacing": 0.000390006,
    "FlipAngle": 90,
    "ImageType": [
      "ORIGINAL",
      "PRIMARY",
      "M",
      "ND",
      "NORM",
      "MOS"
    ],
    "MagneticFieldStrength": 3,
    "Manufacturer": "Siemens",
    "ManufacturersModelName": "TrioTim",
    "PhaseEncodingDirection": "j-",
    "PulseSequenceType": "Gradient Echo EPI",
    "RepetitionTime": 2.5,
    "SliceTiming": [
      0,
      1.2875,
      0.065,
      1.35,
      0.1275,
      1.415,
      0.1925,
      1.48,
      0.2575,
      1.545,
      0.3225,
      1.6075,
      0.385,
      1.6725,
      0.45,
      1.7375,
      0.515,
      1.8025,
      0.58,
      1.865,
      0.6425,
      1.93,
      0.7075,
      1.995,
      0.7725,
      2.06,
      0.8375,
      2.1225,
      0.9,
      2.1875,
      0.965,
      2.2525,
      1.03,
      2.3175,
      1.095,
      2.38,
      1.1575,
      2.445,
      1.2225
    ],
    "TaskName": "Localizer",
    "modality": "bold",
    "subject_id": "19",
    "task_id": "localizer"
  },
  "dummy_trs": 0,
  "dvars_nstd": 45.55538251355554,
  "dvars_std": 1.0644555337142863,
  "dvars_vstd": 0.9885397768571428,
  "efc": 0.5925905545413653,
  "fber": 671.2319946289062,
  "fd_mean": 0.15290909041925088,
  "fd_num": 70,
  "fd_perc": 22.151898734177216,
  "fwhm_avg": 2.632670555555556,
  "fwhm_x": 2.69943,
  "fwhm_y": 3.049195,
  "fwhm_z": 2.1493866666666666,
  "gcor": 0.0097152,
  "gsr_x": 0.017266767099499702,
  "gsr_y": 0.013051260262727737,
  "provenance": {
    "md5sum": "4b45cc3b3597d7533018d21c415c2fb0",
    "settings": {
      "fd_thres": 0.2,
      "hmc_fsl": false
    },
    "software": "mriqc",
    "version": "0.10.0"
  },
  "size_t": 316,
  "size_x": 96,
  "size_y": 96,
  "size_z": 39,
  "snr": 4.901333937275387,
  "spacing_tr": 2.5,
  "spacing_x": 2.0,
  "spacing_y": 2.0,
  "spacing_z": 3.0,
  "summary_bg_k": 25.130620407831657,
  "summary_bg_mad": 6.878148555755615,
  "summary_bg_mean": 19.839405059814453,
  "summary_bg_median": 12.208861351013184,
  "summary_bg_n": 190123.0,
  "summary_bg_p05": 5.661392688751221,
  "summary_bg_p95": 57.151584625244126,
  "summary_bg_stdv": 26.40725326538086,
  "summary_fg_k": 2.1916087697712987,
  "summary_fg_mad": 56.54534149169922,
  "summary_fg_mean": 329.5779724121094,
  "summary_fg_median": 328.9936828613281,
  "summary_fg_n": 106005.0,
  "summary_fg_p05": 219.32341918945312,
  "summary_fg_p95": 431.34431152343745,
  "summary_fg_stdv": 67.12297821044922,
  "tsnr": 30.07326889038086
}