{
  "aor": 0.000983259493670886,
  "aqi": 0.03555250158227848,
  "bids_meta": {
    "EchoTime": 0.03,
    "EffectiveEchoSpacing": 0.000370002,
    "FlipAngle": 90,
    "ImageType": [
      "ORIGINAL",
      "PRIMARY",
      "M",
      "ND",
      "NORM",
      "MOS"
    ],
    "MagneticFieldStrength": 3,
    "Manufacturer": "Siemens",
    "ManufacturersModelName": "TrioTim",
    "PhaseEncodingDirection": "j-",
    "PulseSequenceType": "Gradient Echo EPI",
    "RepetitionTime": 2.5,
    "SliceTiming": [
      0,
      1.2875,
      0.065,
      1.35,
      0.1275,
      1.415,
      0.1925,
      1.48,
      0.2575,
      1.545,
      0.3225,
      1.6075,
      0.385,
      1.6725,
      0.45,
      1.7375,
      0.515,
      1.8025,
      0.5775,
      1.865,
      0.6425,
      1.93,
      0.7075,
      1.995,
      0.7725,
      2.0575,
      0.835,
      2.1225,
      0.9,
      2.1875,
      0.965,
      2.2525,
      1.03,
      2.315,
      1.0925,
      2.38,
      1.1575,
      2.445,
      1.2225
    ],
    "TaskName": "Localizer",
    "modality": "bold",
    "subject_id": "10",
    "task_id": "localizer"
  },
  "dummy_trs": 0,
  "dvars_nstd": 46.360174875650806,
  "dvars_std": 1.0210311452698402,
  "dvars_vstd": 0.9708909300634915,
  "efc": 0.5900959259212225,
  "fber": 567.8863525390625,
  "fd_mean": 0.10307126996724929,
  "fd_num": 29,
  "fd_perc": 9.177215189873417,
  "fwhm_avg": 2.718551719660961,
  "fwhm_x": 2.6672901589828824,
  "fwhm_y": 3.261505,
  "fwhm_z": 2.22686,
  "gcor": 0.0103225,
  "gsr_x": -0.0011996706016361713,
  "gsr_y": 0.0310455821454525,
  "provenance": {
    "md5sum": "4530fbd6142e1c18bb73af55564f553e",
    "settings": {
      "fd_thres": 0.2,
      "hmc_fsl": false
    },
    "software": "mriqc",
    "version": "0.10.0"
  },
  "size_t": 316,
  "size_x": 96,
  "size_y": 96,
  "size_z": 39,
  "snr": 5.326039338097889,
  "spacing_tr": 2.5,
  "spacing_x": 1.9999998807907104,
  "spacing_y": 2.0,
  "spacing_z": 3.0,
  "summary_bg_k": 42.00251229276677,
  "summary_bg_mad": 10.218694686889648,
  "summary_bg_mean": 31.184062957763672,
  "summary_bg_median": 20.708860397338867,
  "summary_bg_n": 194854.0,
  "summary_bg_p05": 11.40506362915039,
  "summary_bg_p95": 76.22579383850099,
  "summary_bg_stdv": 37.57522964477539,
  "summary_fg_k": 3.382506665336125,
  "summary_fg_mad": 76.03028106689453,
  "summary_fg_mean": 500.70806884765625,
  "summary_fg_median": 505.2215270996094,
  "summary_fg_n": 101299.0,
  "summary_fg_p05": 349.47216796875006,
  "summary_fg_p95": 635.7003479003905,
  "summary_fg_stdv": 94.8582992553711,
  "tsnr": 25.959312438964844
}