{
  "aor": 0.0004358846153846154,
  "aqi": 0.02965317,
  "bids_meta": {
    "EchoTime": 0.03,
    "EffectiveEchoSpacing": 0.000370002,
    "FlipAngle": 90,
    "ImageType": [
      "ORIGINAL",
      "PRIMARY",
      "M",
      "ND",
      "NORM",
      "MOS"
    ],
    "MagneticFieldStrength": 3,
    "Manufacturer": "Siemens",
    "ManufacturersModelName": "TrioTim",
    "PhaseEncodingDirection": "j-",
    "PulseSequenceType": "Gradient Echo EPI",
    "RepetitionTime": 2.5,
    "SliceTiming": [
      0,
      1.2875,
      0.065,
      1.3525,
      0.13,
      1.4175,
      0.195,
      1.48,
      0.2575,
      1.545,
      0.3225,
      1.61,
      0.3875,
      1.675,
      0.4525,
      1.7375,
      0.515,
      1.8025,
      0.58,
      1.8675,
      0.645,
      1.9325,
      0.71,
      1.995,
      0.7725,
      2.06,
      0.8375,
      2.125,
      0.9025,
      2.19,
      0.965,
      2.2525,
      1.03,
      2.3175,
      1.095,
      2.3825,
      1.16,
      2.445,
      1.2225
    ],
    "TaskName": "Experimental Run 1",
    "modality": "bold",
    "subject_id": "05",
    "task_id": "run1"
  },
  "dummy_trs": 0,
  "dvars_nstd": 54.00556443532817,
  "dvars_std": 1.0484721846718148,
  "dvars_vstd": 1.0018235052895752,
  "efc": 0.6177724113082207,
  "fber": 420.0842590332031,
  "fd_mean": 0.13968386029888594,
  "fd_num": 49,
  "fd_perc": 18.846153846153847,
  "fwhm_avg": 2.534108944280329,
  "fwhm_x": 2.468815,
  "fwhm_y": 3.042555,
  "fwhm_z": 2.0909568328409858,
  "gcor": 0.00836813,
  "gsr_x": -0.007927768863737583,
  "gsr_y": 0.04233401268720627,
  "provenance": {
    "md5sum": "96eb60c68727e6274ef0c465305c1515",
    "settings": {
      "fd_thres": 0.2,
      "hmc_fsl": false
    },
    "software": "mriqc",
    "version": "0.10.0"
  },
  "size_t": 260,
  "size_x": 96,
  "size_y": 96,
  "size_z": 39,
  "snr": 5.3148638235168875,
  "spacing_tr": 2.5,
  "spacing_x": 2.0,
  "spacing_y": 2.0,
  "spacing_z": 2.999999761581421,
  "summary_bg_k": 43.79650334538665,
  "summary_bg_mad": 8.958337783813477,
  "summary_bg_mean": 24.084617614746094,
  "summary_bg_median": 17.230770111083984,
  "summary_bg_n": 182043.0,
  "summary_bg_p05": 8.873077392578125,
  "summary_bg_p95": 53.86499862670896,
  "summary_bg_stdv": 25.015581130981445,
  "summary_fg_k": 2.886789666880767,
  "summary_fg_mad": 56.21342086791992,
  "summary_fg_mean": 369.9866943359375,
  "summary_fg_median": 369.9346008300781,
  "summary_fg_n": 112996.0,
  "summary_fg_p05": 264.6499938964844,
  "summary_fg_p95": 475.4009552001953,
  "summary_fg_stdv": 69.60346984863281,
  "tsnr": 26.816055297851562
}