{
  "aor": 0.001311153846153846,
  "aqi": 0.01935664769230769,
  "bids_meta": {
    "EchoTime": 0.03,
    "EffectiveEchoSpacing": 0.000390006,
    "FlipAngle": 90,
    "ImageType": [
      "ORIGINAL",
      "PRIMARY",
      "M",
      "ND",
      "NORM",
      "MOS"
    ],
    "MagneticFieldStrength": 3,
    "Manufacturer": "Siemens",
    "ManufacturersModelName": "TrioTim",
    "PhaseEncodingDirection": "j-",
    "PulseSequenceType": "Gradient Echo EPI",
    "RepetitionTime": 2.5,
    "SliceTiming": [
      0,
      1.2875,
      0.065,
      1.3525,
      0.13,
      1.4175,
      0.195,
      1.48,
      0.2575,
      1.545,
      0.3225,
      1.61,
      0.3875,
      1.675,
      0.4525,
      1.7375,
      0.515,
      1.8025,
      0.58,
      1.8675,
      0.645,
      1.9325,
      0.71,
      1.995,
      0.7725,
      2.06,
      0.8375,
      2.125,
      0.9025,
      2.19,
      0.9675,
      2.2525,
      1.03,
      2.3175,
      1.095,
      2.3825,
      1.16,
      2.4475,
      1.225
    ],
    "TaskName": "Experimental Run 1",
    "modality": "bold",
    "subject_id": "17",
    "task_id": "run1"
  },
  "dummy_trs": 0,
  "dvars_nstd": 41.855130096447866,
  "dvars_std": 1.0584661994980702,
  "dvars_vstd": 1.007482736911197,
  "efc": 0.5873500008087181,
  "fber": 854.3809204101562,
  "fd_mean": 0.1320583926400216,
  "fd_num": 40,
  "fd_perc": 15.384615384615385,
  "fwhm_avg": 2.6618577777777777,
  "fwhm_x": 2.60733,
  "fwhm_y": 3.21868,
  "fwhm_z": 2.1595633333333333,
  "gcor": 0.0121475,
  "gsr_x": 0.00047069869469851255,
  "gsr_y": 0.03761808201670647,
  "provenance": {
    "md5sum": "444e00ed990e44109576b2112a4ca07e",
    "settings": {
      "fd_thres": 0.2,
      "hmc_fsl": false
    },
    "software": "mriqc",
    "version": "0.10.0"
  },
  "size_t": 260,
  "size_x": 96,
  "size_y": 96,
  "size_z": 39,
  "snr": 5.117220002854544,
  "spacing_tr": 2.5,
  "spacing_x": 2.0,
  "spacing_y": 2.0,
  "spacing_z": 3.0,
  "summary_bg_k": 40.66252981542636,
  "summary_bg_mad": 5.194809436798096,
  "summary_bg_mean": 16.348302841186523,
  "summary_bg_median": 10.192307472229004,
  "summary_bg_n": 190708.0,
  "summary_bg_p05": 5.473076820373535,
  "summary_bg_p95": 43.94230651855469,
  "summary_bg_stdv": 20.675146102905273,
  "summary_fg_k": 2.2925942816918248,
  "summary_fg_mad": 48.6065788269043,
  "summary_fg_mean": 311.3631286621094,
  "summary_fg_median": 309.55767822265625,
  "summary_fg_n": 106437.0,
  "summary_fg_p05": 217.7892333984375,
  "summary_fg_p95": 413.2323120117187,
  "summary_fg_stdv": 60.493045806884766,
  "tsnr": 32.99394607543945
}