{
  "aor": 0.0003756153846153846,
  "aqi": 0.028324885384615382,
  "bids_meta": {
    "EchoTime": 0.03,
    "EffectiveEchoSpacing": 0.000370002,
    "FlipAngle": 90,
    "ImageType": [
      "ORIGINAL",
      "PRIMARY",
      "M",
      "ND",
      "NORM",
      "MOS"
    ],
    "MagneticFieldStrength": 3,
    "Manufacturer": "Siemens",
    "ManufacturersModelName": "TrioTim",
    "PhaseEncodingDirection": "j-",
    "PulseSequenceType": "Gradient Echo EPI",
    "RepetitionTime": 2.5,
    "SliceTiming": [
      0,
      1.2875,
      0.065,
      1.3525,
      0.13,
      1.4175,
      0.195,
      1.48,
      0.2575,
      1.545,
      0.3225,
      1.61,
      0.3875,
      1.675,
      0.4525,
      1.7375,
      0.515,
      1.8025,
      0.58,
      1.8675,
      0.645,
      1.9325,
      0.7075,
      1.995,
      0.7725,
      2.06,
      0.8375,
      2.125,
      0.9025,
      2.1875,
      0.965,
      2.2525,
      1.03,
      2.3175,
      1.095,
      2.3825,
      1.16,
      2.445,
      1.2225
    ],
    "TaskName": "Localizer",
    "modality": "bold",
    "subject_id": "02",
    "task_id": "run4"
  },
  "dummy_trs": 0,
  "dvars_nstd": 57.73965931316601,
  "dvars_std": 1.0601005643629344,
  "dvars_vstd": 0.9873892087644792,
  "efc": 0.5828253905918054,
  "fber": 493.1418762207031,
  "fd_mean": 0.15378979216604566,
  "fd_num": 63,
  "fd_perc": 24.23076923076923,
  "fwhm_avg": 2.5403856155595546,
  "fwhm_x": 2.52221,
  "fwhm_y": 3.020100180011998,
  "fwhm_z": 2.0788466666666667,
  "gcor": 0.00412639,
  "gsr_x": 0.009638751856982708,
  "gsr_y": 0.021494446322321892,
  "provenance": {
    "md5sum": "fae3d4a392979423ed2957dacccfd231",
    "settings": {
      "fd_thres": 0.2,
      "hmc_fsl": false
    },
    "software": "mriqc",
    "version": "0.10.0"
  },
  "size_t": 260,
  "size_x": 96,
  "size_y": 96,
  "size_z": 39,
  "snr": 4.813659289000806,
  "spacing_tr": 2.5,
  "spacing_x": 2.0,
  "spacing_y": 1.9999998807907104,
  "spacing_z": 3.0,
  "summary_bg_k": 43.3164062443378,
  "summary_bg_mad": 8.479344367980957,
  "summary_bg_mean": 23.2717227935791,
  "summary_bg_median": 16.984615325927734,
  "summary_bg_n": 196931.0,
  "summary_bg_p05": 8.807692527770996,
  "summary_bg_p95": 52.44807815551758,
  "summary_bg_stdv": 23.430696487426758,
  "summary_fg_k": 2.281767519760595,
  "summary_fg_mad": 70.0529556274414,
  "summary_fg_mean": 397.72064208984375,
  "summary_fg_median": 397.4346008300781,
  "summary_fg_n": 98961.0,
  "summary_fg_p05": 268.234619140625,
  "summary_fg_p95": 523.607666015625,
  "summary_fg_stdv": 82.56350708007812,
  "tsnr": 24.857221603393555
}