{
  "aor": 0.0010745769230769229,
  "aqi": 0.018666206153846156,
  "bids_meta": {
    "EchoTime": 0.03,
    "EffectiveEchoSpacing": 0.000390006,
    "FlipAngle": 90,
    "ImageType": [
      "ORIGINAL",
      "PRIMARY",
      "M",
      "ND",
      "NORM",
      "MOS"
    ],
    "MagneticFieldStrength": 3,
    "Manufacturer": "Siemens",
    "ManufacturersModelName": "TrioTim",
    "PhaseEncodingDirection": "j-",
    "PulseSequenceType": "Gradient Echo EPI",
    "RepetitionTime": 2.5,
    "SliceTiming": [
      0,
      1.285,
      0.0625,
      1.35,
      0.1275,
      1.415,
      0.1925,
      1.48,
      0.2575,
      1.5425,
      0.32,
      1.6075,
      0.385,
      1.6725,
      0.45,
      1.7375,
      0.5125,
      1.8,
      0.5775,
      1.865,
      0.6425,
      1.93,
      0.7075,
      1.9925,
      0.77,
      2.0575,
      0.835,
      2.1225,
      0.9,
      2.1875,
      0.965,
      2.25,
      1.0275,
      2.315,
      1.0925,
      2.38,
      1.1575,
      2.445,
      1.2225
    ],
    "TaskName": "Experimental Run 1",
    "modality": "bold",
    "subject_id": "15",
    "task_id": "run1"
  },
  "dummy_trs": 0,
  "dvars_nstd": 45.43900005988416,
  "dvars_std": 1.101683962355213,
  "dvars_vstd": 1.0008835296911205,
  "efc": 0.6058807454977865,
  "fber": 720.061279296875,
  "fd_mean": 0.1536925022808137,
  "fd_num": 46,
  "fd_perc": 17.692307692307693,
  "fwhm_avg": 2.631698888888889,
  "fwhm_x": 2.61519,
  "fwhm_y": 3.20173,
  "fwhm_z": 2.078176666666667,
  "gcor": 0.00966277,
  "gsr_x": -0.0013417331501841545,
  "gsr_y": 0.028924837708473206,
  "provenance": {
    "md5sum": "50690bfde94a61bda091b1d48ae2e15c",
    "settings": {
      "fd_thres": 0.2,
      "hmc_fsl": false
    },
    "software": "mriqc",
    "version": "0.10.0"
  },
  "size_t": 260,
  "size_x": 96,
  "size_y": 96,
  "size_z": 39,
  "snr": 4.942039209375155,
  "spacing_tr": 2.5,
  "spacing_x": 2.0,
  "spacing_y": 2.0,
  "spacing_z": 3.0,
  "summary_bg_k": 40.97247223007993,
  "summary_bg_mad": 8.713138580322266,
  "summary_bg_mean": 28.55550193786621,
  "summary_bg_median": 16.89230728149414,
  "summary_bg_n": 180274.0,
  "summary_bg_p05": 8.44615364074707,
  "summary_bg_p95": 83.84903984069835,
  "summary_bg_stdv": 41.02923583984375,
  "summary_fg_k": 2.510886444461219,
  "summary_fg_mad": 82.84893035888672,
  "summary_fg_mean": 480.1798400878906,
  "summary_fg_median": 481.1980895996094,
  "summary_fg_n": 113238.0,
  "summary_fg_p05": 325.3625030517578,
  "summary_fg_p95": 620.5807495117188,
  "summary_fg_stdv": 97.3678970336914,
  "tsnr": 33.022003173828125
}