{
  "aor": 0.0009272468354430379,
  "aqi": 0.04493605601265824,
  "bids_meta": {
    "EchoTime": 0.03,
    "EffectiveEchoSpacing": 0.000370002,
    "FlipAngle": 90,
    "ImageType": [
      "ORIGINAL",
      "PRIMARY",
      "M",
      "ND",
      "NORM",
      "MOS"
    ],
    "MagneticFieldStrength": 3,
    "Manufacturer": "Siemens",
    "ManufacturersModelName": "TrioTim",
    "PhaseEncodingDirection": "j-",
    "PulseSequenceType": "Gradient Echo EPI",
    "RepetitionTime": 2.5,
    "SliceTiming": [
      0,
      1.2875,
      0.065,
      1.3525,
      0.13,
      1.4175,
      0.195,
      1.48,
      0.2575,
      1.545,
      0.3225,
      1.61,
      0.3875,
      1.675,
      0.4525,
      1.7375,
      0.515,
      1.8025,
      0.58,
      1.8675,
      0.645,
      1.9325,
      0.71,
      1.995,
      0.7725,
      2.06,
      0.8375,
      2.125,
      0.9025,
      2.19,
      0.9675,
      2.2525,
      1.03,
      2.3175,
      1.095,
      2.3825,
      1.16,
      2.4475,
      1.2225
    ],
    "TaskName": "Localizer",
    "modality": "bold",
    "subject_id": "08",
    "task_id": "localizer"
  },
  "dummy_trs": 0,
  "dvars_nstd": 45.584388623904765,
  "dvars_std": 1.0539745834603176,
  "dvars_vstd": 0.9766868087936502,
  "efc": 0.5467242014402426,
  "fber": 701.2294311523438,
  "fd_mean": 0.09851951664493397,
  "fd_num": 30,
  "fd_perc": 9.49367088607595,
  "fwhm_avg": 2.6914044444444443,
  "fwhm_x": 2.71182,
  "fwhm_y": 3.14223,
  "fwhm_z": 2.2201633333333333,
  "gcor": 0.00710407,
  "gsr_x": 0.010544861666858196,
  "gsr_y": 0.016580596566200256,
  "provenance": {
    "md5sum": "1a5ae8c3d29e05c901be4077e22f6aeb",
    "settings": {
      "fd_thres": 0.2,
      "hmc_fsl": false
    },
    "software": "mriqc",
    "version": "0.10.0"
  },
  "size_t": 316,
  "size_x": 96,
  "size_y": 96,
  "size_z": 39,
  "snr": 5.5955653502618246,
  "spacing_tr": 2.5,
  "spacing_x": 2.0,
  "spacing_y": 2.0,
  "spacing_z": 3.0,
  "summary_bg_k": 34.20550510400615,
  "summary_bg_mad": 11.471400260925293,
  "summary_bg_mean": 35.29426193237305,
  "summary_bg_median": 21.408227920532227,
  "summary_bg_n": 216425.0,
  "summary_bg_p05": 10.838607788085938,
  "summary_bg_p95": 100.17341766357418,
  "summary_bg_stdv": 49.301536560058594,
  "summary_fg_k": 4.607094042217078,
  "summary_fg_mad": 74.20042419433594,
  "summary_fg_mean": 573.9906616210938,
  "summary_fg_median": 582.9082641601562,
  "summary_fg_n": 82187.0,
  "summary_fg_p05": 393.67152404785156,
  "summary_fg_p95": 714.4895874023437,
  "summary_fg_stdv": 104.17262268066406,
  "tsnr": 25.522445678710938
}