{
  "aor": 0.0007155063291139241,
  "aqi": 0.04000117436708861,
  "bids_meta": {
    "EchoTime": 0.03,
    "EffectiveEchoSpacing": 0.000370002,
    "FlipAngle": 90,
    "ImageType": [
      "ORIGINAL",
      "PRIMARY",
      "M",
      "ND",
      "NORM",
      "MOS"
    ],
    "MagneticFieldStrength": 3,
    "Manufacturer": "Siemens",
    "ManufacturersModelName": "TrioTim",
    "PhaseEncodingDirection": "j-",
    "PulseSequenceType": "Gradient Echo EPI",
    "RepetitionTime": 2.5,
    "SliceTiming": [
      0,
      1.2875,
      0.0625,
      1.35,
      0.1275,
      1.415,
      0.1925,
      1.48,
      0.2575,
      1.5425,
      0.32,
      1.6075,
      0.385,
      1.6725,
      0.45,
      1.7375,
      0.515,
      1.8,
      0.5775,
      1.865,
      0.6425,
      1.93,
      0.7075,
      1.995,
      0.7725,
      2.0575,
      0.835,
      2.1225,
      0.9,
      2.1875,
      0.965,
      2.2525,
      1.03,
      2.315,
      1.0925,
      2.38,
      1.1575,
      2.445,
      1.2225
    ],
    "TaskName": "Localizer",
    "modality": "bold",
    "subject_id": "14",
    "task_id": "localizer"
  },
  "dummy_trs": 0,
  "dvars_nstd": 65.27032559107936,
  "dvars_std": 1.0529792538095237,
  "dvars_vstd": 0.995438377968253,
  "efc": 0.6108331391279691,
  "fber": 273.49053955078125,
  "fd_mean": 0.29857165157704313,
  "fd_num": 174,
  "fd_perc": 55.063291139240505,
  "fwhm_avg": 2.700876168316563,
  "fwhm_x": 2.676385,
  "fwhm_y": 3.26681,
  "fwhm_z": 2.159433504949689,
  "gcor": 0.00322312,
  "gsr_x": -0.0018938393332064152,
  "gsr_y": 0.04817301034927368,
  "provenance": {
    "md5sum": "d39bcafdc32845f8180db9dc60b705cf",
    "settings": {
      "fd_thres": 0.2,
      "hmc_fsl": false
    },
    "software": "mriqc",
    "version": "0.10.0"
  },
  "size_t": 316,
  "size_x": 96,
  "size_y": 96,
  "size_z": 39,
  "snr": 4.552700022361078,
  "spacing_tr": 2.5,
  "spacing_x": 2.0,
  "spacing_y": 2.0,
  "spacing_z": 2.999999761581421,
  "summary_bg_k": 19.933738727303687,
  "summary_bg_mad": 11.879585266113281,
  "summary_bg_mean": 25.333585739135742,
  "summary_bg_median": 17.547468185424805,
  "summary_bg_n": 194930.0,
  "summary_bg_p05": 7.371677494049074,
  "summary_bg_p95": 61.58323040008523,
  "summary_bg_stdv": 24.36215591430664,
  "summary_fg_k": 2.087086394925639,
  "summary_fg_mad": 54.373016357421875,
  "summary_fg_mean": 300.8785705566406,
  "summary_fg_median": 301.588623046875,
  "summary_fg_n": 101009.0,
  "summary_fg_p05": 191.19683837890625,
  "summary_fg_p95": 401.76204223632806,
  "summary_fg_stdv": 66.24357604980469,
  "tsnr": 19.65235710144043
}