{
  "aor": 0.0004327692307692307,
  "aqi": 0.02296731846153846,
  "bids_meta": {
    "EchoTime": 0.03,
    "EffectiveEchoSpacing": 0.000370002,
    "FlipAngle": 90,
    "ImageType": [
      "ORIGINAL",
      "PRIMARY",
      "M",
      "ND",
      "NORM",
      "MOS"
    ],
    "MagneticFieldStrength": 3,
    "Manufacturer": "Siemens",
    "ManufacturersModelName": "TrioTim",
    "PhaseEncodingDirection": "j-",
    "PulseSequenceType": "Gradient Echo EPI",
    "RepetitionTime": 2.5,
    "SliceTiming": [
      0,
      1.2875,
      0.065,
      1.3525,
      0.13,
      1.415,
      0.1925,
      1.48,
      0.2575,
      1.545,
      0.3225,
      1.61,
      0.3875,
      1.6725,
      0.45,
      1.7375,
      0.515,
      1.8025,
      0.58,
      1.8675,
      0.645,
      1.93,
      0.7075,
      1.995,
      0.7725,
      2.06,
      0.8375,
      2.125,
      0.9025,
      2.1875,
      0.965,
      2.2525,
      1.03,
      2.3175,
      1.095,
      2.3825,
      1.16,
      2.445,
      1.2225
    ],
    "TaskName": "Experimental Run 2",
    "modality": "bold",
    "subject_id": "06",
    "task_id": "run2"
  },
  "dummy_trs": 0,
  "dvars_nstd": 47.09926802606181,
  "dvars_std": 1.078785862664092,
  "dvars_vstd": 0.9963482610424704,
  "efc": 0.5903573455811252,
  "fber": 589.8662719726562,
  "fd_mean": 0.10557772310855068,
  "fd_num": 6,
  "fd_perc": 2.3076923076923075,
  "fwhm_avg": 2.521749444444444,
  "fwhm_x": 2.534365,
  "fwhm_y": 2.96916,
  "fwhm_z": 2.0617233333333336,
  "gcor": 0.0108965,
  "gsr_x": -0.002197954570874572,
  "gsr_y": 0.031640682369470596,
  "provenance": {
    "md5sum": "d8beef0bc688442d456f9c64609702d5",
    "settings": {
      "fd_thres": 0.2,
      "hmc_fsl": false
    },
    "software": "mriqc",
    "version": "0.10.0"
  },
  "size_t": 260,
  "size_x": 96,
  "size_y": 96,
  "size_z": 39,
  "snr": 5.346310258630501,
  "spacing_tr": 2.5,
  "spacing_x": 2.0,
  "spacing_y": 2.0,
  "spacing_z": 3.0,
  "summary_bg_k": 69.22970918662003,
  "summary_bg_mad": 9.591296195983887,
  "summary_bg_mean": 27.435922622680664,
  "summary_bg_median": 18.600000381469727,
  "summary_bg_n": 192083.0,
  "summary_bg_p05": 9.65384578704834,
  "summary_bg_p95": 67.88845825195312,
  "summary_bg_stdv": 34.90188980102539,
  "summary_fg_k": 2.890919736998441,
  "summary_fg_mad": 73.01815795898438,
  "summary_fg_mean": 469.2373046875,
  "summary_fg_median": 469.296142578125,
  "summary_fg_n": 104029.0,
  "summary_fg_p05": 333.5615539550781,
  "summary_fg_p95": 600.4892333984372,
  "summary_fg_stdv": 87.77902221679688,
  "tsnr": 31.339244842529297
}