{
  "aor": 0.0014253461538461538,
  "aqi": 0.03383883269230769,
  "bids_meta": {
    "EchoTime": 0.03,
    "EffectiveEchoSpacing": 0.000370002,
    "FlipAngle": 90,
    "ImageType": [
      "ORIGINAL",
      "PRIMARY",
      "M",
      "ND",
      "NORM",
      "MOS"
    ],
    "MagneticFieldStrength": 3,
    "Manufacturer": "Siemens",
    "ManufacturersModelName": "TrioTim",
    "PhaseEncodingDirection": "j-",
    "PulseSequenceType": "Gradient Echo EPI",
    "RepetitionTime": 2.5,
    "SliceTiming": [
      0,
      1.2875,
      0.065,
      1.3525,
      0.13,
      1.415,
      0.1925,
      1.48,
      0.2575,
      1.545,
      0.3225,
      1.61,
      0.3875,
      1.6725,
      0.45,
      1.7375,
      0.515,
      1.8025,
      0.58,
      1.8675,
      0.645,
      1.93,
      0.7075,
      1.995,
      0.7725,
      2.06,
      0.8375,
      2.125,
      0.9025,
      2.1875,
      0.965,
      2.2525,
      1.03,
      2.3175,
      1.095,
      2.3825,
      1.16,
      2.445,
      1.2225
    ],
    "TaskName": "Experimental Run 1",
    "modality": "bold",
    "subject_id": "08",
    "task_id": "run1"
  },
  "dummy_trs": 0,
  "dvars_nstd": 47.7596891249035,
  "dvars_std": 1.0986186126640933,
  "dvars_vstd": 1.0046561636293438,
  "efc": 0.5472837770347103,
  "fber": 681.5752563476562,
  "fd_mean": 0.07657317593630567,
  "fd_num": 15,
  "fd_perc": 5.769230769230769,
  "fwhm_avg": 2.6277155555555556,
  "fwhm_x": 2.662355,
  "fwhm_y": 3.058155,
  "fwhm_z": 2.1626366666666668,
  "gcor": 0.0157028,
  "gsr_x": 0.009607833810150623,
  "gsr_y": 0.016878003254532814,
  "provenance": {
    "md5sum": "5bbc996f743b5e008ce0deff5d3360e8",
    "settings": {
      "fd_thres": 0.2,
      "hmc_fsl": false
    },
    "software": "mriqc",
    "version": "0.10.0"
  },
  "size_t": 260,
  "size_x": 96,
  "size_y": 96,
  "size_z": 39,
  "snr": 5.476364357525622,
  "spacing_tr": 2.5,
  "spacing_x": 2.0,
  "spacing_y": 2.0,
  "spacing_z": 3.0,
  "summary_bg_k": 35.01051904398394,
  "summary_bg_mad": 11.30198860168457,
  "summary_bg_mean": 35.418052673339844,
  "summary_bg_median": 21.66153907775879,
  "summary_bg_n": 216514.0,
  "summary_bg_p05": 11.030769348144531,
  "summary_bg_p95": 100.15595932006718,
  "summary_bg_stdv": 48.787933349609375,
  "summary_fg_k": 4.7450958202947255,
  "summary_fg_mad": 74.2840347290039,
  "summary_fg_mean": 572.1743774414062,
  "summary_fg_median": 581.6538696289062,
  "summary_fg_n": 82295.0,
  "summary_fg_p05": 389.1480712890625,
  "summary_fg_p95": 713.2699951171876,
  "summary_fg_stdv": 106.2110366821289,
  "tsnr": 28.230602264404297
}