{
  "aor": 0.014315576923076922,
  "aqi": 0.04937379076923077,
  "bids_meta": {
    "EchoTime": 0.03,
    "EffectiveEchoSpacing": 0.000370002,
    "FlipAngle": 90,
    "ImageType": [
      "ORIGINAL",
      "PRIMARY",
      "M",
      "ND",
      "NORM",
      "MOS"
    ],
    "MagneticFieldStrength": 3,
    "Manufacturer": "Siemens",
    "ManufacturersModelName": "TrioTim",
    "PhaseEncodingDirection": "j-",
    "PulseSequenceType": "Gradient Echo EPI",
    "RepetitionTime": 2.5,
    "SliceTiming": [
      0,
      1.285,
      0.0625,
      1.35,
      0.1275,
      1.415,
      0.1925,
      1.4775,
      0.255,
      1.5425,
      0.32,
      1.6075,
      0.385,
      1.6725,
      0.45,
      1.735,
      0.5125,
      1.8,
      0.5775,
      1.865,
      0.6425,
      1.93,
      0.7075,
      1.9925,
      0.77,
      2.0575,
      0.835,
      2.1225,
      0.9,
      2.1875,
      0.965,
      2.25,
      1.0275,
      2.315,
      1.0925,
      2.38,
      1.1575,
      2.445,
      1.2225
    ],
    "TaskName": "Experimental Run 3",
    "modality": "bold",
    "subject_id": "14",
    "task_id": "run3"
  },
  "dummy_trs": 0,
  "dvars_nstd": 66.40422719401542,
  "dvars_std": 1.1491110563320464,
  "dvars_vstd": 1.188977502625482,
  "efc": 0.6170071889769079,
  "fber": 237.14346313476562,
  "fd_mean": 0.19609580483453698,
  "fd_num": 86,
  "fd_perc": 33.07692307692308,
  "fwhm_avg": 2.6186861667175694,
  "fwhm_x": 2.585565,
  "fwhm_y": 3.17142,
  "fwhm_z": 2.099073500152707,
  "gcor": 0.00117116,
  "gsr_x": -0.0051750848069787025,
  "gsr_y": 0.05788839980959892,
  "provenance": {
    "md5sum": "7d2e3717005d9287c3cc786ce7859842",
    "settings": {
      "fd_thres": 0.2,
      "hmc_fsl": false
    },
    "software": "mriqc",
    "version": "0.10.0"
  },
  "size_t": 260,
  "size_x": 96,
  "size_y": 96,
  "size_z": 39,
  "snr": 4.704806566061383,
  "spacing_tr": 2.5,
  "spacing_x": 2.0,
  "spacing_y": 2.0,
  "spacing_z": 2.999999761581421,
  "summary_bg_k": 16.295733881675012,
  "summary_bg_mad": 12.881532669067383,
  "summary_bg_mean": 26.29837989807129,
  "summary_bg_median": 18.58846092224121,
  "summary_bg_n": 195368.0,
  "summary_bg_p05": 7.623076915740967,
  "summary_bg_p95": 64.6653823852539,
  "summary_bg_stdv": 24.002668380737305,
  "summary_fg_k": 2.169484041619061,
  "summary_fg_mad": 51.9709358215332,
  "summary_fg_mean": 295.6624450683594,
  "summary_fg_median": 295.98846435546875,
  "summary_fg_n": 100383.0,
  "summary_fg_p05": 193.12730712890627,
  "summary_fg_p95": 391.14537963867184,
  "summary_fg_stdv": 62.911617279052734,
  "tsnr": 17.22870445251465
}