{
  "aor": 0.001101846153846154,
  "aqi": 0.019658186153846156,
  "bids_meta": {
    "EchoTime": 0.03,
    "EffectiveEchoSpacing": 0.000390006,
    "FlipAngle": 90,
    "ImageType": [
      "ORIGINAL",
      "PRIMARY",
      "M",
      "ND",
      "NORM",
      "MOS"
    ],
    "MagneticFieldStrength": 3,
    "Manufacturer": "Siemens",
    "ManufacturersModelName": "TrioTim",
    "PhaseEncodingDirection": "j-",
    "PulseSequenceType": "Gradient Echo EPI",
    "RepetitionTime": 2.5,
    "SliceTiming": [
      0,
      1.2875,
      0.065,
      1.3525,
      0.13,
      1.4175,
      0.1925,
      1.48,
      0.2575,
      1.545,
      0.3225,
      1.61,
      0.3875,
      1.6725,
      0.45,
      1.7375,
      0.515,
      1.8025,
      0.58,
      1.8675,
      0.645,
      1.93,
      0.7075,
      1.995,
      0.7725,
      2.06,
      0.8375,
      2.125,
      0.9025,
      2.1875,
      0.965,
      2.2525,
      1.03,
      2.3175,
      1.095,
      2.3825,
      1.16,
      2.445,
      1.2225
    ],
    "TaskName": "Experimental Run 1",
    "modality": "bold",
    "subject_id": "19",
    "task_id": "run1"
  },
  "dummy_trs": 0,
  "dvars_nstd": 45.25306005015446,
  "dvars_std": 1.074102839691119,
  "dvars_vstd": 1.004001966911197,
  "efc": 0.5921975973711463,
  "fber": 687.320556640625,
  "fd_mean": 0.1457145504648706,
  "fd_num": 55,
  "fd_perc": 21.153846153846153,
  "fwhm_avg": 2.605996111111111,
  "fwhm_x": 2.665095,
  "fwhm_y": 3.0262,
  "fwhm_z": 2.1266933333333333,
  "gcor": 0.0177722,
  "gsr_x": 0.0182114876806736,
  "gsr_y": 0.012467145919799805,
  "provenance": {
    "md5sum": "bac17c8ef6855044b393393e4378413a",
    "settings": {
      "fd_thres": 0.2,
      "hmc_fsl": false
    },
    "software": "mriqc",
    "version": "0.10.0"
  },
  "size_t": 260,
  "size_x": 96,
  "size_y": 96,
  "size_z": 39,
  "snr": 4.917660851955219,
  "spacing_tr": 2.5,
  "spacing_x": 2.0,
  "spacing_y": 2.0,
  "spacing_z": 3.0,
  "summary_bg_k": 24.688555154473192,
  "summary_bg_mad": 6.774352073669434,
  "summary_bg_mean": 19.67209815979004,
  "summary_bg_median": 12.061538696289062,
  "summary_bg_n": 190405.0,
  "summary_bg_p05": 5.650000095367432,
  "summary_bg_p95": 56.76384658813468,
  "summary_bg_stdv": 25.992088317871094,
  "summary_fg_k": 2.146974118911194,
  "summary_fg_mad": 55.88555145263672,
  "summary_fg_mean": 328.28350830078125,
  "summary_fg_median": 327.8923034667969,
  "summary_fg_n": 105888.0,
  "summary_fg_p05": 218.91039123535157,
  "summary_fg_p95": 429.98327331542964,
  "summary_fg_stdv": 66.67616271972656,
  "tsnr": 30.985998153686523
}