{
  "aor": 0.0007438846153846154,
  "aqi": 0.023840218461538464,
  "bids_meta": {
    "EchoTime": 0.03,
    "EffectiveEchoSpacing": 0.000370002,
    "FlipAngle": 90,
    "ImageType": [
      "ORIGINAL",
      "PRIMARY",
      "M",
      "ND",
      "NORM",
      "MOS"
    ],
    "MagneticFieldStrength": 3,
    "Manufacturer": "Siemens",
    "ManufacturersModelName": "TrioTim",
    "PhaseEncodingDirection": "j-",
    "PulseSequenceType": "Gradient Echo EPI",
    "RepetitionTime": 2.5,
    "SliceTiming": [
      0,
      1.285,
      0.0625,
      1.35,
      0.1275,
      1.415,
      0.1925,
      1.48,
      0.255,
      1.5425,
      0.32,
      1.6075,
      0.385,
      1.6725,
      0.45,
      1.735,
      0.5125,
      1.8,
      0.5775,
      1.865,
      0.6425,
      1.93,
      0.7075,
      1.9925,
      0.77,
      2.0575,
      0.835,
      2.1225,
      0.9,
      2.1875,
      0.965,
      2.25,
      1.0275,
      2.315,
      1.0925,
      2.38,
      1.1575,
      2.445,
      1.2225
    ],
    "TaskName": "Experimental Run 4",
    "modality": "bold",
    "subject_id": "09",
    "task_id": "run4"
  },
  "dummy_trs": 0,
  "dvars_nstd": 47.33917987467183,
  "dvars_std": 1.0679103349806955,
  "dvars_vstd": 1.0036192274517375,
  "efc": 0.5812005903675685,
  "fber": 597.7727661132812,
  "fd_mean": 0.12748598223270158,
  "fd_num": 43,
  "fd_perc": 16.53846153846154,
  "fwhm_avg": 2.5080900000000006,
  "fwhm_x": 2.5333,
  "fwhm_y": 2.91779,
  "fwhm_z": 2.0731800000000002,
  "gcor": 0.0069839,
  "gsr_x": 0.004914651159197092,
  "gsr_y": 0.028185496106743813,
  "provenance": {
    "md5sum": "26bc7a6b5952083f61e1d3e6486f331d",
    "settings": {
      "fd_thres": 0.2,
      "hmc_fsl": false
    },
    "software": "mriqc",
    "version": "0.10.0"
  },
  "size_t": 260,
  "size_x": 96,
  "size_y": 96,
  "size_z": 39,
  "snr": 5.335855815363155,
  "spacing_tr": 2.5,
  "spacing_x": 2.0,
  "spacing_y": 2.0,
  "spacing_z": 3.0,
  "summary_bg_k": 36.36523074467332,
  "summary_bg_mad": 10.760272026062012,
  "summary_bg_mean": 31.139047622680664,
  "summary_bg_median": 20.41153907775879,
  "summary_bg_n": 197317.0,
  "summary_bg_p05": 10.619231224060059,
  "summary_bg_p95": 80.98615722656237,
  "summary_bg_stdv": 38.054386138916016,
  "summary_fg_k": 3.164288567825568,
  "summary_fg_mad": 79.32496643066406,
  "summary_fg_mean": 521.5155639648438,
  "summary_fg_median": 523.3731079101562,
  "summary_fg_n": 99051.0,
  "summary_fg_p05": 370.38653564453125,
  "summary_fg_p95": 667.4173278808594,
  "summary_fg_stdv": 98.0855712890625,
  "tsnr": 30.134450912475586
}