{
  "aor": 0.000347,
  "aqi": 0.01915999153846154,
  "bids_meta": {
    "EchoTime": 0.03,
    "EffectiveEchoSpacing": 0.000390006,
    "FlipAngle": 90,
    "ImageType": [
      "ORIGINAL",
      "PRIMARY",
      "M",
      "ND",
      "NORM",
      "MOS"
    ],
    "MagneticFieldStrength": 3,
    "Manufacturer": "Siemens",
    "ManufacturersModelName": "TrioTim",
    "PhaseEncodingDirection": "j-",
    "PulseSequenceType": "Gradient Echo EPI",
    "RepetitionTime": 2.5,
    "SliceTiming": [
      0,
      1.2875,
      0.065,
      1.35,
      0.1275,
      1.415,
      0.1925,
      1.48,
      0.2575,
      1.545,
      0.32,
      1.6075,
      0.385,
      1.6725,
      0.45,
      1.7375,
      0.515,
      1.8,
      0.5775,
      1.865,
      0.6425,
      1.93,
      0.7075,
      1.995,
      0.7725,
      2.0575,
      0.835,
      2.1225,
      0.9,
      2.1875,
      0.965,
      2.2525,
      1.03,
      2.315,
      1.0925,
      2.38,
      1.1575,
      2.445,
      1.2225
    ],
    "TaskName": "Experimental Run 4",
    "modality": "bold",
    "subject_id": "18",
    "task_id": "run4"
  },
  "dummy_trs": 0,
  "dvars_nstd": 40.142240546100396,
  "dvars_std": 1.062520671776061,
  "dvars_vstd": 0.9781550326640925,
  "efc": 0.5465535082818892,
  "fber": 1022.7073364257812,
  "fd_mean": 0.11246286962365559,
  "fd_num": 21,
  "fd_perc": 8.076923076923077,
  "fwhm_avg": 2.6125300611458258,
  "fwhm_x": 2.60204,
  "fwhm_y": 3.077570183437478,
  "fwhm_z": 2.15798,
  "gcor": 0.00697337,
  "gsr_x": 0.00016180430247914046,
  "gsr_y": 0.02684878744184971,
  "provenance": {
    "md5sum": "e6fd1a9cc0177d6de37a65799d2cf061",
    "settings": {
      "fd_thres": 0.2,
      "hmc_fsl": false
    },
    "software": "mriqc",
    "version": "0.10.0"
  },
  "size_t": 260,
  "size_x": 96,
  "size_y": 96,
  "size_z": 39,
  "snr": 4.99188133756432,
  "spacing_tr": 2.5,
  "spacing_x": 2.0,
  "spacing_y": 1.9999998807907104,
  "spacing_z": 3.0,
  "summary_bg_k": 67.35844404422804,
  "summary_bg_mad": 7.458630084991455,
  "summary_bg_mean": 26.672740936279297,
  "summary_bg_median": 15.980769157409668,
  "summary_bg_n": 208349.0,
  "summary_bg_p05": 8.949999809265137,
  "summary_bg_p95": 67.84461517333975,
  "summary_bg_stdv": 41.16971206665039,
  "summary_fg_k": 3.101613500035894,
  "summary_fg_mad": 89.27547454833984,
  "summary_fg_mean": 536.366943359375,
  "summary_fg_median": 535.9769287109375,
  "summary_fg_n": 89462.0,
  "summary_fg_p05": 372.7250061035156,
  "summary_fg_p95": 691.5263397216797,
  "summary_fg_stdv": 107.36912536621094,
  "tsnr": 34.932159423828125
}