{
  "aor": 0.0014282594936708862,
  "aqi": 0.03359039873417721,
  "bids_meta": {
    "EchoTime": 0.03,
    "EffectiveEchoSpacing": 0.000370002,
    "FlipAngle": 90,
    "ImageType": [
      "ORIGINAL",
      "PRIMARY",
      "M",
      "ND",
      "NORM",
      "MOS"
    ],
    "MagneticFieldStrength": 3,
    "Manufacturer": "Siemens",
    "ManufacturersModelName": "TrioTim",
    "PhaseEncodingDirection": "j-",
    "PulseSequenceType": "Gradient Echo EPI",
    "RepetitionTime": 2.5,
    "SliceTiming": [
      0,
      1.2875,
      0.0625,
      1.35,
      0.1275,
      1.415,
      0.1925,
      1.48,
      0.2575,
      1.5425,
      0.32,
      1.6075,
      0.385,
      1.6725,
      0.45,
      1.7375,
      0.515,
      1.8,
      0.5775,
      1.865,
      0.6425,
      1.93,
      0.7075,
      1.995,
      0.7725,
      2.0575,
      0.835,
      2.1225,
      0.9,
      2.1875,
      0.965,
      2.2525,
      1.03,
      2.315,
      1.0925,
      2.38,
      1.1575,
      2.445,
      1.2225
    ],
    "TaskName": "Localizer",
    "modality": "bold",
    "subject_id": "11",
    "task_id": "localizer"
  },
  "dummy_trs": 0,
  "dvars_nstd": 52.54665546701583,
  "dvars_std": 1.0673512709206343,
  "dvars_vstd": 1.0025883960000006,
  "efc": 0.6331797449706194,
  "fber": 493.7117614746094,
  "fd_mean": 0.14550302387010183,
  "fd_num": 71,
  "fd_perc": 22.468354430379748,
  "fwhm_avg": 2.601735,
  "fwhm_x": 2.571085,
  "fwhm_y": 3.10473,
  "fwhm_z": 2.12939,
  "gcor": 0.00439381,
  "gsr_x": 0.002069366630166769,
  "gsr_y": 0.03975158557295799,
  "provenance": {
    "md5sum": "7d14951e2f312814a0fc826974e30993",
    "settings": {
      "fd_thres": 0.2,
      "hmc_fsl": false
    },
    "software": "mriqc",
    "version": "0.10.0"
  },
  "size_t": 316,
  "size_x": 96,
  "size_y": 96,
  "size_z": 39,
  "snr": 5.125954440959806,
  "spacing_tr": 2.5,
  "spacing_x": 2.0,
  "spacing_y": 2.0,
  "spacing_z": 3.0,
  "summary_bg_k": 37.60731701654532,
  "summary_bg_mad": 11.734142303466797,
  "summary_bg_mean": 34.620506286621094,
  "summary_bg_median": 23.360759735107422,
  "summary_bg_n": 171828.0,
  "summary_bg_p05": 12.075949668884277,
  "summary_bg_p95": 86.71297836303707,
  "summary_bg_stdv": 41.96722412109375,
  "summary_fg_k": 2.941150209681515,
  "summary_fg_mad": 79.30510711669922,
  "summary_fg_mean": 540.3327026367188,
  "summary_fg_median": 541.8797607421875,
  "summary_fg_n": 122273.0,
  "summary_fg_p05": 366.61139526367185,
  "summary_fg_p95": 698.5759643554686,
  "summary_fg_stdv": 105.71251678466797,
  "tsnr": 25.43718719482422
}