{
  "aor": 0.000512879746835443,
  "aqi": 0.030216240822784807,
  "bids_meta": {
    "EchoTime": 0.03,
    "EffectiveEchoSpacing": 0.000370002,
    "FlipAngle": 90,
    "ImageType": [
      "ORIGINAL",
      "PRIMARY",
      "M",
      "ND",
      "NORM",
      "MOS"
    ],
    "MagneticFieldStrength": 3,
    "Manufacturer": "Siemens",
    "ManufacturersModelName": "TrioTim",
    "PhaseEncodingDirection": "j-",
    "PulseSequenceType": "Gradient Echo EPI",
    "RepetitionTime": 2.5,
    "SliceTiming": [
      0,
      1.2875,
      0.065,
      1.35,
      0.1275,
      1.415,
      0.1925,
      1.48,
      0.2575,
      1.545,
      0.3225,
      1.6075,
      0.385,
      1.6725,
      0.45,
      1.7375,
      0.515,
      1.8025,
      0.58,
      1.865,
      0.6425,
      1.93,
      0.7075,
      1.995,
      0.7725,
      2.06,
      0.8375,
      2.1225,
      0.9,
      2.1875,
      0.965,
      2.2525,
      1.03,
      2.3175,
      1.0925,
      2.38,
      1.1575,
      2.445,
      1.2225
    ],
    "TaskName": "Localizer",
    "modality": "bold",
    "subject_id": "05",
    "task_id": "localizer"
  },
  "dummy_trs": 0,
  "dvars_nstd": 52.65498165568257,
  "dvars_std": 1.0480704548571436,
  "dvars_vstd": 0.9991386948253967,
  "efc": 0.6166489307142989,
  "fber": 431.043212890625,
  "fd_mean": 0.1572868909810316,
  "fd_num": 78,
  "fd_perc": 24.68354430379747,
  "fwhm_avg": 2.554773389168585,
  "fwhm_x": 2.49025,
  "fwhm_y": 3.06636,
  "fwhm_z": 2.1077101675057546,
  "gcor": 0.01273,
  "gsr_x": -0.007557920180261135,
  "gsr_y": 0.04238373786211014,
  "provenance": {
    "md5sum": "ac7da9b1b39384a15a91f7e1abbe8b95",
    "settings": {
      "fd_thres": 0.2,
      "hmc_fsl": false
    },
    "software": "mriqc",
    "version": "0.10.0"
  },
  "size_t": 316,
  "size_x": 96,
  "size_y": 96,
  "size_z": 39,
  "snr": 5.269883129126648,
  "spacing_tr": 2.5,
  "spacing_x": 2.0,
  "spacing_y": 2.0,
  "spacing_z": 2.999999761581421,
  "summary_bg_k": 46.42726151794859,
  "summary_bg_mad": 8.651639938354492,
  "summary_bg_mean": 23.845338821411133,
  "summary_bg_median": 17.028480529785156,
  "summary_bg_n": 181981.0,
  "summary_bg_p05": 8.800633430480957,
  "summary_bg_p95": 52.65190124511719,
  "summary_bg_stdv": 25.262481689453125,
  "summary_fg_k": 3.0566554784511126,
  "summary_fg_mad": 56.235679626464844,
  "summary_fg_mean": 370.8193664550781,
  "summary_fg_median": 370.8702697753906,
  "summary_fg_n": 112969.0,
  "summary_fg_p05": 264.2784729003906,
  "summary_fg_p95": 476.2436828613281,
  "summary_fg_stdv": 70.37511444091797,
  "tsnr": 26.65584945678711
}