{
  "aor": 0.0009791923076923077,
  "aqi": 0.026813356923076924,
  "bids_meta": {
    "EchoTime": 0.03,
    "EffectiveEchoSpacing": 0.000370002,
    "FlipAngle": 90,
    "ImageType": [
      "ORIGINAL",
      "PRIMARY",
      "M",
      "ND",
      "NORM",
      "MOS"
    ],
    "MagneticFieldStrength": 3,
    "Manufacturer": "Siemens",
    "ManufacturersModelName": "TrioTim",
    "PhaseEncodingDirection": "j-",
    "PulseSequenceType": "Gradient Echo EPI",
    "RepetitionTime": 2.5,
    "SliceTiming": [
      0,
      1.285,
      0.0625,
      1.35,
      0.1275,
      1.415,
      0.1925,
      1.48,
      0.2575,
      1.5425,
      0.32,
      1.6075,
      0.385,
      1.6725,
      0.45,
      1.7375,
      0.515,
      1.8,
      0.5775,
      1.865,
      0.6425,
      1.93,
      0.7075,
      1.995,
      0.7725,
      2.0575,
      0.835,
      2.1225,
      0.9,
      2.1875,
      0.965,
      2.2525,
      1.03,
      2.315,
      1.0925,
      2.38,
      1.1575,
      2.445,
      1.2225
    ],
    "TaskName": "Experimental Run 4",
    "modality": "bold",
    "subject_id": "13",
    "task_id": "run4"
  },
  "dummy_trs": 0,
  "dvars_nstd": 55.76287423521236,
  "dvars_std": 1.1019687355212353,
  "dvars_vstd": 1.0014718848262552,
  "efc": 0.5890533033321902,
  "fber": 429.5874328613281,
  "fd_mean": 0.19400459796126776,
  "fd_num": 92,
  "fd_perc": 35.38461538461539,
  "fwhm_avg": 2.634415612271808,
  "fwhm_x": 2.716715,
  "fwhm_y": 3.045565,
  "fwhm_z": 2.1409668368154238,
  "gcor": 0.0088272,
  "gsr_x": 0.0008942283457145095,
  "gsr_y": 0.011339768767356873,
  "provenance": {
    "md5sum": "69d0c0b8fab595ea7792b9f230f28c22",
    "settings": {
      "fd_thres": 0.2,
      "hmc_fsl": false
    },
    "software": "mriqc",
    "version": "0.10.0"
  },
  "size_t": 260,
  "size_x": 96,
  "size_y": 96,
  "size_z": 39,
  "snr": 4.995494770599572,
  "spacing_tr": 2.5,
  "spacing_x": 2.0,
  "spacing_y": 2.0,
  "spacing_z": 2.999999761581421,
  "summary_bg_k": 29.619890129331075,
  "summary_bg_mad": 9.15221881866455,
  "summary_bg_mean": 25.953432083129883,
  "summary_bg_median": 18.49615478515625,
  "summary_bg_n": 195920.0,
  "summary_bg_p05": 9.7615385055542,
  "summary_bg_p95": 61.69230651855469,
  "summary_bg_stdv": 27.49205207824707,
  "summary_fg_k": 2.202257441778266,
  "summary_fg_mad": 70.37799835205078,
  "summary_fg_mean": 400.6022033691406,
  "summary_fg_median": 402.78076171875,
  "summary_fg_n": 98928.0,
  "summary_fg_p05": 270.3155914306641,
  "summary_fg_p95": 517.4536651611328,
  "summary_fg_stdv": 80.6283950805664,
  "tsnr": 25.52278709411621
}