{
  "aor": 0.0017511923076923078,
  "aqi": 0.030347924999999998,
  "bids_meta": {
    "EchoTime": 0.03,
    "EffectiveEchoSpacing": 0.000370002,
    "FlipAngle": 90,
    "ImageType": [
      "ORIGINAL",
      "PRIMARY",
      "M",
      "ND",
      "NORM",
      "MOS"
    ],
    "MagneticFieldStrength": 3,
    "Manufacturer": "Siemens",
    "ManufacturersModelName": "TrioTim",
    "PhaseEncodingDirection": "j-",
    "PulseSequenceType": "Gradient Echo EPI",
    "RepetitionTime": 2.5,
    "SliceTiming": [
      0,
      1.2875,
      0.065,
      1.3525,
      0.13,
      1.4175,
      0.1925,
      1.48,
      0.2575,
      1.545,
      0.3225,
      1.61,
      0.3875,
      1.6725,
      0.45,
      1.7375,
      0.515,
      1.8025,
      0.58,
      1.8675,
      0.645,
      1.93,
      0.7075,
      1.995,
      0.7725,
      2.06,
      0.8375,
      2.125,
      0.9025,
      2.1875,
      0.965,
      2.2525,
      1.03,
      2.3175,
      1.095,
      2.3825,
      1.16,
      2.445,
      1.2225
    ],
    "TaskName": "Experimental Run 1",
    "modality": "bold",
    "subject_id": "12",
    "task_id": "run1"
  },
  "dummy_trs": 0,
  "dvars_nstd": 46.652905836139,
  "dvars_std": 1.0937255023938222,
  "dvars_vstd": 1.028077808725869,
  "efc": 0.5999359631099558,
  "fber": 691.9564208984375,
  "fd_mean": 0.14168939597281557,
  "fd_num": 53,
  "fd_perc": 20.384615384615383,
  "fwhm_avg": 2.58933,
  "fwhm_x": 2.558275,
  "fwhm_y": 3.076195,
  "fwhm_z": 2.13352,
  "gcor": 0.00987954,
  "gsr_x": 0.0049560884945094585,
  "gsr_y": 0.031768884509801865,
  "provenance": {
    "md5sum": "82ee7109f925e168946afa99a6061f3a",
    "settings": {
      "fd_thres": 0.2,
      "hmc_fsl": false
    },
    "software": "mriqc",
    "version": "0.10.0"
  },
  "size_t": 260,
  "size_x": 96,
  "size_y": 96,
  "size_z": 39,
  "snr": 5.797385614736738,
  "spacing_tr": 2.5,
  "spacing_x": 2.0,
  "spacing_y": 2.0,
  "spacing_z": 3.0,
  "summary_bg_k": 42.83749719764268,
  "summary_bg_mad": 10.543583869934082,
  "summary_bg_mean": 33.36534118652344,
  "summary_bg_median": 19.957693099975586,
  "summary_bg_n": 188725.0,
  "summary_bg_p05": 10.415384292602539,
  "summary_bg_p95": 92.75384521484375,
  "summary_bg_stdv": 46.58141326904297,
  "summary_fg_k": 4.2282275147480455,
  "summary_fg_mad": 72.4107894897461,
  "summary_fg_mean": 540.0064697265625,
  "summary_fg_median": 542.205810546875,
  "summary_fg_n": 107344.0,
  "summary_fg_p05": 398.758267211914,
  "summary_fg_p95": 675.6615600585938,
  "summary_fg_stdv": 93.52548217773438,
  "tsnr": 30.44795799255371
}