{
  "aor": 0.0008468076923076924,
  "aqi": 0.03704841384615385,
  "bids_meta": {
    "EchoTime": 0.03,
    "EffectiveEchoSpacing": 0.000370002,
    "FlipAngle": 90,
    "ImageType": [
      "ORIGINAL",
      "PRIMARY",
      "M",
      "ND",
      "NORM",
      "MOS"
    ],
    "MagneticFieldStrength": 3,
    "Manufacturer": "Siemens",
    "ManufacturersModelName": "TrioTim",
    "PhaseEncodingDirection": "j-",
    "PulseSequenceType": "Gradient Echo EPI",
    "RepetitionTime": 2.5,
    "SliceTiming": [
      0,
      1.2875,
      0.065,
      1.35,
      0.1275,
      1.415,
      0.1925,
      1.48,
      0.2575,
      1.545,
      0.3225,
      1.6075,
      0.385,
      1.6725,
      0.45,
      1.7375,
      0.515,
      1.8025,
      0.58,
      1.865,
      0.6425,
      1.93,
      0.7075,
      1.995,
      0.7725,
      2.06,
      0.835,
      2.1225,
      0.9,
      2.1875,
      0.965,
      2.2525,
      1.03,
      2.315,
      1.0925,
      2.38,
      1.1575,
      2.445,
      1.2225
    ],
    "TaskName": "Experimental Run 1",
    "modality": "bold",
    "subject_id": "14",
    "task_id": "run1"
  },
  "dummy_trs": 0,
  "dvars_nstd": 63.358550687027034,
  "dvars_std": 1.0443364276833988,
  "dvars_vstd": 0.9973336686872586,
  "efc": 0.6121398554211602,
  "fber": 264.3896789550781,
  "fd_mean": 0.15621763804589106,
  "fd_num": 59,
  "fd_perc": 22.692307692307693,
  "fwhm_avg": 2.655657278415543,
  "fwhm_x": 2.632925,
  "fwhm_y": 3.21282,
  "fwhm_z": 2.1212268352466292,
  "gcor": 0.00192252,
  "gsr_x": -0.0006997889722697437,
  "gsr_y": 0.04863772541284561,
  "provenance": {
    "md5sum": "28171be4ee42d2f4148bfd12da28a9c1",
    "settings": {
      "fd_thres": 0.2,
      "hmc_fsl": false
    },
    "software": "mriqc",
    "version": "0.10.0"
  },
  "size_t": 260,
  "size_x": 96,
  "size_y": 96,
  "size_z": 39,
  "snr": 4.623100995568275,
  "spacing_tr": 2.5,
  "spacing_x": 2.0,
  "spacing_y": 2.0,
  "spacing_z": 2.999999761581421,
  "summary_bg_k": 19.23148681857971,
  "summary_bg_mad": 12.037589073181152,
  "summary_bg_mean": 25.5329532623291,
  "summary_bg_median": 17.823076248168945,
  "summary_bg_n": 195263.0,
  "summary_bg_p05": 7.442307472229004,
  "summary_bg_p95": 62.31884460449217,
  "summary_bg_stdv": 24.077810287475586,
  "summary_fg_k": 2.0039318981025174,
  "summary_fg_mad": 54.274654388427734,
  "summary_fg_mean": 300.0319519042969,
  "summary_fg_median": 300.4461669921875,
  "summary_fg_n": 100474.0,
  "summary_fg_p05": 193.63961181640627,
  "summary_fg_p95": 399.33616333007797,
  "summary_fg_stdv": 64.9876937866211,
  "tsnr": 20.147987365722656
}