{
  "aor": 0.0005691538461538462,
  "aqi": 0.025112370000000002,
  "bids_meta": {
    "EchoTime": 0.03,
    "EffectiveEchoSpacing": 0.000370002,
    "FlipAngle": 90,
    "ImageType": [
      "ORIGINAL",
      "PRIMARY",
      "M",
      "ND",
      "NORM",
      "MOS"
    ],
    "MagneticFieldStrength": 3,
    "Manufacturer": "Siemens",
    "ManufacturersModelName": "TrioTim",
    "PhaseEncodingDirection": "j-",
    "PulseSequenceType": "Gradient Echo EPI",
    "RepetitionTime": 2.5,
    "SliceTiming": [
      0,
      1.2875,
      0.065,
      1.3525,
      0.13,
      1.415,
      0.1925,
      1.48,
      0.2575,
      1.545,
      0.3225,
      1.61,
      0.3875,
      1.6725,
      0.45,
      1.7375,
      0.515,
      1.8025,
      0.58,
      1.8675,
      0.6425,
      1.93,
      0.7075,
      1.995,
      0.7725,
      2.06,
      0.8375,
      2.1225,
      0.9,
      2.1875,
      0.965,
      2.2525,
      1.03,
      2.3175,
      1.095,
      2.38,
      1.1575,
      2.445,
      1.2225
    ],
    "TaskName": "Experimental Run 4",
    "modality": "bold",
    "subject_id": "01",
    "task_id": "run4"
  },
  "dummy_trs": 0,
  "dvars_nstd": 51.85551770737448,
  "dvars_std": 1.06865354007722,
  "dvars_vstd": 1.0028475252895754,
  "efc": 0.6100128442185229,
  "fber": 453.24365234375,
  "fd_mean": 0.06587735429653872,
  "fd_num": 4,
  "fd_perc": 1.5384615384615385,
  "fwhm_avg": 2.460343888888889,
  "fwhm_x": 2.455495,
  "fwhm_y": 2.95667,
  "fwhm_z": 1.9688666666666668,
  "gcor": 0.00549513,
  "gsr_x": -0.005177465733140707,
  "gsr_y": 0.029400361701846123,
  "provenance": {
    "md5sum": "c26d08352bbd57883f415c05565b0ad4",
    "settings": {
      "fd_thres": 0.2,
      "hmc_fsl": false
    },
    "software": "mriqc",
    "version": "0.10.0"
  },
  "size_t": 260,
  "size_x": 96,
  "size_y": 96,
  "size_z": 39,
  "snr": 4.717101830076073,
  "spacing_tr": 2.5,
  "spacing_x": 2.0,
  "spacing_y": 2.0,
  "spacing_z": 3.0,
  "summary_bg_k": 55.5398547817061,
  "summary_bg_mad": 10.412429809570312,
  "summary_bg_mean": 28.768922805786133,
  "summary_bg_median": 20.953845977783203,
  "summary_bg_n": 182910.0,
  "summary_bg_p05": 10.796154022216797,
  "summary_bg_p95": 61.40980682373042,
  "summary_bg_stdv": 31.25716209411621,
  "summary_fg_k": 2.851056581935583,
  "summary_fg_mad": 72.61900329589844,
  "summary_fg_mean": 466.3642578125,
  "summary_fg_median": 463.5384521484375,
  "summary_fg_n": 111483.0,
  "summary_fg_p05": 314.3584655761719,
  "summary_fg_p95": 626.2957580566406,
  "summary_fg_stdv": 98.26719665527344,
  "tsnr": 28.318675994873047
}