{
  "aor": 0.0012456538461538462,
  "aqi": 0.020172358076923073,
  "bids_meta": {
    "EchoTime": 0.03,
    "EffectiveEchoSpacing": 0.000390006,
    "FlipAngle": 90,
    "ImageType": [
      "ORIGINAL",
      "PRIMARY",
      "M",
      "ND",
      "NORM",
      "MOS"
    ],
    "MagneticFieldStrength": 3,
    "Manufacturer": "Siemens",
    "ManufacturersModelName": "TrioTim",
    "PhaseEncodingDirection": "j-",
    "PulseSequenceType": "Gradient Echo EPI",
    "RepetitionTime": 2.5,
    "SliceTiming": [
      0,
      1.2875,
      0.065,
      1.35,
      0.1275,
      1.415,
      0.1925,
      1.48,
      0.2575,
      1.545,
      0.32,
      1.6075,
      0.385,
      1.6725,
      0.45,
      1.7375,
      0.515,
      1.8,
      0.5775,
      1.865,
      0.6425,
      1.93,
      0.7075,
      1.995,
      0.7725,
      2.0575,
      0.835,
      2.1225,
      0.9,
      2.1875,
      0.965,
      2.2525,
      1.03,
      2.315,
      1.0925,
      2.38,
      1.1575,
      2.445,
      1.2225
    ],
    "TaskName": "Experimental Run 2",
    "modality": "bold",
    "subject_id": "16",
    "task_id": "run2"
  },
  "dummy_trs": 0,
  "dvars_nstd": 43.06202973169888,
  "dvars_std": 1.0627026608880312,
  "dvars_vstd": 1.0031380420077223,
  "efc": 0.5713305656825337,
  "fber": 943.2570190429688,
  "fd_mean": 0.17839047225057383,
  "fd_num": 65,
  "fd_perc": 25.0,
  "fwhm_avg": 2.6300860549078213,
  "fwhm_x": 2.6947,
  "fwhm_y": 3.073955,
  "fwhm_z": 2.1216031647234628,
  "gcor": 0.0055474,
  "gsr_x": 0.004017488099634647,
  "gsr_y": 0.023149851709604263,
  "provenance": {
    "md5sum": "b0cce05b895e0a69a5accf2a16f92e27",
    "settings": {
      "fd_thres": 0.2,
      "hmc_fsl": false
    },
    "software": "mriqc",
    "version": "0.10.0"
  },
  "size_t": 260,
  "size_x": 96,
  "size_y": 96,
  "size_z": 39,
  "snr": 5.137037471657636,
  "spacing_tr": 2.5,
  "spacing_x": 2.0,
  "spacing_y": 2.0,
  "spacing_z": 3.000000238418579,
  "summary_bg_k": 42.79327758733597,
  "summary_bg_mad": 6.477831840515137,
  "summary_bg_mean": 23.251483917236328,
  "summary_bg_median": 15.373077392578125,
  "summary_bg_n": 194917.0,
  "summary_bg_p05": 9.342308044433594,
  "summary_bg_p95": 63.74615478515625,
  "summary_bg_stdv": 26.417322158813477,
  "summary_fg_k": 2.7827664948288433,
  "summary_fg_mad": 74.93987274169922,
  "summary_fg_mean": 490.1528015136719,
  "summary_fg_median": 492.0884704589844,
  "summary_fg_n": 100999.0,
  "summary_fg_p05": 330.24884643554685,
  "summary_fg_p95": 632.7922973632812,
  "summary_fg_stdv": 95.79179382324219,
  "tsnr": 33.37200164794922
}