{
  "aor": 0.0005205696202531646,
  "aqi": 0.01815964651898734,
  "bids_meta": {
    "EchoTime": 0.03,
    "EffectiveEchoSpacing": 0.000390006,
    "FlipAngle": 90,
    "ImageType": [
      "ORIGINAL",
      "PRIMARY",
      "M",
      "ND",
      "NORM",
      "MOS"
    ],
    "MagneticFieldStrength": 3,
    "Manufacturer": "Siemens",
    "ManufacturersModelName": "TrioTim",
    "PhaseEncodingDirection": "j-",
    "PulseSequenceType": "Gradient Echo EPI",
    "RepetitionTime": 2.5,
    "SliceTiming": [
      0,
      1.2875,
      0.065,
      1.3525,
      0.1275,
      1.415,
      0.1925,
      1.48,
      0.2575,
      1.545,
      0.3225,
      1.6075,
      0.385,
      1.6725,
      0.45,
      1.7375,
      0.515,
      1.8025,
      0.58,
      1.865,
      0.6425,
      1.93,
      0.7075,
      1.995,
      0.7725,
      2.06,
      0.8375,
      2.1225,
      0.9,
      2.1875,
      0.965,
      2.2525,
      1.03,
      2.3175,
      1.095,
      2.38,
      1.1575,
      2.445,
      1.2225
    ],
    "TaskName": "Localizer",
    "modality": "bold",
    "subject_id": "17",
    "task_id": "localizer"
  },
  "dummy_trs": 0,
  "dvars_nstd": 44.4308885000635,
  "dvars_std": 1.1153824449523813,
  "dvars_vstd": 1.0007387836190471,
  "efc": 0.595216274997782,
  "fber": 738.555908203125,
  "fd_mean": 0.059552691788506765,
  "fd_num": 6,
  "fd_perc": 1.8987341772151898,
  "fwhm_avg": 2.61886,
  "fwhm_x": 2.579555,
  "fwhm_y": 3.132425,
  "fwhm_z": 2.1446,
  "gcor": 0.00372732,
  "gsr_x": -0.005664642434567213,
  "gsr_y": 0.03411314636468887,
  "provenance": {
    "md5sum": "11cfbe5c8c1cf4e9f07e06ed06a60958",
    "settings": {
      "fd_thres": 0.2,
      "hmc_fsl": false
    },
    "software": "mriqc",
    "version": "0.10.0"
  },
  "size_t": 316,
  "size_x": 96,
  "size_y": 96,
  "size_z": 39,
  "snr": 5.114402968777226,
  "spacing_tr": 2.5,
  "spacing_x": 2.0,
  "spacing_y": 2.0,
  "spacing_z": 3.0,
  "summary_bg_k": 38.18133547816262,
  "summary_bg_mad": 5.658286094665527,
  "summary_bg_mean": 17.2011775970459,
  "summary_bg_median": 10.857595443725586,
  "summary_bg_n": 188189.0,
  "summary_bg_p05": 5.674050807952881,
  "summary_bg_p95": 45.836076354980506,
  "summary_bg_stdv": 21.751680374145508,
  "summary_fg_k": 2.504626982778765,
  "summary_fg_mad": 47.649681091308594,
  "summary_fg_mean": 309.3635559082031,
  "summary_fg_median": 307.3417663574219,
  "summary_fg_n": 108977.0,
  "summary_fg_p05": 218.13417968750002,
  "summary_fg_p95": 411.24114379882815,
  "summary_fg_stdv": 60.09310531616211,
  "tsnr": 34.1790657043457
}