{
  "aor": 0.0011686923076923079,
  "aqi": 0.04433753192307693,
  "bids_meta": {
    "EchoTime": 0.03,
    "EffectiveEchoSpacing": 0.000370002,
    "FlipAngle": 90,
    "ImageType": [
      "ORIGINAL",
      "PRIMARY",
      "M",
      "ND",
      "NORM",
      "MOS"
    ],
    "MagneticFieldStrength": 3,
    "Manufacturer": "Siemens",
    "ManufacturersModelName": "TrioTim",
    "PhaseEncodingDirection": "j-",
    "PulseSequenceType": "Gradient Echo EPI",
    "RepetitionTime": 2.5,
    "SliceTiming": [
      0,
      1.2875,
      0.065,
      1.3525,
      0.13,
      1.415,
      0.1925,
      1.48,
      0.2575,
      1.545,
      0.3225,
      1.61,
      0.3875,
      1.6725,
      0.45,
      1.7375,
      0.515,
      1.8025,
      0.58,
      1.8675,
      0.645,
      1.93,
      0.7075,
      1.995,
      0.7725,
      2.06,
      0.8375,
      2.125,
      0.9025,
      2.1875,
      0.965,
      2.2525,
      1.03,
      2.3175,
      1.095,
      2.3825,
      1.16,
      2.445,
      1.2225
    ],
    "TaskName": "Experimental Run 3",
    "modality": "bold",
    "subject_id": "08",
    "task_id": "run3"
  },
  "dummy_trs": 0,
  "dvars_nstd": 47.770728726138984,
  "dvars_std": 1.0637551696911205,
  "dvars_vstd": 0.9913813339382239,
  "efc": 0.5481214532318217,
  "fber": 665.1260375976562,
  "fd_mean": 0.10120344660101743,
  "fd_num": 24,
  "fd_perc": 9.23076923076923,
  "fwhm_avg": 2.660718888888889,
  "fwhm_x": 2.685695,
  "fwhm_y": 3.103825,
  "fwhm_z": 2.1926366666666666,
  "gcor": 0.00905933,
  "gsr_x": 0.009929056279361248,
  "gsr_y": 0.01802453026175499,
  "provenance": {
    "md5sum": "f13d82df0a768de029804bdf0612d9d2",
    "settings": {
      "fd_thres": 0.2,
      "hmc_fsl": false
    },
    "software": "mriqc",
    "version": "0.10.0"
  },
  "size_t": 260,
  "size_x": 96,
  "size_y": 96,
  "size_z": 39,
  "snr": 5.599115801353498,
  "spacing_tr": 2.5,
  "spacing_x": 2.0,
  "spacing_y": 2.0,
  "spacing_z": 3.0,
  "summary_bg_k": 34.686773720978614,
  "summary_bg_mad": 11.735366821289062,
  "summary_bg_mean": 35.3457145690918,
  "summary_bg_median": 21.846153259277344,
  "summary_bg_n": 216221.0,
  "summary_bg_p05": 10.915384292602539,
  "summary_bg_p95": 98.91922760009766,
  "summary_bg_stdv": 47.73236083984375,
  "summary_fg_k": 4.47384745241429,
  "summary_fg_mad": 74.34104919433594,
  "summary_fg_mean": 570.4921264648438,
  "summary_fg_median": 578.9192504882812,
  "summary_fg_n": 82277.0,
  "summary_fg_p05": 394.283837890625,
  "summary_fg_p95": 710.2707641601562,
  "summary_fg_stdv": 103.39413452148438,
  "tsnr": 25.298288345336914
}