{
  "aor": 0.0004223461538461538,
  "aqi": 0.021746276923076922,
  "bids_meta": {
    "EchoTime": 0.03,
    "EffectiveEchoSpacing": 0.000370002,
    "FlipAngle": 90,
    "ImageType": [
      "ORIGINAL",
      "PRIMARY",
      "M",
      "ND",
      "NORM",
      "MOS"
    ],
    "MagneticFieldStrength": 3,
    "Manufacturer": "Siemens",
    "ManufacturersModelName": "TrioTim",
    "PhaseEncodingDirection": "j-",
    "PulseSequenceType": "Gradient Echo EPI",
    "RepetitionTime": 2.5,
    "SliceTiming": [
      0,
      1.2875,
      0.065,
      1.3525,
      0.13,
      1.4175,
      0.195,
      1.48,
      0.2575,
      1.545,
      0.3225,
      1.61,
      0.3875,
      1.675,
      0.4525,
      1.7375,
      0.515,
      1.8025,
      0.58,
      1.8675,
      0.645,
      1.9325,
      0.7075,
      1.995,
      0.7725,
      2.06,
      0.8375,
      2.125,
      0.9025,
      2.1875,
      0.965,
      2.2525,
      1.03,
      2.3175,
      1.095,
      2.3825,
      1.16,
      2.445,
      1.2225
    ],
    "TaskName": "Experimental Run 3",
    "modality": "bold",
    "subject_id": "06",
    "task_id": "run3"
  },
  "dummy_trs": 0,
  "dvars_nstd": 47.01697921787644,
  "dvars_std": 1.0840516010810803,
  "dvars_vstd": 0.998451147992277,
  "efc": 0.5903073027529022,
  "fber": 585.42724609375,
  "fd_mean": 0.1099514878560794,
  "fd_num": 7,
  "fd_perc": 2.6923076923076925,
  "fwhm_avg": 2.4873844444444444,
  "fwhm_x": 2.497985,
  "fwhm_y": 2.932345,
  "fwhm_z": 2.031823333333333,
  "gcor": 0.0110269,
  "gsr_x": -0.0018589942483231425,
  "gsr_y": 0.031088965013623238,
  "provenance": {
    "md5sum": "6fc298b4be8e9634b166a1c263252997",
    "settings": {
      "fd_thres": 0.2,
      "hmc_fsl": false
    },
    "software": "mriqc",
    "version": "0.10.0"
  },
  "size_t": 260,
  "size_x": 96,
  "size_y": 96,
  "size_z": 39,
  "snr": 5.410596270861619,
  "spacing_tr": 2.5,
  "spacing_x": 2.0,
  "spacing_y": 2.0,
  "spacing_z": 3.0,
  "summary_bg_k": 65.83728834597584,
  "summary_bg_mad": 9.608404159545898,
  "summary_bg_mean": 27.529489517211914,
  "summary_bg_median": 18.676923751831055,
  "summary_bg_n": 192477.0,
  "summary_bg_p05": 9.703845977783203,
  "summary_bg_p95": 68.43153991699212,
  "summary_bg_stdv": 34.82950973510742,
  "summary_fg_k": 2.8197999783393497,
  "summary_fg_mad": 72.59335327148438,
  "summary_fg_mean": 470.548095703125,
  "summary_fg_median": 470.0480651855469,
  "summary_fg_n": 103696.0,
  "summary_fg_p05": 336.77210998535156,
  "summary_fg_p95": 601.9932708740234,
  "summary_fg_stdv": 86.87504577636719,
  "tsnr": 32.08012771606445
}