{
	"Manufacturer": "Siemens",
	"TaskName": "Experimental Run 4",
	"PulseSequenceType": "Gradient Echo EPI",
	"ManufacturersModelName": "TrioTim",
	"ImageType": ["ORIGINAL", "PRIMARY", "M", "ND", "NORM", "MOS"],
	"MagneticFieldStrength": 3,
	"FlipAngle": 90,
	"EchoTime": 0.03,
	"RepetitionTime": 2.5,
	"EffectiveEchoSpacing": 0.000370002,
	"SliceTiming": [
		0,
		1.285,
		0.0625,
		1.35,
		0.1275,
		1.415,
		0.1925,
		1.48,
		0.255,
		1.5425,
		0.32,
		1.6075,
		0.385,
		1.6725,
		0.45,
		1.735,
		0.5125,
		1.8,
		0.5775,
		1.865,
		0.6425,
		1.93,
		0.7075,
		1.9925,
		0.77,
		2.0575,
		0.835,
		2.1225,
		0.9,
		2.1875,
		0.965,
		2.25,
		1.0275,
		2.315,
		1.0925,
		2.38,
		1.1575,
		2.445,
		1.2225	],
	"PhaseEncodingDirection": "j-"
}
