{
	"Manufacturer": "Siemens",
	"TaskName": "Experimental Run 1",
	"PulseSequenceType": "Gradient Echo EPI",
	"ManufacturersModelName": "TrioTim",
	"ImageType": ["ORIGINAL", "PRIMARY", "M", "ND", "NORM", "MOS"],
	"MagneticFieldStrength": 3,
	"FlipAngle": 90,
	"EchoTime": 0.03,
	"RepetitionTime": 2.5,
	"EffectiveEchoSpacing": 0.000370002,
	"SliceTiming": [
		0,
		1.2875,
		0.065,
		1.3525,
		0.13,
		1.4175,
		0.195,
		1.48,
		0.2575,
		1.545,
		0.3225,
		1.61,
		0.3875,
		1.675,
		0.45,
		1.7375,
		0.515,
		1.8025,
		0.58,
		1.8675,
		0.645,
		1.93,
		0.7075,
		1.995,
		0.7725,
		2.06,
		0.8375,
		2.125,
		0.9025,
		2.1875,
		0.965,
		2.2525,
		1.03,
		2.3175,
		1.095,
		2.3825,
		1.16,
		2.445,
		1.2225	],
	"PhaseEncodingDirection": "j-"
}
