{
	"Manufacturer": "Siemens",
	"TaskName": "Experimental Run 2",
	"PulseSequenceType": "Gradient Echo EPI",
	"ManufacturersModelName": "TrioTim",
	"ImageType": ["ORIGINAL", "PRIMARY", "M", "ND", "NORM", "MOS"],
	"MagneticFieldStrength": 3,
	"FlipAngle": 90,
	"EchoTime": 0.03,
	"RepetitionTime": 2.5,
	"EffectiveEchoSpacing": 0.000390006,
	"SliceTiming": [
		0,
		1.2875,
		0.065,
		1.3525,
		0.1275,
		1.415,
		0.1925,
		1.48,
		0.2575,
		1.545,
		0.3225,
		1.6075,
		0.385,
		1.6725,
		0.45,
		1.7375,
		0.515,
		1.8025,
		0.58,
		1.865,
		0.6425,
		1.93,
		0.7075,
		1.995,
		0.7725,
		2.06,
		0.8375,
		2.1225,
		0.9,
		2.1875,
		0.965,
		2.2525,
		1.03,
		2.3175,
		1.095,
		2.38,
		1.1575,
		2.445,
		1.2225	],
	"PhaseEncodingDirection": "j-"
}
