{
  "aor": 0.0004252307692307692,
  "aqi": 0.032821143076923076,
  "bids_meta": {
    "EchoTime": 0.03,
    "EffectiveEchoSpacing": 0.000370002,
    "FlipAngle": 90,
    "ImageType": [
      "ORIGINAL",
      "PRIMARY",
      "M",
      "ND",
      "NORM",
      "MOS"
    ],
    "MagneticFieldStrength": 3,
    "Manufacturer": "Siemens",
    "ManufacturersModelName": "TrioTim",
    "PhaseEncodingDirection": "j-",
    "PulseSequenceType": "Gradient Echo EPI",
    "RepetitionTime": 2.5,
    "SliceTiming": [
      0,
      1.2875,
      0.065,
      1.3525,
      0.13,
      1.4175,
      0.195,
      1.48,
      0.2575,
      1.545,
      0.3225,
      1.61,
      0.3875,
      1.675,
      0.4525,
      1.7375,
      0.515,
      1.8025,
      0.58,
      1.8675,
      0.645,
      1.9325,
      0.71,
      1.995,
      0.7725,
      2.06,
      0.8375,
      2.125,
      0.9025,
      2.19,
      0.965,
      2.2525,
      1.03,
      2.3175,
      1.095,
      2.3825,
      1.16,
      2.445,
      1.2225
    ],
    "TaskName": "Experimental Run 2",
    "modality": "bold",
    "subject_id": "14",
    "task_id": "run2"
  },
  "dummy_trs": 0,
  "dvars_nstd": 63.759458799343626,
  "dvars_std": 1.05224401046332,
  "dvars_vstd": 1.00254657953668,
  "efc": 0.612767810147322,
  "fber": 262.9080810546875,
  "fd_mean": 0.13234798599459627,
  "fd_num": 30,
  "fd_perc": 11.538461538461538,
  "fwhm_avg": 2.5940978329169355,
  "fwhm_x": 2.566525,
  "fwhm_y": 3.134335,
  "fwhm_z": 2.0814334987508056,
  "gcor": 0.00175038,
  "gsr_x": -0.0008003428229130805,
  "gsr_y": 0.04816683381795883,
  "provenance": {
    "md5sum": "ac84555de1f4c6de64f755fff4fa87fc",
    "settings": {
      "fd_thres": 0.2,
      "hmc_fsl": false
    },
    "software": "mriqc",
    "version": "0.10.0"
  },
  "size_t": 260,
  "size_x": 96,
  "size_y": 96,
  "size_z": 39,
  "snr": 4.704937469949535,
  "spacing_tr": 2.5,
  "spacing_x": 2.0,
  "spacing_y": 2.0,
  "spacing_z": 2.999999761581421,
  "summary_bg_k": 18.735935550063218,
  "summary_bg_mad": 11.93494701385498,
  "summary_bg_mean": 25.596609115600586,
  "summary_bg_median": 17.7730770111084,
  "summary_bg_n": 195453.0,
  "summary_bg_p05": 7.588461399078369,
  "summary_bg_p95": 62.75538482666013,
  "summary_bg_stdv": 24.065937042236328,
  "summary_fg_k": 2.0164893845466043,
  "summary_fg_mad": 53.54475402832031,
  "summary_fg_mean": 299.77630615234375,
  "summary_fg_median": 300.04998779296875,
  "summary_fg_n": 100309.0,
  "summary_fg_p05": 196.31692199707032,
  "summary_fg_p95": 397.82155151367186,
  "summary_fg_stdv": 63.773109436035156,
  "tsnr": 21.29425048828125
}