{
  "aor": 0.003427576923076923,
  "aqi": 0.022706730384615386,
  "bids_meta": {
    "EchoTime": 0.03,
    "EffectiveEchoSpacing": 0.000390006,
    "FlipAngle": 90,
    "ImageType": [
      "ORIGINAL",
      "PRIMARY",
      "M",
      "ND",
      "NORM",
      "MOS"
    ],
    "MagneticFieldStrength": 3,
    "Manufacturer": "Siemens",
    "ManufacturersModelName": "TrioTim",
    "PhaseEncodingDirection": "j-",
    "PulseSequenceType": "Gradient Echo EPI",
    "RepetitionTime": 2.5,
    "SliceTiming": [
      0,
      1.2875,
      0.065,
      1.3525,
      0.13,
      1.4175,
      0.195,
      1.48,
      0.2575,
      1.545,
      0.3225,
      1.61,
      0.3875,
      1.675,
      0.4525,
      1.7375,
      0.515,
      1.8025,
      0.58,
      1.8675,
      0.645,
      1.9325,
      0.71,
      1.995,
      0.7725,
      2.06,
      0.8375,
      2.125,
      0.9025,
      2.19,
      0.9675,
      2.2525,
      1.03,
      2.3175,
      1.095,
      2.3825,
      1.16,
      2.4475,
      1.225
    ],
    "TaskName": "Experimental Run 2",
    "modality": "bold",
    "subject_id": "17",
    "task_id": "run2"
  },
  "dummy_trs": 0,
  "dvars_nstd": 48.76840435324325,
  "dvars_std": 1.1386708167567567,
  "dvars_vstd": 1.0453154922779921,
  "efc": 0.5934433199882082,
  "fber": 736.2152099609375,
  "fd_mean": 0.19302671925348272,
  "fd_num": 90,
  "fd_perc": 34.61538461538461,
  "fwhm_avg": 2.6079755555555555,
  "fwhm_x": 2.573285,
  "fwhm_y": 3.125785,
  "fwhm_z": 2.1248566666666666,
  "gcor": 0.0144497,
  "gsr_x": -0.003928801976144314,
  "gsr_y": 0.03810669481754303,
  "provenance": {
    "md5sum": "b0baeff850c38b42e69addf1e83c90d6",
    "settings": {
      "fd_thres": 0.2,
      "hmc_fsl": false
    },
    "software": "mriqc",
    "version": "0.10.0"
  },
  "size_t": 260,
  "size_x": 96,
  "size_y": 96,
  "size_z": 39,
  "snr": 5.004308506872574,
  "spacing_tr": 2.5,
  "spacing_x": 2.0,
  "spacing_y": 2.0,
  "spacing_z": 3.0,
  "summary_bg_k": 35.41585810078328,
  "summary_bg_mad": 5.542651653289795,
  "summary_bg_mean": 17.249420166015625,
  "summary_bg_median": 10.784615516662598,
  "summary_bg_n": 189506.0,
  "summary_bg_p05": 5.726922988891602,
  "summary_bg_p95": 47.43365478515625,
  "summary_bg_stdv": 21.638654708862305,
  "summary_fg_k": 2.6257678133694577,
  "summary_fg_mad": 46.82173538208008,
  "summary_fg_mean": 307.2106018066406,
  "summary_fg_median": 304.99615478515625,
  "summary_fg_n": 107724.0,
  "summary_fg_p05": 214.9973083496094,
  "summary_fg_p95": 410.5449890136718,
  "summary_fg_stdv": 60.94643020629883,
  "tsnr": 30.28884506225586
}