{
  "aor": 0.0005604615384615385,
  "aqi": 0.024951547692307695,
  "bids_meta": {
    "EchoTime": 0.03,
    "EffectiveEchoSpacing": 0.000390006,
    "FlipAngle": 90,
    "ImageType": [
      "ORIGINAL",
      "PRIMARY",
      "M",
      "ND",
      "NORM",
      "MOS"
    ],
    "MagneticFieldStrength": 3,
    "Manufacturer": "Siemens",
    "ManufacturersModelName": "TrioTim",
    "PhaseEncodingDirection": "j-",
    "PulseSequenceType": "Gradient Echo EPI",
    "RepetitionTime": 2.5,
    "SliceTiming": [
      0,
      1.2875,
      0.065,
      1.35,
      0.1275,
      1.415,
      0.1925,
      1.48,
      0.2575,
      1.545,
      0.3225,
      1.6075,
      0.385,
      1.6725,
      0.45,
      1.7375,
      0.515,
      1.8025,
      0.5775,
      1.865,
      0.6425,
      1.93,
      0.7075,
      1.995,
      0.7725,
      2.0575,
      0.835,
      2.1225,
      0.9,
      2.1875,
      0.965,
      2.2525,
      1.03,
      2.315,
      1.0925,
      2.38,
      1.1575,
      2.445,
      1.2225
    ],
    "TaskName": "Experimental Run 3",
    "modality": "bold",
    "subject_id": "16",
    "task_id": "run3"
  },
  "dummy_trs": 0,
  "dvars_nstd": 42.118883140308846,
  "dvars_std": 1.0345574977606173,
  "dvars_vstd": 0.9781099900000005,
  "efc": 0.5726450494376119,
  "fber": 923.2020263671875,
  "fd_mean": 0.1829786007888608,
  "fd_num": 79,
  "fd_perc": 30.384615384615383,
  "fwhm_avg": 2.6447710547351,
  "fwhm_x": 2.71545,
  "fwhm_y": 3.09074,
  "fwhm_z": 2.1281231642052996,
  "gcor": 0.00492147,
  "gsr_x": 0.0025356286205351353,
  "gsr_y": 0.02313143201172352,
  "provenance": {
    "md5sum": "a78b39ca076f59e8240ed3fc70cbc7d3",
    "settings": {
      "fd_thres": 0.2,
      "hmc_fsl": false
    },
    "software": "mriqc",
    "version": "0.10.0"
  },
  "size_t": 260,
  "size_x": 96,
  "size_y": 96,
  "size_z": 39,
  "snr": 5.1382486440295425,
  "spacing_tr": 2.5,
  "spacing_x": 2.0,
  "spacing_y": 2.0,
  "spacing_z": 3.000000238418579,
  "summary_bg_k": 42.397246490821594,
  "summary_bg_mad": 6.688817024230957,
  "summary_bg_mean": 23.704660415649414,
  "summary_bg_median": 15.573077201843262,
  "summary_bg_n": 194392.0,
  "summary_bg_p05": 9.376923561096191,
  "summary_bg_p95": 65.55769348144531,
  "summary_bg_stdv": 27.108633041381836,
  "summary_fg_k": 2.7024318232283964,
  "summary_fg_mad": 74.83720397949219,
  "summary_fg_mean": 490.2679138183594,
  "summary_fg_median": 491.9673156738281,
  "summary_fg_n": 101170.0,
  "summary_fg_p05": 332.04998779296875,
  "summary_fg_p95": 633.9157897949218,
  "summary_fg_stdv": 95.74563598632812,
  "tsnr": 31.62424087524414
}