{
  "aor": 0.0010914615384615385,
  "aqi": 0.02346888730769231,
  "bids_meta": {
    "EchoTime": 0.03,
    "EffectiveEchoSpacing": 0.000370002,
    "FlipAngle": 90,
    "ImageType": [
      "ORIGINAL",
      "PRIMARY",
      "M",
      "ND",
      "NORM",
      "MOS"
    ],
    "MagneticFieldStrength": 3,
    "Manufacturer": "Siemens",
    "ManufacturersModelName": "TrioTim",
    "PhaseEncodingDirection": "j-",
    "PulseSequenceType": "Gradient Echo EPI",
    "RepetitionTime": 2.5,
    "SliceTiming": [
      0,
      1.2875,
      0.065,
      1.35,
      0.1275,
      1.415,
      0.1925,
      1.48,
      0.2575,
      1.545,
      0.3225,
      1.6075,
      0.385,
      1.6725,
      0.45,
      1.7375,
      0.515,
      1.8025,
      0.58,
      1.865,
      0.6425,
      1.93,
      0.7075,
      1.995,
      0.7725,
      2.06,
      0.8375,
      2.1225,
      0.9,
      2.1875,
      0.965,
      2.2525,
      1.03,
      2.3175,
      1.095,
      2.38,
      1.1575,
      2.445,
      1.2225
    ],
    "TaskName": "Experimental Run 3",
    "modality": "bold",
    "subject_id": "09",
    "task_id": "run3"
  },
  "dummy_trs": 0,
  "dvars_nstd": 46.479334047220064,
  "dvars_std": 1.0689846550965256,
  "dvars_vstd": 1.0133120930501929,
  "efc": 0.5817661507277525,
  "fber": 598.8687744140625,
  "fd_mean": 0.13508167388079967,
  "fd_num": 48,
  "fd_perc": 18.46153846153846,
  "fwhm_avg": 2.5158227777777777,
  "fwhm_x": 2.546525,
  "fwhm_y": 2.92627,
  "fwhm_z": 2.0746733333333336,
  "gcor": 0.00747888,
  "gsr_x": 0.0039622667245566845,
  "gsr_y": 0.028238041326403618,
  "provenance": {
    "md5sum": "f16605c69c4a8973a8148c4e175703e0",
    "settings": {
      "fd_thres": 0.2,
      "hmc_fsl": false
    },
    "software": "mriqc",
    "version": "0.10.0"
  },
  "size_t": 260,
  "size_x": 96,
  "size_y": 96,
  "size_z": 39,
  "snr": 5.361783786822266,
  "spacing_tr": 2.5,
  "spacing_x": 2.0,
  "spacing_y": 2.0,
  "spacing_z": 3.0,
  "summary_bg_k": 37.575758381128644,
  "summary_bg_mad": 11.279180526733398,
  "summary_bg_mean": 31.521560668945312,
  "summary_bg_median": 20.53461456298828,
  "summary_bg_n": 196983.0,
  "summary_bg_p05": 10.311538696289062,
  "summary_bg_p95": 83.35384368896484,
  "summary_bg_stdv": 39.16722869873047,
  "summary_fg_k": 3.075653992107007,
  "summary_fg_mad": 79.38197326660156,
  "summary_fg_mean": 522.2890014648438,
  "summary_fg_median": 523.4730834960938,
  "summary_fg_n": 99218.0,
  "summary_fg_p05": 371.68402404785155,
  "summary_fg_p95": 668.9896179199219,
  "summary_fg_stdv": 97.6299057006836,
  "tsnr": 30.14334487915039
}