{
  "aor": 0.0014628481012658229,
  "aqi": 0.03446133196202531,
  "bids_meta": {
    "EchoTime": 0.03,
    "EffectiveEchoSpacing": 0.000390006,
    "FlipAngle": 90,
    "ImageType": [
      "ORIGINAL",
      "PRIMARY",
      "M",
      "ND",
      "NORM",
      "MOS"
    ],
    "MagneticFieldStrength": 3,
    "Manufacturer": "Siemens",
    "ManufacturersModelName": "TrioTim",
    "PhaseEncodingDirection": "j-",
    "PulseSequenceType": "Gradient Echo EPI",
    "RepetitionTime": 2.5,
    "SliceTiming": [
      0,
      1.285,
      0.0625,
      1.35,
      0.1275,
      1.415,
      0.1925,
      1.48,
      0.2575,
      1.5425,
      0.32,
      1.6075,
      0.385,
      1.6725,
      0.45,
      1.7375,
      0.5125,
      1.8,
      0.5775,
      1.865,
      0.6425,
      1.93,
      0.7075,
      1.9925,
      0.77,
      2.0575,
      0.835,
      2.1225,
      0.9,
      2.1875,
      0.965,
      2.25,
      1.0275,
      2.315,
      1.0925,
      2.38,
      1.1575,
      2.445,
      1.2225
    ],
    "TaskName": "Localizer",
    "modality": "bold",
    "subject_id": "16",
    "task_id": "localizer"
  },
  "dummy_trs": 0,
  "dvars_nstd": 44.19699065200002,
  "dvars_std": 1.0066593736507943,
  "dvars_vstd": 0.9697457515555559,
  "efc": 0.5729769492639812,
  "fber": 918.6993408203125,
  "fd_mean": 0.2709782346688243,
  "fd_num": 181,
  "fd_perc": 57.278481012658226,
  "fwhm_avg": 2.6830071664988595,
  "fwhm_x": 2.764615,
  "fwhm_y": 3.18092,
  "fwhm_z": 2.1034864994965794,
  "gcor": 0.00662248,
  "gsr_x": 0.0022208078298717737,
  "gsr_y": 0.0228852778673172,
  "provenance": {
    "md5sum": "6bd2d7fe139c4dafcdba0cda0456bb15",
    "settings": {
      "fd_thres": 0.2,
      "hmc_fsl": false
    },
    "software": "mriqc",
    "version": "0.10.0"
  },
  "size_t": 316,
  "size_x": 96,
  "size_y": 96,
  "size_z": 39,
  "snr": 5.195627140300616,
  "spacing_tr": 2.5,
  "spacing_x": 2.0,
  "spacing_y": 2.0,
  "spacing_z": 3.000000238418579,
  "summary_bg_k": 42.24354358558742,
  "summary_bg_mad": 6.798388957977295,
  "summary_bg_mean": 23.95726203918457,
  "summary_bg_median": 15.71202564239502,
  "summary_bg_n": 194292.0,
  "summary_bg_p05": 9.430379867553711,
  "summary_bg_p95": 66.0788002014159,
  "summary_bg_stdv": 27.100929260253906,
  "summary_fg_k": 2.655985204344695,
  "summary_fg_mad": 74.0198974609375,
  "summary_fg_mean": 489.7144775390625,
  "summary_fg_median": 491.1708984375,
  "summary_fg_n": 101220.0,
  "summary_fg_p05": 333.1449371337891,
  "summary_fg_p95": 631.7503173828125,
  "summary_fg_stdv": 94.53497314453125,
  "tsnr": 27.601503372192383
}