{
  "aor": 0.0005691153846153847,
  "aqi": 0.031278839999999995,
  "bids_meta": {
    "EchoTime": 0.03,
    "EffectiveEchoSpacing": 0.000370002,
    "FlipAngle": 90,
    "ImageType": [
      "ORIGINAL",
      "PRIMARY",
      "M",
      "ND",
      "NORM",
      "MOS"
    ],
    "MagneticFieldStrength": 3,
    "Manufacturer": "Siemens",
    "ManufacturersModelName": "TrioTim",
    "PhaseEncodingDirection": "j-",
    "PulseSequenceType": "Gradient Echo EPI",
    "RepetitionTime": 2.5,
    "SliceTiming": [
      0,
      1.285,
      0.0625,
      1.35,
      0.1275,
      1.415,
      0.1925,
      1.48,
      0.2575,
      1.5425,
      0.32,
      1.6075,
      0.385,
      1.6725,
      0.45,
      1.7375,
      0.515,
      1.8,
      0.5775,
      1.865,
      0.6425,
      1.93,
      0.7075,
      1.995,
      0.77,
      2.0575,
      0.835,
      2.1225,
      0.9,
      2.1875,
      0.965,
      2.25,
      1.0275,
      2.315,
      1.0925,
      2.38,
      1.1575,
      2.445,
      1.2225
    ],
    "TaskName": "Experimental Run 2",
    "modality": "bold",
    "subject_id": "05",
    "task_id": "run2"
  },
  "dummy_trs": 0,
  "dvars_nstd": 53.71943836861,
  "dvars_std": 1.045415247258688,
  "dvars_vstd": 1.0018077676447874,
  "efc": 0.6183804380379018,
  "fber": 410.04718017578125,
  "fd_mean": 0.11644683003916755,
  "fd_num": 28,
  "fd_perc": 10.76923076923077,
  "fwhm_avg": 2.5481028334433105,
  "fwhm_x": 2.482185,
  "fwhm_y": 3.06082,
  "fwhm_z": 2.101303500329932,
  "gcor": 0.0091845,
  "gsr_x": -0.007680154871195555,
  "gsr_y": 0.04351288825273514,
  "provenance": {
    "md5sum": "59117f85a06aef788edd27836b1d4733",
    "settings": {
      "fd_thres": 0.2,
      "hmc_fsl": false
    },
    "software": "mriqc",
    "version": "0.10.0"
  },
  "size_t": 260,
  "size_x": 96,
  "size_y": 96,
  "size_z": 39,
  "snr": 5.245087024812207,
  "spacing_tr": 2.5,
  "spacing_x": 2.0,
  "spacing_y": 2.0,
  "spacing_z": 2.999999761581421,
  "summary_bg_k": 45.00147728637727,
  "summary_bg_mad": 9.066683769226074,
  "summary_bg_mean": 24.289997100830078,
  "summary_bg_median": 17.419231414794922,
  "summary_bg_n": 181885.0,
  "summary_bg_p05": 8.973076820373535,
  "summary_bg_p95": 53.94923171997066,
  "summary_bg_stdv": 25.234031677246094,
  "summary_fg_k": 3.142770563332016,
  "summary_fg_mad": 55.896949768066406,
  "summary_fg_mean": 369.2763671875,
  "summary_fg_median": 369.4365234375,
  "summary_fg_n": 113128.0,
  "summary_fg_p05": 263.1744110107422,
  "summary_fg_p95": 474.7011657714843,
  "summary_fg_stdv": 70.43446350097656,
  "tsnr": 26.102832794189453
}