{
  "aor": 0.0004856645569620253,
  "aqi": 0.02461179715189873,
  "bids_meta": {
    "EchoTime": 0.03,
    "EffectiveEchoSpacing": 0.000370002,
    "FlipAngle": 90,
    "ImageType": [
      "ORIGINAL",
      "PRIMARY",
      "M",
      "ND",
      "NORM",
      "MOS"
    ],
    "MagneticFieldStrength": 3,
    "Manufacturer": "Siemens",
    "ManufacturersModelName": "TrioTim",
    "PhaseEncodingDirection": "j-",
    "PulseSequenceType": "Gradient Echo EPI",
    "RepetitionTime": 2.5,
    "SliceTiming": [
      0,
      1.2875,
      0.065,
      1.3525,
      0.13,
      1.415,
      0.1925,
      1.48,
      0.2575,
      1.545,
      0.3225,
      1.61,
      0.3875,
      1.6725,
      0.45,
      1.7375,
      0.515,
      1.8025,
      0.58,
      1.8675,
      0.645,
      1.93,
      0.7075,
      1.995,
      0.7725,
      2.06,
      0.8375,
      2.125,
      0.9025,
      2.1875,
      0.965,
      2.2525,
      1.03,
      2.3175,
      1.095,
      2.3825,
      1.16,
      2.445,
      1.2225
    ],
    "TaskName": "Localizer",
    "modality": "bold",
    "subject_id": "09",
    "task_id": "localizer"
  },
  "dummy_trs": 0,
  "dvars_nstd": 45.964605664571415,
  "dvars_std": 1.0642291037777785,
  "dvars_vstd": 0.9909824223492071,
  "efc": 0.5808416317600353,
  "fber": 599.1871337890625,
  "fd_mean": 0.09050227478035561,
  "fd_num": 27,
  "fd_perc": 8.544303797468354,
  "fwhm_avg": 2.52102,
  "fwhm_x": 2.550025,
  "fwhm_y": 2.933065,
  "fwhm_z": 2.07997,
  "gcor": 0.00743955,
  "gsr_x": 0.0017675072886049747,
  "gsr_y": 0.02738317847251892,
  "provenance": {
    "md5sum": "6ecf56ea39efb4c1c4c31669f46e3dee",
    "settings": {
      "fd_thres": 0.2,
      "hmc_fsl": false
    },
    "software": "mriqc",
    "version": "0.10.0"
  },
  "size_t": 316,
  "size_x": 96,
  "size_y": 96,
  "size_z": 39,
  "snr": 5.308149018555312,
  "spacing_tr": 2.5,
  "spacing_x": 2.0,
  "spacing_y": 2.0,
  "spacing_z": 3.0,
  "summary_bg_k": 40.64479908318008,
  "summary_bg_mad": 10.678489685058594,
  "summary_bg_mean": 31.234464645385742,
  "summary_bg_median": 20.382911682128906,
  "summary_bg_n": 196975.0,
  "summary_bg_p05": 10.661392211914062,
  "summary_bg_p95": 80.94303894042969,
  "summary_bg_stdv": 39.348785400390625,
  "summary_fg_k": 3.216720917177624,
  "summary_fg_mad": 79.26763916015625,
  "summary_fg_mean": 521.9080200195312,
  "summary_fg_median": 523.0316772460938,
  "summary_fg_n": 99425.0,
  "summary_fg_p05": 371.26392822265626,
  "summary_fg_p95": 668.7392822265623,
  "summary_fg_stdv": 98.5332260131836,
  "tsnr": 29.854644775390625
}